STORAGE: NONE
STRATEGY: MAX
RESTRICTION: || (== net40) (== net461) (== netstandard2.0)
NUGET
  remote: https://api.nuget.org/v3/index.json
    AForge (2.2.5)
    AForge.Imaging (2.2.5)
      AForge (>= 2.2.5)
      AForge.Math (>= 2.2.5)
    AForge.Math (2.2.5)
      AForge (>= 2.2.5)
    AForge.Video (2.2.5)
      AForge (>= 2.2.5)
    AppDomainToolkit (1.0.4.3)
    AutoMapper (3.3.1)
    CommandLineParser (1.9.71)
    Common.Logging (2.1.2)
    DevExpress.Data (19.2.4) - restriction: || (&& (== net40) (>= net452)) (&& (== net40) (>= netstandard2.0)) (== net461) (== netstandard2.0)
      Microsoft.Extensions.Configuration (>= 1.1.2) - restriction: || (&& (== net40) (>= netstandard2.0)) (&& (== net461) (< net452) (>= netstandard2.0)) (== netstandard2.0)
      Microsoft.Extensions.Configuration.Json (>= 1.1.2) - restriction: || (&& (== net40) (>= netstandard2.0)) (&& (== net461) (< net452) (>= netstandard2.0)) (== netstandard2.0)
      Microsoft.Extensions.PlatformAbstractions (>= 1.1) - restriction: || (&& (== net40) (>= netstandard2.0)) (&& (== net461) (< net452) (>= netstandard2.0)) (== netstandard2.0)
      NETStandard.Library (>= 2.0.3) - restriction: || (&& (== net40) (>= netstandard2.0)) (&& (== net461) (< net452) (>= netstandard2.0)) (== netstandard2.0)
      System.ComponentModel.Annotations (>= 4.4) - restriction: || (&& (== net40) (>= netstandard2.0)) (&& (== net461) (< net452) (>= netstandard2.0)) (== netstandard2.0)
      System.Drawing.Common (>= 4.5) - restriction: || (&& (== net40) (>= netstandard2.0)) (&& (== net461) (< net452) (>= netstandard2.0)) (== netstandard2.0)
      System.Reflection.Emit (>= 4.3) - restriction: || (&& (== net40) (>= netstandard2.0)) (&& (== net461) (< net452) (>= netstandard2.0)) (== netstandard2.0)
      System.Reflection.Emit.Lightweight (>= 4.3) - restriction: || (&& (== net40) (>= netstandard2.0)) (&& (== net461) (< net452) (>= netstandard2.0)) (== netstandard2.0)
      System.ServiceModel.Http (>= 4.4) - restriction: || (&& (== net40) (>= netstandard2.0)) (&& (== net461) (< net452) (>= netstandard2.0)) (== netstandard2.0)
      System.ServiceModel.Primitives (>= 4.4) - restriction: || (&& (== net40) (>= netstandard2.0)) (&& (== net461) (< net452) (>= netstandard2.0)) (== netstandard2.0)
      System.Text.Encoding.CodePages (>= 4.4) - restriction: || (&& (== net40) (>= netstandard2.0)) (&& (== net461) (< net452) (>= netstandard2.0)) (== netstandard2.0)
    DevExpress.Xpo (19.2.4) - restriction: || (&& (== net40) (>= net452)) (&& (== net40) (>= netstandard2.0)) (== net461) (== netstandard2.0)
      DevExpress.Data (19.2.4) - restriction: || (&& (== net40) (>= net452)) (&& (== net40) (>= netstandard2.0)) (== net461) (== netstandard2.0)
      Microsoft.Extensions.DependencyInjection (>= 2.0) - restriction: || (&& (== net40) (>= netstandard2.0)) (&& (== net461) (< net452) (>= netstandard2.0)) (== netstandard2.0)
      NETStandard.Library (>= 2.0.3) - restriction: || (&& (== net40) (>= netstandard2.0)) (&& (== net461) (< net452) (>= netstandard2.0)) (== netstandard2.0)
      System.Data.SqlClient (>= 4.5) - restriction: || (&& (== net40) (>= netstandard2.0)) (&& (== net461) (< net452) (>= netstandard2.0)) (== netstandard2.0)
      System.ServiceModel.Primitives (>= 4.4) - restriction: || (&& (== net40) (>= netstandard2.0)) (&& (== net461) (< net452) (>= netstandard2.0)) (== netstandard2.0)
    DocumentFormat.OpenXml (2.7.2)
      NETStandard.Library (>= 1.6.1) - restriction: || (&& (== net40) (< net35) (>= netstandard1.3)) (&& (== net461) (< net35)) (== netstandard2.0)
      System.IO.Packaging (>= 4.0) - restriction: || (&& (== net40) (< net35) (>= netstandard1.3)) (&& (== net40) (>= net46)) (== net461) (== netstandard2.0)
    DotNetZip (1.11)
    Enums.NET (3.0.1)
      System.ComponentModel.Annotations (>= 4.6) - restriction: || (&& (== net40) (>= netstandard1.1)) (&& (== net40) (>= netstandard1.3)) (&& (== net40) (>= netstandard2.0)) (&& (== net40) (>= netstandard2.1)) (&& (== net461) (< net45)) (&& (== net461) (>= netstandard2.1)) (== netstandard2.0)
      System.Runtime.CompilerServices.Unsafe (>= 4.6) - restriction: || (&& (== net40) (>= netstandard1.0)) (&& (== net40) (>= netstandard1.1)) (&& (== net40) (>= netstandard1.3)) (&& (== net40) (>= netstandard2.0)) (&& (== net40) (>= netstandard2.1)) (&& (== net461) (< net45)) (&& (== net461) (< netstandard1.1)) (&& (== net461) (>= netstandard2.1)) (== netstandard2.0)
    ExcelDataReader (3.6)
      SharpZipLib (>= 0.86) - restriction: || (== net40) (&& (== net461) (< net45) (< netstandard1.3)) (&& (== netstandard2.0) (>= net20) (< netstandard1.3))
    ExcelDataReader.DataSet (3.6)
      ExcelDataReader (>= 3.6)
    Fasterflect.Xpand (2.0.7)
      System.Reflection.Emit.Lightweight (>= 4.6) - restriction: || (&& (== net40) (>= netstandard2.0)) (&& (== net461) (>= netstandard2.0)) (== netstandard2.0)
    Fody (4.2.1)
    Grpc (2.25) - restriction: || (&& (== net40) (>= netstandard2.0)) (&& (== net461) (>= netstandard2.0)) (== netstandard2.0)
      Grpc.Core (>= 2.25) - restriction: || (&& (== net40) (>= net45)) (&& (== net40) (>= netstandard1.5)) (== net461) (== netstandard2.0)
    Grpc.Core (2.25) - restriction: || (&& (== net40) (>= netstandard2.0)) (&& (== net461) (>= netstandard2.0)) (== netstandard2.0)
      Grpc.Core.Api (>= 2.25) - restriction: || (&& (== net40) (>= net45)) (&& (== net40) (>= netstandard1.5)) (== net461) (== netstandard2.0)
      System.Memory (>= 4.5.3) - restriction: || (&& (== net40) (>= net45)) (&& (== net40) (>= netstandard1.5)) (== net461) (== netstandard2.0)
    Grpc.Core.Api (2.25) - restriction: || (&& (== net40) (>= netstandard2.0)) (&& (== net461) (>= netstandard2.0)) (== netstandard2.0)
      System.Memory (>= 4.5.3) - restriction: || (&& (== net40) (>= net45)) (&& (== net40) (>= netstandard1.5)) (== net461) (== netstandard2.0)
    IIS.Microsoft.Web.Adminstration (8.5.9600.16384)
    InputSimulator (1.0.4)
    JetBrains.Annotations (2019.1.3)
    MagicOnion (2.7.1)
      Grpc (>= 2.23) - restriction: || (&& (== net40) (>= netstandard2.0)) (&& (== net461) (>= netstandard2.0)) (== netstandard2.0)
      MessagePack (>= 1.7.3.7) - restriction: || (&& (== net40) (>= netstandard2.0)) (&& (== net461) (>= netstandard2.0)) (== netstandard2.0)
      System.Buffers (>= 4.5) - restriction: || (&& (== net40) (>= netstandard2.0)) (&& (== net461) (>= netstandard2.0)) (== netstandard2.0)
      System.Collections.Immutable (>= 1.5) - restriction: || (&& (== net40) (>= netstandard2.0)) (&& (== net461) (>= netstandard2.0)) (== netstandard2.0)
      System.Runtime.CompilerServices.Unsafe (>= 4.5.2) - restriction: || (&& (== net40) (>= netstandard2.0)) (&& (== net461) (>= netstandard2.0)) (== netstandard2.0)
      System.Threading.Tasks.Extensions (>= 4.5.3) - restriction: || (&& (== net40) (>= netstandard2.0)) (&& (== net461) (>= netstandard2.0)) (== netstandard2.0)
      System.Threading.Tasks.Parallel (>= 4.3) - restriction: || (&& (== net40) (>= netstandard2.0)) (&& (== net461) (>= netstandard2.0)) (== netstandard2.0)
    MessagePack (1.8.80) - restriction: || (&& (== net40) (>= netstandard2.0)) (&& (== net461) (>= netstandard2.0)) (== netstandard2.0)
      System.Reflection.Emit (>= 4.3) - restriction: || (&& (== net40) (>= net45)) (&& (== net40) (>= net47)) (&& (== net40) (>= netstandard1.6)) (&& (== net40) (>= netstandard2.0)) (== net461) (== netstandard2.0)
      System.Reflection.Emit.Lightweight (>= 4.3) - restriction: || (&& (== net40) (>= net45)) (&& (== net40) (>= net47)) (&& (== net40) (>= netstandard1.6)) (&& (== net40) (>= netstandard2.0)) (== net461) (== netstandard2.0)
      System.Runtime.Serialization.Primitives (>= 4.3) - restriction: || (&& (== net40) (>= net45)) (&& (== net40) (>= net47)) (&& (== net40) (>= netstandard1.6)) (&& (== net40) (>= netstandard2.0)) (== net461) (== netstandard2.0)
      System.Threading.Tasks.Extensions (>= 4.5.3) - restriction: || (&& (== net40) (>= net45)) (&& (== net40) (>= net47)) (&& (== net40) (>= netstandard1.6)) (&& (== net40) (>= netstandard2.0)) (== net461) (== netstandard2.0)
      System.ValueTuple (>= 4.5) - restriction: || (&& (== net40) (>= net45)) (&& (== net40) (>= net47)) (&& (== net40) (>= netstandard1.6)) (&& (== net40) (>= netstandard2.0)) (== net461) (== netstandard2.0)
    Microsoft.AspNet.Razor (3.2.7)
    Microsoft.Bcl.AsyncInterfaces (1.1) - restriction: || (&& (== net40) (>= net461)) (&& (== net40) (>= netstandard2.0)) (== net461) (== netstandard2.0)
      System.Threading.Tasks.Extensions (>= 4.5.2) - restriction: || (&& (== net40) (>= net461)) (&& (== net40) (>= netstandard2.0)) (&& (== net40) (>= netstandard2.1)) (== net461) (== netstandard2.0)
    Microsoft.CodeAnalysis.Analyzers (2.9.8) - restriction: || (&& (== net40) (>= netstandard2.0)) (&& (== net461) (< net452) (>= netstandard2.0)) (== netstandard2.0)
    Microsoft.CodeAnalysis.Common (3.4) - restriction: || (&& (== net40) (>= netstandard2.0)) (&& (== net461) (< net452) (>= netstandard2.0)) (== netstandard2.0)
      Microsoft.CodeAnalysis.Analyzers (>= 2.9.6) - restriction: || (&& (== net40) (>= netstandard2.0)) (&& (== net461) (>= netstandard2.0)) (== netstandard2.0)
      System.Collections.Immutable (>= 1.5) - restriction: || (&& (== net40) (>= netstandard2.0)) (&& (== net461) (>= netstandard2.0)) (== netstandard2.0)
      System.Memory (>= 4.5.3) - restriction: || (&& (== net40) (>= netstandard2.0)) (&& (== net461) (>= netstandard2.0)) (== netstandard2.0)
      System.Reflection.Metadata (>= 1.6) - restriction: || (&& (== net40) (>= netstandard2.0)) (&& (== net461) (>= netstandard2.0)) (== netstandard2.0)
      System.Runtime.CompilerServices.Unsafe (>= 4.5.2) - restriction: || (&& (== net40) (>= netstandard2.0)) (&& (== net461) (>= netstandard2.0)) (== netstandard2.0)
      System.Text.Encoding.CodePages (>= 4.5.1) - restriction: || (&& (== net40) (>= netstandard2.0)) (&& (== net461) (>= netstandard2.0)) (== netstandard2.0)
      System.Threading.Tasks.Extensions (>= 4.5.3) - restriction: || (&& (== net40) (>= netstandard2.0)) (&& (== net461) (>= netstandard2.0)) (== netstandard2.0)
    Microsoft.CodeAnalysis.CSharp (3.4) - restriction: || (&& (== net40) (>= netstandard2.0)) (&& (== net461) (< net452) (>= netstandard2.0)) (== netstandard2.0)
      Microsoft.CodeAnalysis.Common (3.4) - restriction: || (&& (== net40) (>= netstandard2.0)) (&& (== net461) (>= netstandard2.0)) (== netstandard2.0)
    Microsoft.CSharp (4.7)
    Microsoft.Extensions.Configuration (3.1) - restriction: || (&& (== net40) (>= netstandard2.0)) (&& (== net461) (< net452) (>= netstandard2.0)) (== netstandard2.0)
      Microsoft.Extensions.Configuration.Abstractions (>= 3.1) - restriction: || (&& (== net40) (>= netstandard2.0)) (&& (== net461) (>= netstandard2.0)) (== netstandard2.0)
    Microsoft.Extensions.Configuration.Abstractions (3.1) - restriction: || (&& (== net40) (>= netstandard2.0)) (&& (== net461) (< net452) (>= netstandard2.0)) (== netstandard2.0)
      Microsoft.Extensions.Primitives (>= 3.1) - restriction: || (&& (== net40) (>= netstandard2.0)) (&& (== net461) (>= netstandard2.0)) (== netstandard2.0)
    Microsoft.Extensions.Configuration.FileExtensions (3.1) - restriction: || (&& (== net40) (>= netstandard2.0)) (&& (== net461) (< net452) (>= netstandard2.0)) (== netstandard2.0)
      Microsoft.Extensions.Configuration (>= 3.1) - restriction: || (&& (== net40) (>= netstandard2.0)) (&& (== net461) (>= netstandard2.0)) (== netstandard2.0)
      Microsoft.Extensions.FileProviders.Physical (>= 3.1) - restriction: || (&& (== net40) (>= netstandard2.0)) (&& (== net461) (>= netstandard2.0)) (== netstandard2.0)
    Microsoft.Extensions.Configuration.Json (3.1) - restriction: || (&& (== net40) (>= netstandard2.0)) (&& (== net461) (< net452) (>= netstandard2.0)) (== netstandard2.0)
      Microsoft.Extensions.Configuration (>= 3.1) - restriction: || (&& (== net40) (>= netstandard2.0)) (&& (== net461) (>= netstandard2.0)) (== netstandard2.0)
      Microsoft.Extensions.Configuration.FileExtensions (>= 3.1) - restriction: || (&& (== net40) (>= netstandard2.0)) (&& (== net461) (>= netstandard2.0)) (== netstandard2.0)
      System.Text.Json (>= 4.7) - restriction: || (&& (== net40) (>= netstandard2.0)) (&& (== net461) (>= netstandard2.0)) (== netstandard2.0)
      System.Threading.Tasks.Extensions (>= 4.5.2) - restriction: || (&& (== net40) (>= netstandard2.0)) (&& (== net461) (>= netstandard2.0)) (== netstandard2.0)
    Microsoft.Extensions.DependencyInjection (3.1) - restriction: || (&& (== net40) (>= netstandard2.0)) (&& (== net461) (< net452) (>= netstandard2.0)) (== netstandard2.0)
      Microsoft.Bcl.AsyncInterfaces (>= 1.1) - restriction: || (&& (== net40) (>= net461)) (&& (== net40) (>= netstandard2.0)) (== net461) (== netstandard2.0)
      Microsoft.Extensions.DependencyInjection.Abstractions (>= 3.1) - restriction: || (&& (== net40) (>= net461)) (&& (== net40) (>= netstandard2.0)) (== net461) (== netstandard2.0)
    Microsoft.Extensions.DependencyInjection.Abstractions (3.1) - restriction: || (&& (== net40) (>= netstandard2.0)) (&& (== net461) (< net452) (>= netstandard2.0)) (== netstandard2.0)
    Microsoft.Extensions.FileProviders.Abstractions (3.1) - restriction: || (&& (== net40) (>= netstandard2.0)) (&& (== net461) (< net452) (>= netstandard2.0)) (== netstandard2.0)
      Microsoft.Extensions.Primitives (>= 3.1) - restriction: || (&& (== net40) (>= netstandard2.0)) (&& (== net461) (>= netstandard2.0)) (== netstandard2.0)
    Microsoft.Extensions.FileProviders.Physical (3.1) - restriction: || (&& (== net40) (>= netstandard2.0)) (&& (== net461) (< net452) (>= netstandard2.0)) (== netstandard2.0)
      Microsoft.Extensions.FileProviders.Abstractions (>= 3.1) - restriction: || (&& (== net40) (>= netstandard2.0)) (&& (== net461) (>= netstandard2.0)) (== netstandard2.0)
      Microsoft.Extensions.FileSystemGlobbing (>= 3.1) - restriction: || (&& (== net40) (>= netstandard2.0)) (&& (== net461) (>= netstandard2.0)) (== netstandard2.0)
    Microsoft.Extensions.FileSystemGlobbing (3.1) - restriction: || (&& (== net40) (>= netstandard2.0)) (&& (== net461) (< net452) (>= netstandard2.0)) (== netstandard2.0)
    Microsoft.Extensions.PlatformAbstractions (1.1) - restriction: || (&& (== net40) (>= netstandard2.0)) (&& (== net461) (< net452) (>= netstandard2.0)) (== netstandard2.0)
      NETStandard.Library (>= 1.6.1) - restriction: || (&& (== net40) (>= net451)) (&& (== net40) (>= netstandard1.3)) (== net461) (== netstandard2.0)
      System.Reflection.TypeExtensions (>= 4.3) - restriction: || (&& (== net40) (>= netstandard1.3)) (&& (== net461) (< net451)) (== netstandard2.0)
    Microsoft.Extensions.Primitives (3.1) - restriction: || (&& (== net40) (>= netstandard2.0)) (&& (== net461) (< net452) (>= netstandard2.0)) (== netstandard2.0)
      System.Memory (>= 4.5.2) - restriction: || (&& (== net40) (>= netstandard2.0)) (&& (== net461) (>= netstandard2.0)) (== netstandard2.0)
      System.Runtime.CompilerServices.Unsafe (>= 4.7) - restriction: || (&& (== net40) (>= netstandard2.0)) (&& (== net461) (>= netstandard2.0)) (== netstandard2.0)
    Microsoft.NETCore.Platforms (3.1)
    Microsoft.NETCore.Targets (3.1) - restriction: || (&& (== net40) (== net461)) (&& (== net40) (>= netstandard1.3)) (&& (== net461) (< net45)) (== netstandard2.0)
    Microsoft.Win32.Registry (4.7)
      System.Buffers (>= 4.5) - restriction: || (&& (== net40) (>= monoandroid)) (&& (== net40) (>= monotouch)) (&& (== net40) (>= netstandard2.0)) (&& (== net40) (>= xamarinios)) (&& (== net40) (>= xamarinmac)) (&& (== net40) (>= xamarintvos)) (&& (== net40) (>= xamarinwatchos)) (&& (== net461) (>= monoandroid)) (&& (== net461) (>= monotouch)) (&& (== net461) (< net46) (>= netstandard2.0)) (&& (== net461) (>= xamarinios)) (&& (== net461) (>= xamarinmac)) (&& (== net461) (>= xamarintvos)) (&& (== net461) (>= xamarinwatchos)) (== netstandard2.0)
      System.Memory (>= 4.5.3) - restriction: || (&& (== net40) (>= netcoreapp2.0)) (&& (== net40) (>= netstandard2.0)) (&& (== net40) (>= uap10.1)) (&& (== net461) (< net46) (>= netstandard2.0)) (&& (== net461) (>= netcoreapp2.0)) (&& (== net461) (>= uap10.1)) (== netstandard2.0)
      System.Security.AccessControl (>= 4.7) - restriction: || (&& (== net40) (>= monoandroid)) (&& (== net40) (>= monotouch)) (&& (== net40) (>= net461)) (&& (== net40) (>= netcoreapp2.0)) (&& (== net40) (>= netstandard2.0)) (&& (== net40) (>= xamarinios)) (&& (== net40) (>= xamarinmac)) (&& (== net40) (>= xamarintvos)) (&& (== net40) (>= xamarinwatchos)) (== net461) (== netstandard2.0)
      System.Security.Principal.Windows (>= 4.7) - restriction: || (&& (== net40) (>= monoandroid)) (&& (== net40) (>= monotouch)) (&& (== net40) (>= net461)) (&& (== net40) (>= netcoreapp2.0)) (&& (== net40) (>= netstandard2.0)) (&& (== net40) (>= xamarinios)) (&& (== net40) (>= xamarinmac)) (&& (== net40) (>= xamarintvos)) (&& (== net40) (>= xamarinwatchos)) (== net461) (== netstandard2.0)
    Mono.Cecil (0.11.1)
    NETStandard.Library (2.0.3) - restriction: || (&& (== net40) (>= netstandard2.0)) (&& (== net461) (< net452) (>= netstandard2.0)) (== netstandard2.0)
      Microsoft.NETCore.Platforms (>= 1.1) - restriction: || (&& (== net40) (>= net45)) (&& (== net40) (>= net46)) (&& (== net40) (>= net461)) (&& (== net40) (>= netcoreapp2.0)) (&& (== net40) (>= netstandard1.0)) (&& (== net40) (>= netstandard1.1)) (&& (== net40) (>= netstandard1.2)) (&& (== net40) (>= netstandard1.3)) (&& (== net40) (>= netstandard1.4)) (&& (== net40) (>= netstandard1.5)) (&& (== net40) (>= netstandard1.6)) (&& (== net40) (>= netstandard2.0)) (&& (== net40) (>= portable-net45+win8)) (&& (== net40) (>= portable-net45+win8+wp8+wpa81)) (&& (== net40) (>= portable-net45+win8+wpa81)) (&& (== net40) (>= uap10.0)) (&& (== net40) (>= uap10.1)) (&& (== net40) (>= win8)) (&& (== net40) (>= wp8)) (&& (== net40) (>= wpa81)) (== net461) (== netstandard2.0)
    Newtonsoft.Json (12.0.2)
    PropertyChanged.Fody (2.6.1)
      Fody (>= 4.2.1) - restriction: || (&& (== net40) (>= netstandard1.0)) (== net461) (== netstandard2.0)
      NETStandard.Library (>= 1.6.1) - restriction: || (&& (== net40) (>= netstandard1.0)) (&& (== net461) (< net452)) (== netstandard2.0)
    Quartz (2.2.4)
      Common.Logging (>= 2.1.2)
    RazorEngine (3.10)
      Microsoft.AspNet.Razor (>= 3.0) - restriction: || (&& (== net40) (>= net45)) (== net461) (&& (== netstandard2.0) (>= net45))
      Microsoft.AspNet.Razor (2.0.30506) - restriction: || (== net40) (&& (== net461) (< net45)) (&& (== netstandard2.0) (>= net40))
    runtime.native.System (4.3.1) - restriction: || (&& (== net40) (== net461)) (&& (== net40) (>= netstandard1.3)) (&& (== net461) (< net45)) (== netstandard2.0)
      Microsoft.NETCore.Platforms (>= 1.1.1)
      Microsoft.NETCore.Targets (>= 1.1.3)
    runtime.native.System.Data.SqlClient.sni (4.7) - restriction: || (&& (== net40) (>= netcoreapp2.0)) (&& (== net40) (>= netstandard2.0)) (&& (== net461) (< net451) (>= netstandard2.0)) (&& (== net461) (>= netcoreapp2.0)) (== netstandard2.0)
      runtime.win-arm64.runtime.native.System.Data.SqlClient.sni (>= 4.4)
      runtime.win-x64.runtime.native.System.Data.SqlClient.sni (>= 4.4)
      runtime.win-x86.runtime.native.System.Data.SqlClient.sni (>= 4.4)
    runtime.native.System.IO.Compression (4.3.2) - restriction: || (&& (== net40) (== net461)) (&& (== net40) (>= netstandard1.3)) (&& (== net461) (< net45)) (== netstandard2.0)
      Microsoft.NETCore.Platforms (>= 1.1.1)
      Microsoft.NETCore.Targets (>= 1.1.3)
    runtime.win-arm64.runtime.native.System.Data.SqlClient.sni (4.4) - restriction: || (&& (== net40) (>= netcoreapp2.0)) (&& (== net40) (>= netstandard2.0)) (&& (== net461) (< net451) (>= netstandard2.0)) (&& (== net461) (>= netcoreapp2.0)) (== netstandard2.0)
    runtime.win-x64.runtime.native.System.Data.SqlClient.sni (4.4) - restriction: || (&& (== net40) (>= netcoreapp2.0)) (&& (== net40) (>= netstandard2.0)) (&& (== net461) (< net451) (>= netstandard2.0)) (&& (== net461) (>= netcoreapp2.0)) (== netstandard2.0)
    runtime.win-x86.runtime.native.System.Data.SqlClient.sni (4.4) - restriction: || (&& (== net40) (>= netcoreapp2.0)) (&& (== net40) (>= netstandard2.0)) (&& (== net461) (< net451) (>= netstandard2.0)) (&& (== net461) (>= netcoreapp2.0)) (== netstandard2.0)
    Ryder (0.8)
      System.Collections (>= 4.3) - restriction: || (&& (== net40) (>= netcoreapp2.2)) (&& (== net40) (>= netstandard1.3)) (&& (== net40) (>= netstandard2.0)) (&& (== net461) (< net45)) (&& (== net461) (>= netcoreapp2.2)) (== netstandard2.0)
      System.Reflection.Emit.Lightweight (>= 4.3) - restriction: || (&& (== net40) (>= netcoreapp2.2)) (&& (== net40) (>= netstandard1.3)) (&& (== net40) (>= netstandard2.0)) (&& (== net461) (< net45)) (&& (== net461) (>= netcoreapp2.2)) (== netstandard2.0)
      System.Reflection.Extensions (>= 4.3) - restriction: || (&& (== net40) (>= netcoreapp2.2)) (&& (== net40) (>= netstandard1.3)) (&& (== net40) (>= netstandard2.0)) (&& (== net461) (< net45)) (&& (== net461) (>= netcoreapp2.2)) (== netstandard2.0)
      System.Reflection.TypeExtensions (>= 4.3) - restriction: || (&& (== net40) (>= netcoreapp2.2)) (&& (== net40) (>= netstandard1.3)) (&& (== net40) (>= netstandard2.0)) (&& (== net461) (< net45)) (&& (== net461) (>= netcoreapp2.2)) (== netstandard2.0)
      System.Runtime.Extensions (>= 4.3) - restriction: || (&& (== net40) (>= netcoreapp2.2)) (&& (== net40) (>= netstandard1.3)) (&& (== net40) (>= netstandard2.0)) (&& (== net461) (< net45)) (&& (== net461) (>= netcoreapp2.2)) (== netstandard2.0)
      System.Runtime.InteropServices (>= 4.3) - restriction: || (&& (== net40) (>= netcoreapp2.2)) (&& (== net40) (>= netstandard1.3)) (&& (== net40) (>= netstandard2.0)) (&& (== net461) (< net45)) (&& (== net461) (>= netcoreapp2.2)) (== netstandard2.0)
      System.Runtime.InteropServices.RuntimeInformation (>= 4.3) - restriction: || (&& (== net40) (>= netcoreapp2.2)) (&& (== net40) (>= netstandard1.3)) (&& (== net40) (>= netstandard2.0)) (&& (== net461) (< net45)) (&& (== net461) (>= netcoreapp2.2)) (== netstandard2.0)
    SharpZipLib (1.1)
    System.Buffers (4.5)
    System.CodeDom (4.6)
    System.Collections (4.3) - restriction: || (&& (== net40) (== net461)) (&& (== net40) (>= netstandard1.3)) (&& (== net461) (< net45)) (== netstandard2.0)
      Microsoft.NETCore.Platforms (>= 1.1) - restriction: || (&& (== net40) (>= netstandard1.0)) (&& (== net40) (>= netstandard1.3)) (&& (== net461) (< net45)) (== netstandard2.0)
      Microsoft.NETCore.Targets (>= 1.1) - restriction: || (&& (== net40) (>= netstandard1.0)) (&& (== net40) (>= netstandard1.3)) (&& (== net461) (< net45)) (== netstandard2.0)
      System.Runtime (>= 4.3) - restriction: || (&& (== net40) (>= netstandard1.0)) (&& (== net40) (>= netstandard1.3)) (&& (== net461) (< net45)) (== netstandard2.0)
    System.Collections.Concurrent (4.3) - restriction: || (&& (== net40) (>= netstandard2.0)) (&& (== net461) (< net45) (>= netstandard2.0)) (== netstandard2.0)
      System.Collections (>= 4.3) - restriction: || (&& (== net40) (>= netstandard1.3)) (&& (== net461) (< net45)) (== netstandard2.0)
      System.Diagnostics.Debug (>= 4.3) - restriction: || (&& (== net40) (>= netstandard1.3)) (&& (== net461) (< net45)) (== netstandard2.0)
      System.Diagnostics.Tracing (>= 4.3) - restriction: || (&& (== net40) (>= netstandard1.3)) (&& (== net461) (< net45)) (== netstandard2.0)
      System.Globalization (>= 4.3) - restriction: || (&& (== net40) (>= netstandard1.3)) (&& (== net461) (< net45)) (== netstandard2.0)
      System.Reflection (>= 4.3) - restriction: || (&& (== net40) (>= netstandard1.3)) (&& (== net461) (< net45)) (== netstandard2.0)
      System.Resources.ResourceManager (>= 4.3) - restriction: || (&& (== net40) (>= netstandard1.3)) (&& (== net461) (< net45)) (== netstandard2.0)
      System.Runtime (>= 4.3) - restriction: || (&& (== net40) (>= netstandard1.1)) (&& (== net40) (>= netstandard1.3)) (&& (== net461) (< net45)) (== netstandard2.0)
      System.Runtime.Extensions (>= 4.3) - restriction: || (&& (== net40) (>= netstandard1.3)) (&& (== net461) (< net45)) (== netstandard2.0)
      System.Threading (>= 4.3) - restriction: || (&& (== net40) (>= netstandard1.3)) (&& (== net461) (< net45)) (== netstandard2.0)
      System.Threading.Tasks (>= 4.3) - restriction: || (&& (== net40) (>= netstandard1.1)) (&& (== net40) (>= netstandard1.3)) (&& (== net461) (< net45)) (== netstandard2.0)
    System.Collections.Immutable (1.7) - restriction: || (&& (== net40) (>= netstandard2.0)) (&& (== net461) (< net452) (>= netstandard2.0)) (&& (== net461) (< netstandard1.1) (>= netstandard2.0)) (&& (== net461) (>= netstandard2.0) (>= wpa81)) (== netstandard2.0)
      System.Memory (>= 4.5.3) - restriction: || (&& (== net40) (>= net46)) (&& (== net40) (>= netstandard1.3)) (&& (== net40) (>= netstandard2.0)) (&& (== net40) (>= uap10.1)) (== net461) (== netstandard2.0)
    System.ComponentModel.Annotations (4.7) - restriction: || (&& (== net40) (== net461)) (&& (== net40) (>= netstandard1.1)) (&& (== net40) (>= netstandard1.3)) (&& (== net40) (>= netstandard2.0)) (&& (== net40) (>= netstandard2.1)) (&& (== net461) (< net45)) (&& (== net461) (>= netstandard2.1)) (== netstandard2.0)
    System.Configuration.ConfigurationManager (4.6)
      System.Security.Cryptography.ProtectedData (>= 4.6) - restriction: || (&& (== net40) (>= netstandard2.0)) (== netstandard2.0)
      System.Security.Permissions (>= 4.6) - restriction: || (&& (== net40) (>= monoandroid)) (&& (== net40) (>= monotouch)) (&& (== net40) (>= net461)) (&& (== net40) (>= netstandard2.0)) (&& (== net40) (>= xamarintvos)) (&& (== net40) (>= xamarinwatchos)) (== net461) (== netstandard2.0)
    System.Data.Common (4.3) - restriction: || (&& (== net40) (>= netstandard2.0)) (&& (== net461) (< net452) (>= netstandard2.0)) (== netstandard2.0)
      System.Collections (>= 4.3) - restriction: || (&& (== net40) (>= netstandard1.2)) (&& (== net461) (< net451)) (== netstandard2.0)
      System.Globalization (>= 4.3) - restriction: || (&& (== net40) (>= netstandard1.2)) (&& (== net461) (< net451)) (== netstandard2.0)
      System.IO (>= 4.3) - restriction: || (&& (== net40) (>= netstandard1.2)) (&& (== net461) (< net451)) (== netstandard2.0)
      System.Resources.ResourceManager (>= 4.3) - restriction: || (&& (== net40) (>= netstandard1.2)) (&& (== net461) (< net451)) (== netstandard2.0)
      System.Runtime (>= 4.3) - restriction: || (&& (== net40) (>= netstandard1.2)) (&& (== net461) (< net451)) (== netstandard2.0)
      System.Runtime.Extensions (>= 4.3) - restriction: || (&& (== net40) (>= netstandard1.2)) (&& (== net461) (< net451)) (== netstandard2.0)
      System.Text.RegularExpressions (>= 4.3) - restriction: || (&& (== net40) (>= netstandard1.2)) (&& (== net461) (< net451)) (== netstandard2.0)
      System.Threading.Tasks (>= 4.3) - restriction: || (&& (== net40) (>= netstandard1.2)) (&& (== net461) (< net451)) (== netstandard2.0)
    System.Data.SqlClient (4.8) - restriction: || (&& (== net40) (>= netstandard2.0)) (&& (== net461) (< net452) (>= netstandard2.0)) (== netstandard2.0)
      Microsoft.Win32.Registry (>= 4.7) - restriction: || (&& (== net40) (>= netcoreapp2.0)) (&& (== net40) (>= netstandard2.0)) (&& (== net461) (< net451) (>= netstandard2.0)) (&& (== net461) (>= netcoreapp2.0)) (== netstandard2.0)
      runtime.native.System.Data.SqlClient.sni (>= 4.7) - restriction: || (&& (== net40) (>= netcoreapp2.0)) (&& (== net40) (>= netstandard1.3)) (&& (== net40) (>= netstandard2.0)) (&& (== net461) (< net451)) (&& (== net461) (>= netcoreapp2.0)) (== netstandard2.0)
      System.Buffers (>= 4.5) - restriction: || (&& (== net40) (>= netstandard2.0)) (&& (== net461) (< net451) (>= netstandard2.0)) (== netstandard2.0)
      System.Diagnostics.DiagnosticSource (>= 4.7) - restriction: || (&& (== net40) (>= netcoreapp2.0)) (&& (== net40) (>= netcoreapp2.1)) (&& (== net40) (>= netstandard1.3)) (&& (== net40) (>= netstandard2.0)) (&& (== net40) (>= uap10.1)) (&& (== net461) (< net451)) (&& (== net461) (>= netcoreapp2.0)) (&& (== net461) (>= netcoreapp2.1)) (&& (== net461) (>= uap10.1)) (== netstandard2.0)
      System.Memory (>= 4.5.3) - restriction: || (&& (== net40) (>= netcoreapp2.0)) (&& (== net40) (>= netstandard2.0)) (&& (== net40) (>= uap10.1)) (&& (== net461) (< net451) (>= netstandard2.0)) (&& (== net461) (>= netcoreapp2.0)) (&& (== net461) (>= uap10.1)) (== netstandard2.0)
      System.Security.Principal.Windows (>= 4.7) - restriction: || (&& (== net40) (>= netcoreapp2.0)) (&& (== net40) (>= netstandard1.3)) (&& (== net40) (>= netstandard2.0)) (&& (== net461) (< net451)) (&& (== net461) (>= netcoreapp2.0)) (== netstandard2.0)
      System.Text.Encoding.CodePages (>= 4.7) - restriction: || (&& (== net40) (>= netcoreapp2.0)) (&& (== net40) (>= netcoreapp2.1)) (&& (== net40) (>= netstandard1.3)) (&& (== net40) (>= netstandard2.0)) (&& (== net40) (>= uap10.1)) (&& (== net461) (< net451)) (&& (== net461) (>= netcoreapp2.0)) (&& (== net461) (>= netcoreapp2.1)) (&& (== net461) (>= uap10.1)) (== netstandard2.0)
    System.Diagnostics.Debug (4.3) - restriction: || (&& (== net40) (== net461)) (&& (== net40) (>= netstandard1.3)) (&& (== net461) (< net45)) (== netstandard2.0)
      Microsoft.NETCore.Platforms (>= 1.1) - restriction: || (&& (== net40) (>= netstandard1.0)) (&& (== net40) (>= netstandard1.3)) (&& (== net461) (< net45)) (== netstandard2.0)
      Microsoft.NETCore.Targets (>= 1.1) - restriction: || (&& (== net40) (>= netstandard1.0)) (&& (== net40) (>= netstandard1.3)) (&& (== net461) (< net45)) (== netstandard2.0)
      System.Runtime (>= 4.3) - restriction: || (&& (== net40) (>= netstandard1.0)) (&& (== net40) (>= netstandard1.3)) (&& (== net461) (< net45)) (== netstandard2.0)
    System.Diagnostics.DiagnosticSource (4.7) - restriction: || (&& (== net40) (>= netcoreapp2.0)) (&& (== net40) (>= netcoreapp2.1)) (&& (== net40) (>= netstandard2.0)) (&& (== net461) (< net451) (>= netstandard2.0)) (&& (== net461) (>= netcoreapp2.0)) (&& (== net461) (>= netcoreapp2.1)) (&& (== net461) (>= netstandard2.0) (>= uap10.1)) (== netstandard2.0)
      System.Memory (>= 4.5.3) - restriction: || (&& (== net40) (>= net45)) (&& (== net40) (>= net46)) (&& (== net40) (>= netstandard1.3)) (&& (== net40) (>= netstandard2.0)) (&& (== net40) (>= uap10.1)) (== net461) (== netstandard2.0)
    System.Diagnostics.EventLog (4.7) - restriction: || (&& (== net40) (>= netstandard2.0)) (&& (== net461) (>= monoandroid) (>= netstandard2.0)) (&& (== net461) (>= monotouch) (>= netstandard2.0)) (&& (== net461) (< net452) (>= netstandard2.0)) (&& (== net461) (>= netstandard2.0) (>= uap10.1)) (&& (== net461) (>= netstandard2.0) (>= xamarintvos)) (&& (== net461) (>= netstandard2.0) (>= xamarinwatchos)) (== netstandard2.0)
      System.Security.Principal.Windows (>= 4.7) - restriction: || (&& (== net40) (>= net461)) (&& (== net40) (>= netstandard2.0)) (== net461) (== netstandard2.0)
    System.Diagnostics.Tools (4.3) - restriction: || (&& (== net40) (== net461)) (&& (== net40) (>= netstandard1.3)) (&& (== net461) (< net45)) (== netstandard2.0)
      Microsoft.NETCore.Platforms (>= 1.1) - restriction: || (&& (== net40) (>= netstandard1.0)) (&& (== net461) (< net45)) (== netstandard2.0)
      Microsoft.NETCore.Targets (>= 1.1) - restriction: || (&& (== net40) (>= netstandard1.0)) (&& (== net461) (< net45)) (== netstandard2.0)
      System.Runtime (>= 4.3) - restriction: || (&& (== net40) (>= netstandard1.0)) (&& (== net461) (< net45)) (== netstandard2.0)
    System.Diagnostics.Tracing (4.3) - restriction: || (&& (== net40) (>= netstandard2.0)) (&& (== net461) (< net45) (>= netstandard2.0)) (== netstandard2.0)
      Microsoft.NETCore.Platforms (>= 1.1) - restriction: || (&& (== net40) (>= netstandard1.1)) (&& (== net40) (>= netstandard1.2)) (&& (== net40) (>= netstandard1.3)) (&& (== net40) (>= netstandard1.5)) (&& (== net461) (< net45)) (== netstandard2.0)
      Microsoft.NETCore.Targets (>= 1.1) - restriction: || (&& (== net40) (>= netstandard1.1)) (&& (== net40) (>= netstandard1.2)) (&& (== net40) (>= netstandard1.3)) (&& (== net40) (>= netstandard1.5)) (&& (== net461) (< net45)) (== netstandard2.0)
      System.Runtime (>= 4.3) - restriction: || (&& (== net40) (>= netstandard1.1)) (&& (== net40) (>= netstandard1.2)) (&& (== net40) (>= netstandard1.3)) (&& (== net40) (>= netstandard1.5)) (&& (== net461) (< net45)) (== netstandard2.0)
    System.Drawing.Common (4.7)
    System.Globalization (4.3) - restriction: || (&& (== net40) (== net461)) (&& (== net40) (>= netstandard1.3)) (&& (== net461) (< net45)) (== netstandard2.0)
      Microsoft.NETCore.Platforms (>= 1.1) - restriction: || (&& (== net40) (>= netstandard1.0)) (&& (== net40) (>= netstandard1.3)) (&& (== net461) (< net45)) (== netstandard2.0)
      Microsoft.NETCore.Targets (>= 1.1) - restriction: || (&& (== net40) (>= netstandard1.0)) (&& (== net40) (>= netstandard1.3)) (&& (== net461) (< net45)) (== netstandard2.0)
      System.Runtime (>= 4.3) - restriction: || (&& (== net40) (>= netstandard1.0)) (&& (== net40) (>= netstandard1.3)) (&& (== net461) (< net45)) (== netstandard2.0)
    System.Interactive (4.0)
    System.Interactive.Async (4.0)
      System.Linq.Async (>= 4.0) - restriction: || (&& (== net40) (>= net461)) (&& (== net40) (>= netstandard2.0)) (== net461) (== netstandard2.0)
    System.IO (4.3) - restriction: || (&& (== net40) (== net461)) (&& (== net40) (>= netstandard1.1)) (&& (== net40) (>= netstandard1.3)) (&& (== net461) (< net45)) (== netstandard2.0)
      Microsoft.NETCore.Platforms (>= 1.1) - restriction: || (&& (== net40) (>= netstandard1.0)) (&& (== net40) (>= netstandard1.3)) (&& (== net40) (>= netstandard1.5)) (&& (== net461) (< net45)) (== netstandard2.0)
      Microsoft.NETCore.Targets (>= 1.1) - restriction: || (&& (== net40) (>= netstandard1.0)) (&& (== net40) (>= netstandard1.3)) (&& (== net40) (>= netstandard1.5)) (&& (== net461) (< net45)) (== netstandard2.0)
      System.Runtime (>= 4.3) - restriction: || (&& (== net40) (>= netstandard1.0)) (&& (== net40) (>= netstandard1.3)) (&& (== net40) (>= netstandard1.5)) (&& (== net461) (< net45)) (== netstandard2.0)
      System.Text.Encoding (>= 4.3) - restriction: || (&& (== net40) (>= netstandard1.0)) (&& (== net40) (>= netstandard1.3)) (&& (== net40) (>= netstandard1.5)) (&& (== net461) (< net45)) (== netstandard2.0)
      System.Threading.Tasks (>= 4.3) - restriction: || (&& (== net40) (>= netstandard1.0)) (&& (== net40) (>= netstandard1.3)) (&& (== net40) (>= netstandard1.5)) (&& (== net461) (< net45)) (== netstandard2.0)
    System.IO.Compression (4.3)
      Microsoft.NETCore.Platforms (>= 1.1) - restriction: || (&& (== net40) (>= netstandard1.3)) (&& (== net461) (< net45)) (== netstandard2.0)
      runtime.native.System (>= 4.3) - restriction: || (&& (== net40) (>= netstandard1.3)) (&& (== net461) (< net45)) (== netstandard2.0)
      runtime.native.System.IO.Compression (>= 4.3) - restriction: || (&& (== net40) (>= netstandard1.3)) (&& (== net461) (< net45)) (== netstandard2.0)
      System.Buffers (>= 4.3) - restriction: || (&& (== net40) (>= netstandard1.3)) (&& (== net461) (< net45)) (== netstandard2.0)
      System.Collections (>= 4.3) - restriction: || (&& (== net40) (>= netstandard1.3)) (&& (== net461) (< net45)) (== netstandard2.0)
      System.Diagnostics.Debug (>= 4.3) - restriction: || (&& (== net40) (>= netstandard1.3)) (&& (== net461) (< net45)) (== netstandard2.0)
      System.IO (>= 4.3) - restriction: || (&& (== net40) (>= netstandard1.1)) (&& (== net40) (>= netstandard1.3)) (&& (== net461) (< net45)) (== netstandard2.0)
      System.Resources.ResourceManager (>= 4.3) - restriction: || (&& (== net40) (>= netstandard1.3)) (&& (== net461) (< net45)) (== netstandard2.0)
      System.Runtime (>= 4.3) - restriction: || (&& (== net40) (>= netstandard1.1)) (&& (== net40) (>= netstandard1.3)) (&& (== net461) (< net45)) (== netstandard2.0)
      System.Runtime.Extensions (>= 4.3) - restriction: || (&& (== net40) (>= netstandard1.3)) (&& (== net461) (< net45)) (== netstandard2.0)
      System.Runtime.Handles (>= 4.3) - restriction: || (&& (== net40) (>= netstandard1.3)) (&& (== net461) (< net45)) (== netstandard2.0)
      System.Runtime.InteropServices (>= 4.3) - restriction: || (&& (== net40) (>= netstandard1.3)) (&& (== net461) (< net45)) (== netstandard2.0)
      System.Text.Encoding (>= 4.3) - restriction: || (&& (== net40) (>= netstandard1.1)) (&& (== net40) (>= netstandard1.3)) (&& (== net461) (< net45)) (== netstandard2.0)
      System.Threading (>= 4.3) - restriction: || (&& (== net40) (>= netstandard1.3)) (&& (== net461) (< net45)) (== netstandard2.0)
      System.Threading.Tasks (>= 4.3) - restriction: || (&& (== net40) (>= netstandard1.3)) (&& (== net461) (< net45)) (== netstandard2.0)
    System.IO.FileSystem (4.3) - restriction: || (&& (== net40) (== net461)) (&& (== net40) (>= netstandard1.3)) (&& (== net461) (< net45)) (== netstandard2.0)
      Microsoft.NETCore.Platforms (>= 1.1) - restriction: || (&& (== net40) (>= netstandard1.3)) (&& (== net461) (< net46)) (== netstandard2.0)
      Microsoft.NETCore.Targets (>= 1.1) - restriction: || (&& (== net40) (>= netstandard1.3)) (&& (== net461) (< net46)) (== netstandard2.0)
      System.IO (>= 4.3) - restriction: || (&& (== net40) (>= netstandard1.3)) (&& (== net461) (< net46)) (== netstandard2.0)
      System.IO.FileSystem.Primitives (>= 4.3) - restriction: || (&& (== net40) (>= net46)) (&& (== net40) (>= netstandard1.3)) (== net461) (== netstandard2.0)
      System.Runtime (>= 4.3) - restriction: || (&& (== net40) (>= netstandard1.3)) (&& (== net461) (< net46)) (== netstandard2.0)
      System.Runtime.Handles (>= 4.3) - restriction: || (&& (== net40) (>= netstandard1.3)) (&& (== net461) (< net46)) (== netstandard2.0)
      System.Text.Encoding (>= 4.3) - restriction: || (&& (== net40) (>= netstandard1.3)) (&& (== net461) (< net46)) (== netstandard2.0)
      System.Threading.Tasks (>= 4.3) - restriction: || (&& (== net40) (>= netstandard1.3)) (&& (== net461) (< net46)) (== netstandard2.0)
    System.IO.FileSystem.Primitives (4.3) - restriction: || (&& (== net40) (>= net46)) (&& (== net40) (>= netstandard1.3)) (== net461) (== netstandard2.0)
    System.IO.Packaging (4.7) - restriction: || (&& (== net40) (< net35) (>= netstandard1.3)) (&& (== net40) (>= net46)) (== net461) (== netstandard2.0)
      System.IO.FileSystem.Primitives (>= 4.3) - restriction: || (&& (== net40) (>= net46)) (&& (== net40) (>= netstandard1.3)) (== net461) (&& (== netstandard2.0) (>= net46))
    System.Linq.Async (4.0) - restriction: || (&& (== net40) (>= net461)) (&& (== net40) (>= netstandard2.0)) (== net461) (== netstandard2.0)
      Microsoft.Bcl.AsyncInterfaces (>= 1.0) - restriction: || (&& (== net40) (>= net461)) (&& (== net40) (>= netstandard2.0)) (== net461) (== netstandard2.0)
    System.Management (4.5)
      System.CodeDom (>= 4.5) - restriction: || (&& (== net40) (>= netcoreapp2.0)) (&& (== net40) (>= netstandard2.0)) (&& (== net461) (< net45) (>= netstandard2.0)) (&& (== net461) (>= netcoreapp2.0)) (== netstandard2.0)
    System.Memory (4.5.3) - restriction: || (&& (== net40) (>= netcoreapp2.0)) (&& (== net40) (>= netstandard2.0)) (&& (== net40) (>= uap10.1)) (&& (== net461) (< net46) (>= netstandard2.0)) (&& (== net461) (>= netcoreapp2.0)) (&& (== net461) (>= uap10.1)) (== netstandard2.0)
      System.Buffers (>= 4.4) - restriction: || (&& (== net40) (>= monoandroid)) (&& (== net40) (>= monotouch)) (&& (== net40) (>= net45)) (&& (== net40) (>= net461)) (&& (== net40) (>= netstandard1.1)) (&& (== net40) (>= netstandard2.0)) (&& (== net40) (>= portable-net45+win8+wpa81)) (&& (== net40) (>= win8)) (&& (== net40) (>= wpa81)) (&& (== net40) (>= xamarinios)) (&& (== net40) (>= xamarinmac)) (&& (== net40) (>= xamarintvos)) (&& (== net40) (>= xamarinwatchos)) (== net461) (== netstandard2.0)
      System.Numerics.Vectors (>= 4.4) - restriction: || (&& (== net40) (>= net461)) (&& (== net40) (>= netstandard2.0)) (== net461) (== netstandard2.0)
      System.Runtime.CompilerServices.Unsafe (>= 4.5.2) - restriction: || (&& (== net40) (>= monoandroid)) (&& (== net40) (>= monotouch)) (&& (== net40) (>= net45)) (&& (== net40) (>= net461)) (&& (== net40) (>= netcoreapp2.0)) (&& (== net40) (>= netstandard1.1)) (&& (== net40) (>= netstandard2.0)) (&& (== net40) (>= portable-net45+win8+wpa81)) (&& (== net40) (>= uap10.1)) (&& (== net40) (>= win8)) (&& (== net40) (>= wpa81)) (&& (== net40) (>= xamarinios)) (&& (== net40) (>= xamarinmac)) (&& (== net40) (>= xamarintvos)) (&& (== net40) (>= xamarinwatchos)) (== net461) (== netstandard2.0)
    System.Numerics.Vectors (4.5) - restriction: || (&& (== net40) (>= net461) (>= uap10.1)) (&& (== net40) (>= netcoreapp2.0)) (&& (== net40) (>= netstandard2.0)) (&& (== net461) (< net45) (>= netstandard2.0)) (&& (== net461) (< net452) (>= netstandard2.0)) (&& (== net461) (< net46) (>= netstandard2.0)) (&& (== net461) (>= netcoreapp2.0)) (&& (== net461) (>= uap10.1)) (== netstandard2.0)
    System.Private.ServiceModel (4.7) - restriction: || (&& (== net40) (>= netcoreapp2.1)) (&& (== net40) (>= netstandard2.0)) (&& (== net461) (< net45) (>= netstandard2.0)) (&& (== net461) (>= netcoreapp2.1)) (== netstandard2.0)
      System.Reflection.DispatchProxy (>= 4.5) - restriction: || (&& (== net40) (>= netstandard2.0)) (&& (== net461) (>= netstandard2.0)) (== netstandard2.0)
      System.Security.Cryptography.Xml (>= 4.5) - restriction: || (&& (== net40) (>= netstandard2.0)) (&& (== net461) (>= netstandard2.0)) (== netstandard2.0)
      System.Security.Principal.Windows (>= 4.5) - restriction: || (&& (== net40) (>= netstandard2.0)) (&& (== net461) (>= netstandard2.0)) (== netstandard2.0)
    System.Reactive (4.2)
      System.Runtime.InteropServices.WindowsRuntime (>= 4.3) - restriction: || (&& (== net40) (>= netstandard2.0)) (&& (== net461) (< net46) (>= netstandard2.0)) (== netstandard2.0)
      System.Threading.Tasks.Extensions (>= 4.5.3) - restriction: || (&& (== net40) (>= net46)) (&& (== net40) (>= netstandard2.0)) (&& (== net40) (>= uap10.0)) (== net461) (== netstandard2.0)
      System.ValueTuple (>= 4.5) - restriction: || (&& (== net40) (>= net46)) (&& (== net40) (>= uap10.0)) (== net461) (&& (== netstandard2.0) (>= net46)) (&& (== netstandard2.0) (>= uap10.0))
    System.Reflection (4.3) - restriction: || (&& (== net40) (== net461)) (&& (== net40) (>= netstandard1.3)) (&& (== net461) (< net45)) (== netstandard2.0)
      Microsoft.NETCore.Platforms (>= 1.1) - restriction: || (&& (== net40) (>= netstandard1.0)) (&& (== net40) (>= netstandard1.3)) (&& (== net40) (>= netstandard1.5)) (&& (== net461) (< net45)) (== netstandard2.0)
      Microsoft.NETCore.Targets (>= 1.1) - restriction: || (&& (== net40) (>= netstandard1.0)) (&& (== net40) (>= netstandard1.3)) (&& (== net40) (>= netstandard1.5)) (&& (== net461) (< net45)) (== netstandard2.0)
      System.IO (>= 4.3) - restriction: || (&& (== net40) (>= netstandard1.0)) (&& (== net40) (>= netstandard1.3)) (&& (== net40) (>= netstandard1.5)) (&& (== net461) (< net45)) (== netstandard2.0)
      System.Reflection.Primitives (>= 4.3) - restriction: || (&& (== net40) (>= netstandard1.0)) (&& (== net40) (>= netstandard1.3)) (&& (== net40) (>= netstandard1.5)) (&& (== net461) (< net45)) (== netstandard2.0)
      System.Runtime (>= 4.3) - restriction: || (&& (== net40) (>= netstandard1.0)) (&& (== net40) (>= netstandard1.3)) (&& (== net40) (>= netstandard1.5)) (&& (== net461) (< net45)) (== netstandard2.0)
    System.Reflection.DispatchProxy (4.7) - restriction: || (&& (== net40) (>= netcoreapp2.1)) (&& (== net40) (>= netstandard2.0)) (&& (== net461) (< net45) (>= netstandard2.0)) (&& (== net461) (>= netcoreapp2.1)) (== netstandard2.0)
    System.Reflection.Emit (4.7)
      System.Reflection.Emit.ILGeneration (>= 4.7) - restriction: || (&& (== net40) (>= netstandard1.1)) (&& (== net40) (>= netstandard2.0)) (&& (== net40) (>= portable-net45+win8+wpa81)) (&& (== net40) (>= uap10.1)) (&& (== net40) (>= win8)) (&& (== net40) (>= wpa81)) (&& (== net461) (< net45)) (&& (== net461) (< netstandard1.1)) (&& (== net461) (>= uap10.1)) (&& (== net461) (>= wpa81)) (== netstandard2.0)
    System.Reflection.Emit.ILGeneration (4.7) - restriction: || (&& (== net40) (== net461)) (&& (== net40) (>= netstandard1.1)) (&& (== net40) (>= netstandard2.0)) (&& (== net40) (>= portable-net45+win8+wpa81)) (&& (== net40) (>= uap10.1)) (&& (== net40) (>= win8)) (&& (== net40) (>= wpa81)) (&& (== net461) (< net45)) (&& (== net461) (< netstandard1.1)) (&& (== net461) (>= uap10.1)) (&& (== net461) (>= wpa81)) (== netstandard2.0)
    System.Reflection.Emit.Lightweight (4.7) - restriction: || (&& (== net40) (>= netstandard2.0)) (&& (== net461) (>= netstandard2.0)) (== netstandard2.0)
      System.Reflection.Emit.ILGeneration (>= 4.7) - restriction: || (&& (== net40) (>= netstandard1.0)) (&& (== net40) (>= netstandard2.0)) (&& (== net40) (>= portable-net45+win8+wp8+wpa81)) (&& (== net40) (>= uap10.1)) (&& (== net40) (>= win8)) (&& (== net40) (>= wpa81)) (&& (== net461) (< net45)) (&& (== net461) (< portable-net45+wp8)) (&& (== net461) (>= uap10.1)) (&& (== net461) (>= wpa81)) (== netstandard2.0)
    System.Reflection.Extensions (4.3) - restriction: || (&& (== net40) (== net461)) (&& (== net40) (>= netcoreapp2.2)) (&& (== net40) (>= netstandard1.3)) (&& (== net40) (>= netstandard2.0)) (&& (== net461) (< net45)) (&& (== net461) (>= netcoreapp2.2)) (== netstandard2.0)
      Microsoft.NETCore.Platforms (>= 1.1) - restriction: || (&& (== net40) (>= netstandard1.0)) (&& (== net461) (< net45)) (== netstandard2.0)
      Microsoft.NETCore.Targets (>= 1.1) - restriction: || (&& (== net40) (>= netstandard1.0)) (&& (== net461) (< net45)) (== netstandard2.0)
      System.Reflection (>= 4.3) - restriction: || (&& (== net40) (>= netstandard1.0)) (&& (== net461) (< net45)) (== netstandard2.0)
      System.Runtime (>= 4.3) - restriction: || (&& (== net40) (>= netstandard1.0)) (&& (== net461) (< net45)) (== netstandard2.0)
    System.Reflection.Metadata (1.8) - restriction: || (&& (== net40) (>= netstandard2.0)) (&& (== net461) (< net452) (>= netstandard2.0)) (== netstandard2.0)
      System.Collections.Immutable (>= 1.7) - restriction: || (&& (== net40) (>= net45)) (&& (== net40) (>= netstandard1.1)) (&& (== net40) (>= netstandard2.0)) (&& (== net40) (>= portable-net45+win8+wpa81)) (&& (== net40) (>= win8)) (&& (== net40) (>= wpa81)) (== net461) (== netstandard2.0)
    System.Reflection.Primitives (4.3) - restriction: || (&& (== net40) (== net461)) (&& (== net40) (>= netcoreapp1.1)) (&& (== net40) (>= netstandard1.3)) (&& (== net40) (>= netstandard1.5)) (&& (== net461) (< net45)) (&& (== net461) (>= netcoreapp1.1)) (== netstandard2.0)
      Microsoft.NETCore.Platforms (>= 1.1) - restriction: || (&& (== net40) (>= netstandard1.0)) (&& (== net461) (< net45)) (== netstandard2.0)
      Microsoft.NETCore.Targets (>= 1.1) - restriction: || (&& (== net40) (>= netstandard1.0)) (&& (== net461) (< net45)) (== netstandard2.0)
      System.Runtime (>= 4.3) - restriction: || (&& (== net40) (>= netstandard1.0)) (&& (== net461) (< net45)) (== netstandard2.0)
    System.Reflection.TypeExtensions (4.7) - restriction: || (&& (== net40) (== net461)) (&& (== net40) (>= netcoreapp2.2)) (&& (== net40) (>= netstandard1.3)) (&& (== net40) (>= netstandard2.0)) (&& (== net461) (< net45)) (&& (== net461) (>= netcoreapp2.2)) (== netstandard2.0)
    System.Resources.Extensions (4.6)
      System.Memory (>= 4.5.3) - restriction: || (&& (== net40) (>= netstandard2.0)) (&& (== net461) (>= netstandard2.0)) (== netstandard2.0)
    System.Resources.ResourceManager (4.3) - restriction: || (&& (== net40) (== net461)) (&& (== net40) (>= netstandard1.3)) (&& (== net461) (< net45)) (== netstandard2.0)
      Microsoft.NETCore.Platforms (>= 1.1) - restriction: || (&& (== net40) (>= netstandard1.0)) (&& (== net461) (< net45)) (== netstandard2.0)
      Microsoft.NETCore.Targets (>= 1.1) - restriction: || (&& (== net40) (>= netstandard1.0)) (&& (== net461) (< net45)) (== netstandard2.0)
      System.Globalization (>= 4.3) - restriction: || (&& (== net40) (>= netstandard1.0)) (&& (== net461) (< net45)) (== netstandard2.0)
      System.Reflection (>= 4.3) - restriction: || (&& (== net40) (>= netstandard1.0)) (&& (== net461) (< net45)) (== netstandard2.0)
      System.Runtime (>= 4.3) - restriction: || (&& (== net40) (>= netstandard1.0)) (&& (== net461) (< net45)) (== netstandard2.0)
    System.Runtime (4.3.1) - restriction: || (&& (== net40) (== net461)) (&& (== net40) (>= netstandard1.1)) (&& (== net40) (>= netstandard1.3)) (&& (== net40) (>= netstandard1.5)) (&& (== net461) (< net45)) (== netstandard2.0)
      Microsoft.NETCore.Platforms (>= 1.1.1) - restriction: || (&& (== net40) (>= netstandard1.0)) (&& (== net40) (>= netstandard1.2)) (&& (== net40) (>= netstandard1.3)) (&& (== net40) (>= netstandard1.5)) (&& (== net461) (< net45)) (== netstandard2.0)
      Microsoft.NETCore.Targets (>= 1.1.3) - restriction: || (&& (== net40) (>= netstandard1.0)) (&& (== net40) (>= netstandard1.2)) (&& (== net40) (>= netstandard1.3)) (&& (== net40) (>= netstandard1.5)) (&& (== net461) (< net45)) (== netstandard2.0)
    System.Runtime.CompilerServices.Unsafe (4.7)
    System.Runtime.Extensions (4.3.1) - restriction: || (&& (== net40) (== net461)) (&& (== net40) (>= netstandard1.3)) (&& (== net40) (>= netstandard1.6)) (&& (== net461) (< net45)) (== netstandard2.0)
      Microsoft.NETCore.Platforms (>= 1.1.1) - restriction: || (&& (== net40) (>= netstandard1.0)) (&& (== net40) (>= netstandard1.3)) (&& (== net40) (>= netstandard1.5)) (&& (== net461) (< net45)) (== netstandard2.0)
      Microsoft.NETCore.Targets (>= 1.1.3) - restriction: || (&& (== net40) (>= netstandard1.0)) (&& (== net40) (>= netstandard1.3)) (&& (== net40) (>= netstandard1.5)) (&& (== net461) (< net45)) (== netstandard2.0)
      System.Runtime (>= 4.3.1) - restriction: || (&& (== net40) (>= netstandard1.0)) (&& (== net40) (>= netstandard1.3)) (&& (== net40) (>= netstandard1.5)) (&& (== net461) (< net45)) (== netstandard2.0)
    System.Runtime.Handles (4.3) - restriction: || (&& (== net40) (== net461)) (&& (== net40) (>= netstandard1.3)) (&& (== net461) (< net45)) (== netstandard2.0)
      Microsoft.NETCore.Platforms (>= 1.1) - restriction: || (&& (== net40) (>= netstandard1.3)) (&& (== net461) (< net46)) (== netstandard2.0)
      Microsoft.NETCore.Targets (>= 1.1) - restriction: || (&& (== net40) (>= netstandard1.3)) (&& (== net461) (< net46)) (== netstandard2.0)
      System.Runtime (>= 4.3) - restriction: || (&& (== net40) (>= netstandard1.3)) (&& (== net461) (< net46)) (== netstandard2.0)
    System.Runtime.InteropServices (4.3) - restriction: || (&& (== net40) (== net461)) (&& (== net40) (>= netstandard1.3)) (&& (== net461) (< net45)) (== netstandard2.0)
      Microsoft.NETCore.Platforms (>= 1.1) - restriction: || (&& (== net40) (>= netcoreapp1.1)) (&& (== net40) (>= netstandard1.1)) (&& (== net40) (>= netstandard1.2)) (&& (== net40) (>= netstandard1.3)) (&& (== net40) (>= netstandard1.5)) (&& (== net461) (< net45)) (&& (== net461) (>= netcoreapp1.1)) (== netstandard2.0)
      Microsoft.NETCore.Targets (>= 1.1) - restriction: || (&& (== net40) (>= netcoreapp1.1)) (&& (== net40) (>= netstandard1.1)) (&& (== net40) (>= netstandard1.2)) (&& (== net40) (>= netstandard1.3)) (&& (== net40) (>= netstandard1.5)) (&& (== net461) (< net45)) (&& (== net461) (>= netcoreapp1.1)) (== netstandard2.0)
      System.Reflection (>= 4.3) - restriction: || (&& (== net40) (>= netcoreapp1.1)) (&& (== net40) (>= netstandard1.1)) (&& (== net40) (>= netstandard1.2)) (&& (== net40) (>= netstandard1.3)) (&& (== net40) (>= netstandard1.5)) (&& (== net461) (< net45)) (&& (== net461) (>= netcoreapp1.1)) (== netstandard2.0)
      System.Reflection.Primitives (>= 4.3) - restriction: || (&& (== net40) (>= netcoreapp1.1)) (&& (== net40) (>= netstandard1.1)) (&& (== net40) (>= netstandard1.2)) (&& (== net40) (>= netstandard1.3)) (&& (== net40) (>= netstandard1.5)) (&& (== net461) (< net45)) (&& (== net461) (>= netcoreapp1.1)) (== netstandard2.0)
      System.Runtime (>= 4.3) - restriction: || (&& (== net40) (>= net462)) (&& (== net40) (>= netcoreapp1.1)) (&& (== net40) (>= netstandard1.1)) (&& (== net40) (>= netstandard1.2)) (&& (== net40) (>= netstandard1.3)) (&& (== net40) (>= netstandard1.5)) (&& (== net461) (< net45)) (&& (== net461) (>= net462)) (&& (== net461) (>= netcoreapp1.1)) (== netstandard2.0)
      System.Runtime.Handles (>= 4.3) - restriction: || (&& (== net40) (>= netcoreapp1.1)) (&& (== net40) (>= netstandard1.3)) (&& (== net40) (>= netstandard1.5)) (&& (== net461) (< net45)) (&& (== net461) (>= netcoreapp1.1)) (== netstandard2.0)
    System.Runtime.InteropServices.RuntimeInformation (4.3) - restriction: || (&& (== net40) (== net461)) (&& (== net40) (>= netcoreapp2.2)) (&& (== net40) (>= netstandard1.3)) (&& (== net40) (>= netstandard2.0)) (&& (== net461) (< net45)) (&& (== net461) (>= netcoreapp2.2)) (== netstandard2.0)
      runtime.native.System (>= 4.3) - restriction: || (&& (== net40) (>= netstandard1.1)) (&& (== net461) (< net45)) (== netstandard2.0)
      System.Reflection (>= 4.3) - restriction: || (&& (== net40) (>= netstandard1.1)) (&& (== net461) (< net45)) (== netstandard2.0)
      System.Reflection.Extensions (>= 4.3) - restriction: || (&& (== net40) (>= netstandard1.1)) (&& (== net461) (< net45)) (== netstandard2.0)
      System.Resources.ResourceManager (>= 4.3) - restriction: || (&& (== net40) (>= netstandard1.1)) (&& (== net461) (< net45)) (== netstandard2.0)
      System.Runtime (>= 4.3) - restriction: || (&& (== net40) (>= netstandard1.1)) (&& (== net461) (< net45)) (== netstandard2.0)
      System.Runtime.InteropServices (>= 4.3) - restriction: || (&& (== net40) (>= netstandard1.1)) (&& (== net461) (< net45)) (== netstandard2.0)
      System.Threading (>= 4.3) - restriction: || (&& (== net40) (>= netstandard1.1)) (&& (== net461) (< net45)) (== netstandard2.0)
    System.Runtime.InteropServices.WindowsRuntime (4.3) - restriction: || (&& (== net40) (>= netstandard2.0)) (&& (== net461) (< net46) (>= netstandard2.0)) (== netstandard2.0)
      System.Runtime (>= 4.3) - restriction: || (&& (== net40) (>= netstandard1.0)) (&& (== net461) (< net45)) (== netstandard2.0)
    System.Runtime.Serialization.Primitives (4.3) - restriction: || (&& (== net40) (>= netstandard2.0)) (&& (== net461) (>= netstandard2.0)) (== netstandard2.0)
      System.Resources.ResourceManager (>= 4.3) - restriction: || (&& (== net40) (>= netstandard1.3)) (&& (== net461) (< net45)) (== netstandard2.0)
      System.Runtime (>= 4.3) - restriction: || (&& (== net40) (>= netstandard1.0)) (&& (== net40) (>= netstandard1.3)) (&& (== net461) (< net45)) (== netstandard2.0)
    System.Security.AccessControl (4.7) - restriction: || (&& (== net40) (>= monoandroid)) (&& (== net40) (>= monotouch)) (&& (== net40) (>= net461)) (&& (== net40) (>= netcoreapp2.0)) (&& (== net40) (>= netstandard2.0)) (&& (== net40) (>= xamarinios)) (&& (== net40) (>= xamarinmac)) (&& (== net40) (>= xamarintvos)) (&& (== net40) (>= xamarinwatchos)) (== net461) (== netstandard2.0)
      System.Security.Principal.Windows (>= 4.7) - restriction: || (&& (== net40) (>= net46)) (&& (== net40) (>= net461)) (&& (== net40) (>= netcoreapp2.0)) (&& (== net40) (>= netstandard1.3)) (&& (== net40) (>= netstandard2.0)) (== net461) (== netstandard2.0)
    System.Security.Cryptography.Cng (4.7) - restriction: || (&& (== net40) (>= netcoreapp2.0)) (&& (== net40) (>= netcoreapp2.1)) (&& (== net40) (>= netcoreapp3.0)) (&& (== net40) (>= netstandard2.0)) (&& (== net40) (>= netstandard2.1)) (&& (== net461) (< net452) (>= netstandard2.0)) (&& (== net461) (>= netcoreapp2.0)) (&& (== net461) (>= netcoreapp2.1)) (&& (== net461) (>= netcoreapp3.0)) (&& (== net461) (>= netstandard2.1)) (== netstandard2.0)
    System.Security.Cryptography.Pkcs (4.7) - restriction: || (&& (== net40) (>= netcoreapp2.1)) (&& (== net40) (>= netstandard2.0)) (&& (== net461) (< net45) (>= netstandard2.0)) (&& (== net461) (< net452) (>= netstandard2.0)) (&& (== net461) (>= netcoreapp2.1)) (== netstandard2.0)
      System.Buffers (>= 4.5) - restriction: || (&& (== net40) (>= netstandard2.0)) (&& (== net461) (< net46) (>= netstandard2.0)) (== netstandard2.0)
      System.Memory (>= 4.5.3) - restriction: || (&& (== net40) (>= netcoreapp2.0)) (&& (== net40) (>= netstandard2.0)) (&& (== net40) (>= uap10.1)) (&& (== net461) (< net46) (>= netstandard2.0)) (&& (== net461) (>= netcoreapp2.0)) (&& (== net461) (>= uap10.1)) (== netstandard2.0)
      System.Security.Cryptography.Cng (>= 4.7) - restriction: || (&& (== net40) (>= netcoreapp2.0)) (&& (== net40) (>= netcoreapp2.1)) (&& (== net40) (>= netcoreapp3.0)) (&& (== net40) (>= netstandard2.0)) (&& (== net40) (>= netstandard2.1)) (&& (== net461) (< net46) (>= netstandard2.0)) (&& (== net461) (>= netcoreapp2.0)) (&& (== net461) (>= netcoreapp2.1)) (&& (== net461) (>= netcoreapp3.0)) (&& (== net461) (>= netstandard2.1)) (== netstandard2.0)
    System.Security.Cryptography.ProtectedData (4.7) - restriction: || (&& (== net40) (>= netstandard2.0)) (== netstandard2.0)
      System.Memory (>= 4.5.3) - restriction: || (&& (== net40) (>= netstandard2.0)) (&& (== net461) (< net46) (>= netstandard2.0)) (== netstandard2.0)
    System.Security.Cryptography.Xml (4.7) - restriction: || (&& (== net40) (>= netcoreapp2.1)) (&& (== net40) (>= netstandard2.0)) (&& (== net461) (< net45) (>= netstandard2.0)) (&& (== net461) (>= netcoreapp2.1)) (== netstandard2.0)
      System.Security.Cryptography.Pkcs (>= 4.7) - restriction: || (&& (== net40) (>= netstandard2.0)) (== netstandard2.0)
      System.Security.Permissions (>= 4.7) - restriction: || (&& (== net40) (>= net461)) (&& (== net40) (>= netstandard2.0)) (== net461) (== netstandard2.0)
    System.Security.Permissions (4.7) - restriction: || (&& (== net40) (>= monoandroid)) (&& (== net40) (>= monotouch)) (&& (== net40) (>= net461)) (&& (== net40) (>= netcoreapp2.1)) (&& (== net40) (>= netstandard2.0)) (&& (== net40) (>= xamarintvos)) (&& (== net40) (>= xamarinwatchos)) (== net461) (== netstandard2.0)
      System.Security.AccessControl (>= 4.7) - restriction: || (&& (== net40) (>= net461)) (&& (== net40) (>= netstandard2.0)) (== net461) (== netstandard2.0)
    System.Security.Principal.Windows (4.7) - restriction: || (&& (== net40) (>= monoandroid)) (&& (== net40) (>= monotouch)) (&& (== net40) (>= net461)) (&& (== net40) (>= netcoreapp2.0)) (&& (== net40) (>= netstandard2.0)) (&& (== net40) (>= xamarinios)) (&& (== net40) (>= xamarinmac)) (&& (== net40) (>= xamarintvos)) (&& (== net40) (>= xamarinwatchos)) (== net461) (== netstandard2.0)
    System.ServiceModel.Http (4.7) - restriction: || (&& (== net40) (>= netstandard2.0)) (&& (== net461) (< net452) (>= netstandard2.0)) (== netstandard2.0)
      System.Private.ServiceModel (>= 4.7) - restriction: || (&& (== net40) (>= netstandard2.0)) (&& (== net461) (< net45) (>= netstandard2.0)) (== netstandard2.0)
      System.ServiceModel.Primitives (>= 4.7) - restriction: || (&& (== net40) (>= net461)) (&& (== net40) (>= netstandard2.0)) (== net461) (== netstandard2.0)
    System.ServiceModel.Primitives (4.7) - restriction: || (&& (== net40) (>= netstandard2.0)) (&& (== net461) (< net45) (>= netstandard2.0)) (&& (== net461) (< net452) (>= netstandard2.0)) (== netstandard2.0)
      System.Private.ServiceModel (>= 4.7) - restriction: || (&& (== net40) (>= netcoreapp2.1)) (&& (== net40) (>= netstandard2.0)) (&& (== net461) (< net45) (>= netstandard2.0)) (&& (== net461) (>= netcoreapp2.1)) (== netstandard2.0)
    System.ServiceProcess.ServiceController (4.7) - restriction: || (&& (== net40) (>= netstandard2.0)) (&& (== net461) (< net452) (>= netstandard2.0)) (== netstandard2.0)
      System.Buffers (>= 4.5) - restriction: || (&& (== net40) (>= monoandroid)) (&& (== net40) (>= monotouch)) (&& (== net40) (>= netstandard2.0)) (&& (== net40) (>= xamarinios)) (&& (== net40) (>= xamarinmac)) (&& (== net40) (>= xamarintvos)) (&& (== net40) (>= xamarinwatchos)) (&& (== net461) (>= monoandroid)) (&& (== net461) (>= monotouch)) (&& (== net461) (>= xamarinios)) (&& (== net461) (>= xamarinmac)) (&& (== net461) (>= xamarintvos)) (&& (== net461) (>= xamarinwatchos)) (== netstandard2.0)
      System.Diagnostics.EventLog (>= 4.7) - restriction: || (&& (== net40) (>= monoandroid)) (&& (== net40) (>= monotouch)) (&& (== net40) (>= net461)) (&& (== net40) (>= netstandard2.0)) (&& (== net40) (>= uap10.1)) (&& (== net40) (>= xamarintvos)) (&& (== net40) (>= xamarinwatchos)) (== net461) (== netstandard2.0)
      System.Memory (>= 4.5.3) - restriction: || (&& (== net40) (>= netcoreapp2.0)) (&& (== net40) (>= netstandard2.0)) (&& (== net40) (>= uap10.1)) (&& (== net461) (>= netcoreapp2.0)) (&& (== net461) (>= uap10.1)) (== netstandard2.0)
    System.Text.Encoding (4.3) - restriction: || (&& (== net40) (== net461)) (&& (== net40) (>= netstandard1.1)) (&& (== net40) (>= netstandard1.3)) (&& (== net461) (< net45)) (== netstandard2.0)
      Microsoft.NETCore.Platforms (>= 1.1) - restriction: || (&& (== net40) (>= netstandard1.0)) (&& (== net40) (>= netstandard1.3)) (&& (== net461) (< net45)) (== netstandard2.0)
      Microsoft.NETCore.Targets (>= 1.1) - restriction: || (&& (== net40) (>= netstandard1.0)) (&& (== net40) (>= netstandard1.3)) (&& (== net461) (< net45)) (== netstandard2.0)
      System.Runtime (>= 4.3) - restriction: || (&& (== net40) (>= netstandard1.0)) (&& (== net40) (>= netstandard1.3)) (&& (== net461) (< net45)) (== netstandard2.0)
    System.Text.Encoding.CodePages (4.7) - restriction: || (&& (== net40) (>= netcoreapp2.0)) (&& (== net40) (>= netcoreapp2.1)) (&& (== net40) (>= netstandard2.0)) (&& (== net461) (< net451) (>= netstandard2.0)) (&& (== net461) (>= netcoreapp2.0)) (&& (== net461) (>= netcoreapp2.1)) (&& (== net461) (>= netstandard2.0) (>= uap10.1)) (== netstandard2.0)
      System.Runtime.CompilerServices.Unsafe (>= 4.7) - restriction: || (&& (== net40) (>= net461)) (&& (== net40) (>= netcoreapp2.0)) (&& (== net40) (>= netstandard2.0)) (== net461) (== netstandard2.0)
    System.Text.Encoding.Extensions (4.3) - restriction: || (&& (== net40) (== net461)) (&& (== net40) (>= netstandard1.3)) (&& (== net461) (< net45)) (== netstandard2.0)
      Microsoft.NETCore.Platforms (>= 1.1) - restriction: || (&& (== net40) (>= netstandard1.0)) (&& (== net40) (>= netstandard1.3)) (&& (== net461) (< net45)) (== netstandard2.0)
      Microsoft.NETCore.Targets (>= 1.1) - restriction: || (&& (== net40) (>= netstandard1.0)) (&& (== net40) (>= netstandard1.3)) (&& (== net461) (< net45)) (== netstandard2.0)
      System.Runtime (>= 4.3) - restriction: || (&& (== net40) (>= netstandard1.0)) (&& (== net40) (>= netstandard1.3)) (&& (== net461) (< net45)) (== netstandard2.0)
      System.Text.Encoding (>= 4.3) - restriction: || (&& (== net40) (>= netstandard1.0)) (&& (== net40) (>= netstandard1.3)) (&& (== net461) (< net45)) (== netstandard2.0)
    System.Text.Encodings.Web (4.7) - restriction: || (&& (== net40) (>= netcoreapp2.0)) (&& (== net40) (>= netcoreapp2.1)) (&& (== net40) (>= netcoreapp3.0)) (&& (== net40) (>= netstandard2.0)) (&& (== net40) (>= xamarinios)) (&& (== net40) (>= xamarinmac)) (&& (== net461) (>= monoandroid) (>= netstandard2.0)) (&& (== net461) (>= monotouch) (>= netstandard2.0)) (&& (== net461) (< net452) (>= netstandard2.0)) (&& (== net461) (>= netcoreapp2.0)) (&& (== net461) (>= netcoreapp2.1)) (&& (== net461) (>= netcoreapp3.0)) (&& (== net461) (>= netstandard2.0) (>= uap10.1)) (&& (== net461) (>= netstandard2.0) (>= xamarintvos)) (&& (== net461) (>= netstandard2.0) (>= xamarinwatchos)) (&& (== net461) (>= xamarinios)) (&& (== net461) (>= xamarinmac)) (== netstandard2.0)
      System.Memory (>= 4.5.3) - restriction: || (&& (== net40) (>= net461)) (&& (== net40) (>= netstandard2.0)) (&& (== net40) (>= uap10.1)) (== net461) (== netstandard2.0)
    System.Text.Json (4.7) - restriction: || (&& (== net40) (>= netstandard2.0)) (&& (== net461) (< net452) (>= netstandard2.0)) (== netstandard2.0)
      Microsoft.Bcl.AsyncInterfaces (>= 1.1) - restriction: || (&& (== net40) (>= monoandroid)) (&& (== net40) (>= monotouch)) (&& (== net40) (>= net461)) (&& (== net40) (>= netcoreapp2.0)) (&& (== net40) (>= netcoreapp2.1)) (&& (== net40) (>= netstandard2.0)) (&& (== net40) (>= uap10.1)) (&& (== net40) (>= xamarinios)) (&& (== net40) (>= xamarinmac)) (&& (== net40) (>= xamarintvos)) (&& (== net40) (>= xamarinwatchos)) (== net461) (== netstandard2.0)
      System.Buffers (>= 4.5) - restriction: || (&& (== net40) (>= monoandroid)) (&& (== net40) (>= monotouch)) (&& (== net40) (>= net461)) (&& (== net40) (>= netstandard2.0)) (&& (== net40) (>= xamarinios)) (&& (== net40) (>= xamarinmac)) (&& (== net40) (>= xamarintvos)) (&& (== net40) (>= xamarinwatchos)) (== net461) (== netstandard2.0)
      System.Memory (>= 4.5.3) - restriction: || (&& (== net40) (>= net461)) (&& (== net40) (>= netcoreapp2.0)) (&& (== net40) (>= netstandard2.0)) (&& (== net40) (>= uap10.1)) (== net461) (== netstandard2.0)
      System.Numerics.Vectors (>= 4.5) - restriction: || (&& (== net40) (>= net461)) (&& (== net40) (>= netstandard2.0)) (== net461) (== netstandard2.0)
      System.Runtime.CompilerServices.Unsafe (>= 4.7) - restriction: || (&& (== net40) (>= monoandroid)) (&& (== net40) (>= monotouch)) (&& (== net40) (>= net461)) (&& (== net40) (>= netcoreapp2.0)) (&& (== net40) (>= netcoreapp2.1)) (&& (== net40) (>= netcoreapp3.0)) (&& (== net40) (>= netstandard2.0)) (&& (== net40) (>= uap10.1)) (&& (== net40) (>= xamarinios)) (&& (== net40) (>= xamarinmac)) (&& (== net40) (>= xamarintvos)) (&& (== net40) (>= xamarinwatchos)) (== net461) (== netstandard2.0)
      System.Text.Encodings.Web (>= 4.7) - restriction: || (&& (== net40) (>= monoandroid)) (&& (== net40) (>= monotouch)) (&& (== net40) (>= net461)) (&& (== net40) (>= netcoreapp2.0)) (&& (== net40) (>= netcoreapp2.1)) (&& (== net40) (>= netcoreapp3.0)) (&& (== net40) (>= netstandard2.0)) (&& (== net40) (>= uap10.1)) (&& (== net40) (>= xamarinios)) (&& (== net40) (>= xamarinmac)) (&& (== net40) (>= xamarintvos)) (&& (== net40) (>= xamarinwatchos)) (== net461) (== netstandard2.0)
      System.Threading.Tasks.Extensions (>= 4.5.2) - restriction: || (&& (== net40) (>= net461)) (&& (== net40) (>= netcoreapp2.0)) (&& (== net40) (>= netstandard2.0)) (&& (== net40) (>= uap10.1)) (== net461) (== netstandard2.0)
    System.Text.RegularExpressions (4.3.1) - restriction: || (&& (== net40) (== net461)) (&& (== net40) (>= netstandard1.3)) (&& (== net461) (< net45)) (== netstandard2.0)
      System.Collections (>= 4.3) - restriction: || (&& (== net40) (>= netstandard1.6)) (&& (== net461) (< net45) (>= netstandard1.6)) (== netstandard2.0)
      System.Globalization (>= 4.3) - restriction: || (&& (== net40) (>= netstandard1.6)) (&& (== net461) (< net45) (>= netstandard1.6)) (== netstandard2.0)
      System.Resources.ResourceManager (>= 4.3) - restriction: || (&& (== net40) (>= netstandard1.6)) (&& (== net461) (< net45) (>= netstandard1.6)) (== netstandard2.0)
      System.Runtime (>= 4.3.1) - restriction: || (&& (== net40) (>= netcoreapp1.1)) (&& (== net40) (>= netstandard1.0)) (&& (== net40) (>= netstandard1.3)) (&& (== net40) (>= netstandard1.6)) (&& (== net461) (< net45)) (&& (== net461) (>= netcoreapp1.1)) (== netstandard2.0)
      System.Runtime.Extensions (>= 4.3.1) - restriction: || (&& (== net40) (>= netstandard1.6)) (&& (== net461) (< net45) (>= netstandard1.6)) (== netstandard2.0)
      System.Threading (>= 4.3) - restriction: || (&& (== net40) (>= netstandard1.6)) (&& (== net461) (< net45) (>= netstandard1.6)) (== netstandard2.0)
    System.Threading (4.3) - restriction: || (&& (== net40) (== net461)) (&& (== net40) (>= netstandard1.3)) (&& (== net461) (< net45)) (== netstandard2.0)
      System.Runtime (>= 4.3) - restriction: || (&& (== net40) (>= netstandard1.0)) (&& (== net40) (>= netstandard1.3)) (&& (== net461) (< net45)) (== netstandard2.0)
      System.Threading.Tasks (>= 4.3) - restriction: || (&& (== net40) (>= netstandard1.0)) (&& (== net40) (>= netstandard1.3)) (&& (== net461) (< net45)) (== netstandard2.0)
    System.Threading.Tasks (4.3) - restriction: || (&& (== net40) (== net461)) (&& (== net40) (>= netstandard1.3)) (&& (== net461) (< net45)) (== netstandard2.0)
      Microsoft.NETCore.Platforms (>= 1.1) - restriction: || (&& (== net40) (>= netstandard1.0)) (&& (== net40) (>= netstandard1.3)) (&& (== net461) (< net45)) (== netstandard2.0)
      Microsoft.NETCore.Targets (>= 1.1) - restriction: || (&& (== net40) (>= netstandard1.0)) (&& (== net40) (>= netstandard1.3)) (&& (== net461) (< net45)) (== netstandard2.0)
      System.Runtime (>= 4.3) - restriction: || (&& (== net40) (>= netstandard1.0)) (&& (== net40) (>= netstandard1.3)) (&& (== net461) (< net45)) (== netstandard2.0)
    System.Threading.Tasks.Extensions (4.5.3)
      System.Runtime.CompilerServices.Unsafe (>= 4.5.2) - restriction: || (&& (== net40) (>= net45)) (&& (== net40) (>= netstandard1.0)) (&& (== net40) (>= netstandard2.0)) (&& (== net40) (>= portable-net45+win8+wp8+wpa81)) (&& (== net40) (>= win8)) (&& (== net40) (>= wp8)) (&& (== net40) (>= wpa81)) (== net461) (== netstandard2.0)
    System.Threading.Tasks.Parallel (4.3) - restriction: || (&& (== net40) (>= netstandard2.0)) (&& (== net461) (>= netstandard2.0)) (== netstandard2.0)
      System.Collections.Concurrent (>= 4.3) - restriction: || (&& (== net40) (>= netstandard1.1)) (&& (== net40) (>= netstandard1.3)) (&& (== net461) (< net45)) (== netstandard2.0)
      System.Diagnostics.Debug (>= 4.3) - restriction: || (&& (== net40) (>= netstandard1.3)) (&& (== net461) (< net45)) (== netstandard2.0)
      System.Diagnostics.Tracing (>= 4.3) - restriction: || (&& (== net40) (>= netstandard1.3)) (&& (== net461) (< net45)) (== netstandard2.0)
      System.Resources.ResourceManager (>= 4.3) - restriction: || (&& (== net40) (>= netstandard1.3)) (&& (== net461) (< net45)) (== netstandard2.0)
      System.Runtime (>= 4.3) - restriction: || (&& (== net40) (>= netstandard1.1)) (&& (== net40) (>= netstandard1.3)) (&& (== net461) (< net45)) (== netstandard2.0)
      System.Runtime.Extensions (>= 4.3) - restriction: || (&& (== net40) (>= netstandard1.3)) (&& (== net461) (< net45)) (== netstandard2.0)
      System.Threading (>= 4.3) - restriction: || (&& (== net40) (>= netstandard1.3)) (&& (== net461) (< net45)) (== netstandard2.0)
      System.Threading.Tasks (>= 4.3) - restriction: || (&& (== net40) (>= netstandard1.1)) (&& (== net40) (>= netstandard1.3)) (&& (== net461) (< net45)) (== netstandard2.0)
    System.ValueTuple (4.5)
    System.Xml.ReaderWriter (4.3.1) - restriction: || (&& (== net40) (== net461)) (&& (== net40) (>= netstandard1.0)) (&& (== net40) (>= netstandard1.3)) (&& (== net461) (< net45)) (== netstandard2.0)
      System.Collections (>= 4.3) - restriction: || (&& (== net40) (>= netstandard1.3)) (&& (== net461) (< net45)) (== netstandard2.0)
      System.Diagnostics.Debug (>= 4.3) - restriction: || (&& (== net40) (>= netstandard1.3)) (&& (== net461) (< net45)) (== netstandard2.0)
      System.Globalization (>= 4.3) - restriction: || (&& (== net40) (>= netstandard1.3)) (&& (== net461) (< net45)) (== netstandard2.0)
      System.IO (>= 4.3) - restriction: || (&& (== net40) (>= netstandard1.0)) (&& (== net40) (>= netstandard1.3)) (&& (== net461) (< net45)) (== netstandard2.0)
      System.IO.FileSystem (>= 4.3) - restriction: || (&& (== net40) (>= netstandard1.3)) (&& (== net461) (< net45)) (== netstandard2.0)
      System.IO.FileSystem.Primitives (>= 4.3) - restriction: || (&& (== net40) (>= netstandard1.3)) (&& (== net461) (< net45)) (== netstandard2.0)
      System.Resources.ResourceManager (>= 4.3) - restriction: || (&& (== net40) (>= netstandard1.3)) (&& (== net461) (< net45)) (== netstandard2.0)
      System.Runtime (>= 4.3) - restriction: || (&& (== net40) (>= netstandard1.0)) (&& (== net40) (>= netstandard1.3)) (&& (== net461) (< net45)) (== netstandard2.0)
      System.Runtime.Extensions (>= 4.3) - restriction: || (&& (== net40) (>= netstandard1.3)) (&& (== net461) (< net45)) (== netstandard2.0)
      System.Runtime.InteropServices (>= 4.3) - restriction: || (&& (== net40) (>= netstandard1.3)) (&& (== net461) (< net45)) (== netstandard2.0)
      System.Text.Encoding (>= 4.3) - restriction: || (&& (== net40) (>= netstandard1.0)) (&& (== net40) (>= netstandard1.3)) (&& (== net461) (< net45)) (== netstandard2.0)
      System.Text.Encoding.Extensions (>= 4.3) - restriction: || (&& (== net40) (>= netstandard1.3)) (&& (== net461) (< net45)) (== netstandard2.0)
      System.Text.RegularExpressions (>= 4.3) - restriction: || (&& (== net40) (>= netstandard1.3)) (&& (== net461) (< net45)) (== netstandard2.0)
      System.Threading.Tasks (>= 4.3) - restriction: || (&& (== net40) (>= netstandard1.0)) (&& (== net40) (>= netstandard1.3)) (&& (== net461) (< net45)) (== netstandard2.0)
      System.Threading.Tasks.Extensions (>= 4.3) - restriction: || (&& (== net40) (>= netstandard1.3)) (&& (== net461) (< net45)) (== netstandard2.0)
    System.Xml.XDocument (4.3)
      System.Collections (>= 4.3) - restriction: || (&& (== net40) (>= netstandard1.3)) (&& (== net461) (< net45)) (== netstandard2.0)
      System.Diagnostics.Debug (>= 4.3) - restriction: || (&& (== net40) (>= netstandard1.3)) (&& (== net461) (< net45)) (== netstandard2.0)
      System.Diagnostics.Tools (>= 4.3) - restriction: || (&& (== net40) (>= netstandard1.3)) (&& (== net461) (< net45)) (== netstandard2.0)
      System.Globalization (>= 4.3) - restriction: || (&& (== net40) (>= netstandard1.3)) (&& (== net461) (< net45)) (== netstandard2.0)
      System.IO (>= 4.3) - restriction: || (&& (== net40) (>= netstandard1.0)) (&& (== net40) (>= netstandard1.3)) (&& (== net461) (< net45)) (== netstandard2.0)
      System.Reflection (>= 4.3) - restriction: || (&& (== net40) (>= netstandard1.3)) (&& (== net461) (< net45)) (== netstandard2.0)
      System.Resources.ResourceManager (>= 4.3) - restriction: || (&& (== net40) (>= netstandard1.3)) (&& (== net461) (< net45)) (== netstandard2.0)
      System.Runtime (>= 4.3) - restriction: || (&& (== net40) (>= netstandard1.0)) (&& (== net40) (>= netstandard1.3)) (&& (== net461) (< net45)) (== netstandard2.0)
      System.Runtime.Extensions (>= 4.3) - restriction: || (&& (== net40) (>= netstandard1.3)) (&& (== net461) (< net45)) (== netstandard2.0)
      System.Text.Encoding (>= 4.3) - restriction: || (&& (== net40) (>= netstandard1.3)) (&& (== net461) (< net45)) (== netstandard2.0)
      System.Threading (>= 4.3) - restriction: || (&& (== net40) (>= netstandard1.3)) (&& (== net461) (< net45)) (== netstandard2.0)
      System.Xml.ReaderWriter (>= 4.3) - restriction: || (&& (== net40) (>= netstandard1.0)) (&& (== net40) (>= netstandard1.3)) (&& (== net461) (< net45)) (== netstandard2.0)
    Topshelf (3.1.4)
    Unofficial.Microsoft.mshtml (7.0.3300)
    WindowsBase (4.6.1055)
    Xpand.Collections (1.0.1)
    Xpand.Patcher (1.0.1)
  remote: C:\Program Files (x86)\DevExpress 19.2\Components\System\Components\Packages
    DevExpress.Charts (19.2.4) - restriction: || (&& (== net40) (>= net452)) (&& (== net40) (>= netstandard2.0)) (== net461) (== netstandard2.0)
      DevExpress.Charts.Core (19.2.4) - restriction: || (&& (== net40) (>= net452)) (&& (== net40) (>= netstandard2.0)) (== net461) (== netstandard2.0)
      DevExpress.Data (19.2.4) - restriction: || (&& (== net40) (>= net452)) (&& (== net40) (>= netstandard2.0)) (== net461) (== netstandard2.0)
      DevExpress.Printing.Core (19.2.4) - restriction: || (&& (== net40) (>= net452)) (&& (== net40) (>= netstandard2.0)) (== net461) (== netstandard2.0)
      NETStandard.Library (>= 2.0.3) - restriction: || (&& (== net40) (>= netstandard2.0)) (&& (== net461) (< net452) (>= netstandard2.0)) (== netstandard2.0)
      System.Drawing.Common (>= 4.5) - restriction: || (&& (== net40) (>= netstandard2.0)) (&& (== net461) (< net452) (>= netstandard2.0)) (== netstandard2.0)
    DevExpress.Charts.Core (19.2.4) - restriction: || (&& (== net40) (>= net452)) (&& (== net40) (>= netstandard2.0)) (== net461) (== netstandard2.0)
      DevExpress.Data (19.2.4) - restriction: || (&& (== net40) (>= net452)) (&& (== net40) (>= netstandard2.0)) (== net461) (== netstandard2.0)
      NETStandard.Library (>= 2.0.3) - restriction: || (&& (== net40) (>= netstandard2.0)) (&& (== net461) (< net452) (>= netstandard2.0)) (== netstandard2.0)
    DevExpress.CodeParser (19.2.4) - restriction: || (&& (== net40) (>= net452)) (&& (== net40) (>= netstandard2.0)) (== net461) (== netstandard2.0)
      DevExpress.Data (19.2.4) - restriction: || (&& (== net40) (>= net452)) (&& (== net40) (>= netstandard2.0)) (== net461) (== netstandard2.0)
    DevExpress.Dashboard.Core (19.2.4) - restriction: || (&& (== net40) (>= net452)) (== net461) (&& (== netstandard2.0) (>= net452))
      DevExpress.Charts (19.2.4) - restriction: || (&& (== net40) (>= net452)) (&& (== net40) (>= netstandard2.0)) (== net461) (== netstandard2.0)
      DevExpress.Charts.Core (19.2.4) - restriction: || (&& (== net40) (>= net452)) (&& (== net40) (>= netstandard2.0)) (== net461) (== netstandard2.0)
      DevExpress.Data (19.2.4) - restriction: || (&& (== net40) (>= net452)) (&& (== net40) (>= netstandard2.0)) (== net461) (== netstandard2.0)
      DevExpress.DataAccess (19.2.4) - restriction: || (&& (== net40) (>= net452)) (&& (== net40) (>= netstandard2.0)) (== net461) (== netstandard2.0)
      DevExpress.Gauges.Core (19.2.4) - restriction: || (&& (== net40) (>= net452)) (&& (== net40) (>= netstandard2.0)) (== net461) (== netstandard2.0)
      DevExpress.Map.Core (19.2.4) - restriction: || (&& (== net40) (>= net452)) (&& (== net40) (>= netstandard2.0)) (== net461) (== netstandard2.0)
      DevExpress.Office.Core (19.2.4) - restriction: || (&& (== net40) (>= net452)) (&& (== net40) (>= netstandard2.0)) (== net461) (== netstandard2.0)
      DevExpress.PivotGrid.Core (19.2.4) - restriction: || (&& (== net40) (>= net452)) (&& (== net40) (>= netstandard2.0)) (== net461) (== netstandard2.0)
      DevExpress.Printing.Core (19.2.4) - restriction: || (&& (== net40) (>= net452)) (&& (== net40) (>= netstandard2.0)) (== net461) (== netstandard2.0)
      DevExpress.Reporting.Core (19.2.4) - restriction: || (&& (== net40) (>= net452)) (&& (== net40) (>= netstandard2.0)) (== net461) (== netstandard2.0)
      DevExpress.RichEdit.Core (19.2.4) - restriction: || (&& (== net40) (>= net452)) (&& (== net40) (>= netstandard2.0)) (== net461) (== netstandard2.0)
      DevExpress.Sparkline.Core (19.2.4) - restriction: || (&& (== net40) (>= net452)) (&& (== net40) (>= netstandard2.0)) (== net461) (== netstandard2.0)
      DevExpress.TreeMap.Core (19.2.4) - restriction: || (&& (== net40) (>= net452)) (&& (== net40) (>= netstandard2.0)) (== net461) (== netstandard2.0)
      DevExpress.Utils (19.2.4) - restriction: || (&& (== net40) (>= net452)) (== net461) (&& (== netstandard2.0) (>= net452))
      DevExpress.Win.Gauges (19.2.4) - restriction: || (&& (== net40) (>= net452)) (== net461) (&& (== netstandard2.0) (>= net452))
      DevExpress.Win.Map (19.2.4) - restriction: || (&& (== net40) (>= net452)) (== net461) (&& (== netstandard2.0) (>= net452))
      DevExpress.Win.TreeMap (19.2.4) - restriction: || (&& (== net40) (>= net452)) (== net461) (&& (== netstandard2.0) (>= net452))
      DevExpress.Xpo (19.2.4) - restriction: || (&& (== net40) (>= net452)) (&& (== net40) (>= netstandard2.0)) (== net461) (== netstandard2.0)
    DevExpress.DataAccess (19.2.4) - restriction: || (&& (== net40) (>= net452)) (&& (== net40) (>= netstandard2.0)) (== net461) (== netstandard2.0)
      DevExpress.CodeParser (19.2.4) - restriction: || (&& (== net40) (>= net452)) (&& (== net40) (>= netstandard2.0)) (== net461) (== netstandard2.0)
      DevExpress.Data (19.2.4) - restriction: || (&& (== net40) (>= net452)) (&& (== net40) (>= netstandard2.0)) (== net461) (== netstandard2.0)
      DevExpress.Office.Core (19.2.4) - restriction: || (&& (== net40) (>= net452)) (== net461) (&& (== netstandard2.0) (>= net452))
      DevExpress.Printing.Core (19.2.4) - restriction: || (&& (== net40) (>= net452)) (&& (== net40) (>= netstandard2.0)) (== net461) (== netstandard2.0)
      DevExpress.RichEdit.Core (19.2.4) - restriction: || (&& (== net40) (>= net452)) (== net461) (&& (== netstandard2.0) (>= net452))
      DevExpress.Xpo (19.2.4) - restriction: || (&& (== net40) (>= net452)) (&& (== net40) (>= netstandard2.0)) (== net461) (== netstandard2.0)
    DevExpress.DataAccess.UI (19.2.4) - restriction: || (&& (== net40) (>= net452)) (== net461) (&& (== netstandard2.0) (>= net452))
      DevExpress.CodeParser (19.2.4) - restriction: || (&& (== net40) (>= net452)) (== net461) (&& (== netstandard2.0) (>= net452))
      DevExpress.Data (19.2.4) - restriction: || (&& (== net40) (>= net452)) (== net461) (&& (== netstandard2.0) (>= net452))
      DevExpress.DataAccess (19.2.4) - restriction: || (&& (== net40) (>= net452)) (== net461) (&& (== netstandard2.0) (>= net452))
      DevExpress.Diagram.Core (19.2.4) - restriction: || (&& (== net40) (>= net452)) (== net461) (&& (== netstandard2.0) (>= net452))
      DevExpress.Printing.Core (19.2.4) - restriction: || (&& (== net40) (>= net452)) (== net461) (&& (== netstandard2.0) (>= net452))
      DevExpress.RichEdit.Core (19.2.4) - restriction: || (&& (== net40) (>= net452)) (== net461) (&& (== netstandard2.0) (>= net452))
      DevExpress.Utils (19.2.4) - restriction: || (&& (== net40) (>= net452)) (== net461) (&& (== netstandard2.0) (>= net452))
      DevExpress.Utils.UI (19.2.4) - restriction: || (&& (== net40) (>= net452)) (== net461) (&& (== netstandard2.0) (>= net452))
      DevExpress.Win.Diagram (19.2.4) - restriction: || (&& (== net40) (>= net452)) (== net461) (&& (== netstandard2.0) (>= net452))
      DevExpress.Win.Grid (19.2.4) - restriction: || (&& (== net40) (>= net452)) (== net461) (&& (== netstandard2.0) (>= net452))
      DevExpress.Win.Navigation (19.2.4) - restriction: || (&& (== net40) (>= net452)) (== net461) (&& (== netstandard2.0) (>= net452))
      DevExpress.Win.Printing (19.2.4) - restriction: || (&& (== net40) (>= net452)) (== net461) (&& (== netstandard2.0) (>= net452))
      DevExpress.Win.RichEdit (19.2.4) - restriction: || (&& (== net40) (>= net452)) (== net461) (&& (== netstandard2.0) (>= net452))
      DevExpress.Win.TreeList (19.2.4) - restriction: || (&& (== net40) (>= net452)) (== net461) (&& (== netstandard2.0) (>= net452))
      DevExpress.Xpo (19.2.4) - restriction: || (&& (== net40) (>= net452)) (== net461) (&& (== netstandard2.0) (>= net452))
    DevExpress.Diagram.Core (19.2.4) - restriction: || (&& (== net40) (>= net452)) (== net461) (&& (== netstandard2.0) (>= net452))
      DevExpress.Data (19.2.4) - restriction: || (&& (== net40) (>= net452)) (== net461) (&& (== netstandard2.0) (>= net452))
      DevExpress.Printing.Core (19.2.4) - restriction: || (&& (== net40) (>= net452)) (== net461) (&& (== netstandard2.0) (>= net452))
    DevExpress.Document.Processor (19.2.4)
      DevExpress.Charts (19.2.4) - restriction: || (&& (== net40) (>= net452)) (&& (== net40) (>= netstandard2.0)) (== net461) (== netstandard2.0)
      DevExpress.Charts.Core (19.2.4) - restriction: || (&& (== net40) (>= net452)) (&& (== net40) (>= netstandard2.0)) (== net461) (== netstandard2.0)
      DevExpress.Data (19.2.4) - restriction: || (&& (== net40) (>= net452)) (&& (== net40) (>= netstandard2.0)) (== net461) (== netstandard2.0)
      DevExpress.DataAccess (19.2.4) - restriction: || (&& (== net40) (>= net452)) (== net461) (&& (== netstandard2.0) (>= net452))
      DevExpress.Office.Core (19.2.4) - restriction: || (&& (== net40) (>= net452)) (&& (== net40) (>= netstandard2.0)) (== net461) (== netstandard2.0)
      DevExpress.Pdf.Core (19.2.4) - restriction: || (&& (== net40) (>= net452)) (&& (== net40) (>= netstandard2.0)) (== net461) (== netstandard2.0)
      DevExpress.Pdf.Drawing (19.2.4) - restriction: || (&& (== net40) (>= net452)) (&& (== net40) (>= netstandard2.0)) (== net461) (== netstandard2.0)
      DevExpress.Printing.Core (19.2.4) - restriction: || (&& (== net40) (>= net452)) (&& (== net40) (>= netstandard2.0)) (== net461) (== netstandard2.0)
      DevExpress.RichEdit.Core (19.2.4) - restriction: || (&& (== net40) (>= net452)) (&& (== net40) (>= netstandard2.0)) (== net461) (== netstandard2.0)
      DevExpress.Snap.Core (19.2.4) - restriction: || (&& (== net40) (>= net452)) (== net461) (&& (== netstandard2.0) (>= net452))
      DevExpress.Spreadsheet.Core (19.2.4) - restriction: || (&& (== net40) (>= net452)) (&& (== net40) (>= netstandard2.0)) (== net461) (== netstandard2.0)
      NETStandard.Library (>= 2.0.3) - restriction: || (&& (== net40) (>= netstandard2.0)) (&& (== net461) (< net452) (>= netstandard2.0)) (== netstandard2.0)
      System.Drawing.Common (>= 4.5) - restriction: || (&& (== net40) (>= netstandard2.0)) (&& (== net461) (< net452) (>= netstandard2.0)) (== netstandard2.0)
    DevExpress.EasyTest (19.2.4) - restriction: || (&& (== net40) (>= net452)) (&& (== net40) (>= netstandard2.0)) (== net461) (== netstandard2.0)
      Microsoft.Win32.Registry (>= 4.6) - restriction: || (&& (== net40) (>= netstandard2.0)) (&& (== net461) (< net452) (>= netstandard2.0)) (== netstandard2.0)
      NETStandard.Library (>= 2.0.3) - restriction: || (&& (== net40) (>= netstandard2.0)) (&& (== net461) (< net452) (>= netstandard2.0)) (== netstandard2.0)
      System.Configuration.ConfigurationManager (>= 4.6) - restriction: || (&& (== net40) (>= netstandard2.0)) (&& (== net461) (< net452) (>= netstandard2.0)) (== netstandard2.0)
      System.Data.SqlClient (>= 4.7) - restriction: || (&& (== net40) (>= netstandard2.0)) (&& (== net461) (< net452) (>= netstandard2.0)) (== netstandard2.0)
      System.Drawing.Common (>= 4.6) - restriction: || (&& (== net40) (>= netstandard2.0)) (&& (== net461) (< net452) (>= netstandard2.0)) (== netstandard2.0)
      System.ServiceProcess.ServiceController (>= 4.6) - restriction: || (&& (== net40) (>= netstandard2.0)) (&& (== net461) (< net452) (>= netstandard2.0)) (== netstandard2.0)
    DevExpress.ExpressApp (19.2.4) - restriction: || (&& (== net40) (>= net452)) (&& (== net40) (>= netstandard2.0)) (== net461) (== netstandard2.0)
      DevExpress.Data (19.2.4) - restriction: || (&& (== net40) (>= net452)) (&& (== net40) (>= netstandard2.0)) (== net461) (== netstandard2.0)
      DevExpress.Images (19.2.4) - restriction: || (&& (== net40) (>= net452)) (&& (== net40) (>= netstandard2.0)) (== net461) (== netstandard2.0)
      DevExpress.Printing.Core (19.2.4) - restriction: || (&& (== net40) (>= net452)) (&& (== net40) (>= netstandard2.0)) (== net461) (== netstandard2.0)
      DevExpress.Utils (19.2.4) - restriction: || (&& (== net40) (>= net452)) (== net461) (&& (== netstandard2.0) (>= net452))
      Microsoft.CodeAnalysis.CSharp (>= 2.8) - restriction: || (&& (== net40) (>= netstandard2.0)) (&& (== net461) (< net452) (>= netstandard2.0)) (== netstandard2.0)
      Microsoft.Win32.Registry (>= 4.5) - restriction: || (&& (== net40) (>= netstandard2.0)) (&& (== net461) (< net452) (>= netstandard2.0)) (== netstandard2.0)
      NETStandard.Library (>= 2.0.3) - restriction: || (&& (== net40) (>= netstandard2.0)) (&& (== net461) (< net452) (>= netstandard2.0)) (== netstandard2.0)
      System.Configuration.ConfigurationManager (>= 4.5) - restriction: || (&& (== net40) (>= netstandard2.0)) (&& (== net461) (< net452) (>= netstandard2.0)) (== netstandard2.0)
      System.Diagnostics.EventLog (>= 4.5) - restriction: || (&& (== net40) (>= netstandard2.0)) (&& (== net461) (< net452) (>= netstandard2.0)) (== netstandard2.0)
      System.Drawing.Common (>= 4.5) - restriction: || (&& (== net40) (>= netstandard2.0)) (&& (== net461) (< net452) (>= netstandard2.0)) (== netstandard2.0)
      System.Reflection.Emit (>= 4.3) - restriction: || (&& (== net40) (>= netstandard2.0)) (&& (== net461) (< net452) (>= netstandard2.0)) (== netstandard2.0)
      System.Reflection.Emit.Lightweight (>= 4.3) - restriction: || (&& (== net40) (>= netstandard2.0)) (&& (== net461) (< net452) (>= netstandard2.0)) (== netstandard2.0)
      System.Resources.Extensions (>= 4.6) - restriction: || (&& (== net40) (>= netstandard2.0)) (&& (== net461) (< net452) (>= netstandard2.0)) (== netstandard2.0)
      System.ServiceModel.Primitives (>= 4.5.3) - restriction: || (&& (== net40) (>= netstandard2.0)) (&& (== net461) (< net452) (>= netstandard2.0)) (== netstandard2.0)
    DevExpress.ExpressApp.AuditTrail (19.2.4) - restriction: || (&& (== net40) (>= net452)) (&& (== net40) (>= netstandard2.0)) (== net461) (== netstandard2.0)
      DevExpress.Data (19.2.4) - restriction: || (&& (== net40) (>= net452)) (&& (== net40) (>= netstandard2.0)) (== net461) (== netstandard2.0)
      DevExpress.ExpressApp (19.2.4) - restriction: || (&& (== net40) (>= net452)) (&& (== net40) (>= netstandard2.0)) (== net461) (== netstandard2.0)
      DevExpress.ExpressApp.Xpo (19.2.4) - restriction: || (&& (== net40) (>= net452)) (&& (== net40) (>= netstandard2.0)) (== net461) (== netstandard2.0)
      DevExpress.Persistent.BaseImpl (19.2.4) - restriction: || (&& (== net40) (>= net452)) (&& (== net40) (>= netstandard2.0)) (== net461) (== netstandard2.0)
      DevExpress.Xpo (19.2.4) - restriction: || (&& (== net40) (>= net452)) (&& (== net40) (>= netstandard2.0)) (== net461) (== netstandard2.0)
      NETStandard.Library (>= 2.0.3) - restriction: || (&& (== net40) (>= netstandard2.0)) (&& (== net461) (< net452) (>= netstandard2.0)) (== netstandard2.0)
      System.Drawing.Common (>= 4.5) - restriction: || (&& (== net40) (>= netstandard2.0)) (&& (== net461) (< net452) (>= netstandard2.0)) (== netstandard2.0)
    DevExpress.ExpressApp.Chart (19.2.4) - restriction: || (&& (== net40) (>= net452)) (&& (== net40) (>= netstandard2.0)) (== net461) (== netstandard2.0)
      DevExpress.Charts (19.2.4) - restriction: || (&& (== net40) (>= net452)) (== net461) (&& (== netstandard2.0) (>= net452))
      DevExpress.Data (19.2.4) - restriction: || (&& (== net40) (>= net452)) (== net461) (&& (== netstandard2.0) (>= net452))
      DevExpress.ExpressApp (19.2.4) - restriction: || (&& (== net40) (>= net452)) (== net461) (&& (== netstandard2.0) (>= net452))
      DevExpress.Persistent.Base (19.2.4) - restriction: || (&& (== net40) (>= net452)) (== net461) (&& (== netstandard2.0) (>= net452))
    DevExpress.ExpressApp.Chart.Web (19.2.4) - restriction: || (&& (== net40) (>= net452)) (== net461) (&& (== netstandard2.0) (>= net452))
      DevExpress.Charts (19.2.4) - restriction: || (&& (== net40) (>= net452)) (== net461) (&& (== netstandard2.0) (>= net452))
      DevExpress.Data (19.2.4) - restriction: || (&& (== net40) (>= net452)) (== net461) (&& (== netstandard2.0) (>= net452))
      DevExpress.ExpressApp (19.2.4) - restriction: || (&& (== net40) (>= net452)) (== net461) (&& (== netstandard2.0) (>= net452))
      DevExpress.ExpressApp.Chart (19.2.4) - restriction: || (&& (== net40) (>= net452)) (== net461) (&& (== netstandard2.0) (>= net452))
      DevExpress.ExpressApp.Web (19.2.4) - restriction: || (&& (== net40) (>= net452)) (== net461) (&& (== netstandard2.0) (>= net452))
      DevExpress.Persistent.Base (19.2.4) - restriction: || (&& (== net40) (>= net452)) (== net461) (&& (== netstandard2.0) (>= net452))
      DevExpress.Web (19.2.4) - restriction: || (&& (== net40) (>= net452)) (== net461) (&& (== netstandard2.0) (>= net452))
      DevExpress.Web.Visualization (19.2.4) - restriction: || (&& (== net40) (>= net452)) (== net461) (&& (== netstandard2.0) (>= net452))
    DevExpress.ExpressApp.Chart.Win (19.2.4) - restriction: || (&& (== net40) (>= net452)) (== net461) (&& (== netstandard2.0) (>= net452))
      DevExpress.Charts (19.2.4) - restriction: || (&& (== net40) (>= net452)) (== net461) (&& (== netstandard2.0) (>= net452))
      DevExpress.Data (19.2.4) - restriction: || (&& (== net40) (>= net452)) (== net461) (&& (== netstandard2.0) (>= net452))
      DevExpress.ExpressApp (19.2.4) - restriction: || (&& (== net40) (>= net452)) (== net461) (&& (== netstandard2.0) (>= net452))
      DevExpress.ExpressApp.Chart (19.2.4) - restriction: || (&& (== net40) (>= net452)) (== net461) (&& (== netstandard2.0) (>= net452))
      DevExpress.ExpressApp.Win (19.2.4) - restriction: || (&& (== net40) (>= net452)) (== net461) (&& (== netstandard2.0) (>= net452))
      DevExpress.Persistent.Base (19.2.4) - restriction: || (&& (== net40) (>= net452)) (== net461) (&& (== netstandard2.0) (>= net452))
      DevExpress.Printing.Core (19.2.4) - restriction: || (&& (== net40) (>= net452)) (== net461) (&& (== netstandard2.0) (>= net452))
      DevExpress.Utils (19.2.4) - restriction: || (&& (== net40) (>= net452)) (== net461) (&& (== netstandard2.0) (>= net452))
      DevExpress.Win.Charts (19.2.4) - restriction: || (&& (== net40) (>= net452)) (== net461) (&& (== netstandard2.0) (>= net452))
      DevExpress.Win.Navigation (19.2.4) - restriction: || (&& (== net40) (>= net452)) (== net461) (&& (== netstandard2.0) (>= net452))
    DevExpress.ExpressApp.CloneObject (19.2.4) - restriction: || (&& (== net40) (>= net452)) (&& (== net40) (>= netstandard2.0)) (== net461) (== netstandard2.0)
      DevExpress.Data (19.2.4) - restriction: || (&& (== net40) (>= net452)) (&& (== net40) (>= netstandard2.0)) (== net461) (== netstandard2.0)
      DevExpress.ExpressApp (19.2.4) - restriction: || (&& (== net40) (>= net452)) (&& (== net40) (>= netstandard2.0)) (== net461) (== netstandard2.0)
      DevExpress.Persistent.Base (19.2.4) - restriction: || (&& (== net40) (>= net452)) (&& (== net40) (>= netstandard2.0)) (== net461) (== netstandard2.0)
      NETStandard.Library (>= 2.0.3) - restriction: || (&& (== net40) (>= netstandard2.0)) (&& (== net461) (< net452) (>= netstandard2.0)) (== netstandard2.0)
      System.Drawing.Common (>= 4.5) - restriction: || (&& (== net40) (>= netstandard2.0)) (&& (== net461) (< net452) (>= netstandard2.0)) (== netstandard2.0)
    DevExpress.ExpressApp.ConditionalAppearance (19.2.4) - restriction: || (&& (== net40) (>= net452)) (&& (== net40) (>= netstandard2.0)) (== net461) (== netstandard2.0)
      DevExpress.Data (19.2.4) - restriction: || (&& (== net40) (>= net452)) (&& (== net40) (>= netstandard2.0)) (== net461) (== netstandard2.0)
      DevExpress.ExpressApp (19.2.4) - restriction: || (&& (== net40) (>= net452)) (&& (== net40) (>= netstandard2.0)) (== net461) (== netstandard2.0)
      DevExpress.Persistent.Base (19.2.4) - restriction: || (&& (== net40) (>= net452)) (&& (== net40) (>= netstandard2.0)) (== net461) (== netstandard2.0)
      NETStandard.Library (>= 2.0.3) - restriction: || (&& (== net40) (>= netstandard2.0)) (&& (== net461) (< net452) (>= netstandard2.0)) (== netstandard2.0)
      System.Drawing.Common (>= 4.5) - restriction: || (&& (== net40) (>= netstandard2.0)) (&& (== net461) (< net452) (>= netstandard2.0)) (== netstandard2.0)
    DevExpress.ExpressApp.Core.All (19.2.4)
      DevExpress.EasyTest (19.2.4) - restriction: || (&& (== net40) (>= net452)) (&& (== net40) (>= netstandard2.0)) (== net461) (== netstandard2.0)
      DevExpress.ExpressApp.AuditTrail (19.2.4) - restriction: || (&& (== net40) (>= net452)) (&& (== net40) (>= netstandard2.0)) (== net461) (== netstandard2.0)
      DevExpress.ExpressApp.Chart (19.2.4) - restriction: || (&& (== net40) (>= net452)) (&& (== net40) (>= netstandard2.0)) (== net461) (== netstandard2.0)
      DevExpress.ExpressApp.CloneObject (19.2.4) - restriction: || (&& (== net40) (>= net452)) (&& (== net40) (>= netstandard2.0)) (== net461) (== netstandard2.0)
      DevExpress.ExpressApp.ConditionalAppearance (19.2.4) - restriction: || (&& (== net40) (>= net452)) (&& (== net40) (>= netstandard2.0)) (== net461) (== netstandard2.0)
      DevExpress.ExpressApp.Dashboards (19.2.4) - restriction: || (&& (== net40) (>= net452)) (&& (== net40) (>= netstandard2.0)) (== net461) (== netstandard2.0)
      DevExpress.ExpressApp.Images (19.2.4) - restriction: || (&& (== net40) (>= net452)) (&& (== net40) (>= netstandard2.0)) (== net461) (== netstandard2.0)
      DevExpress.ExpressApp.Kpi (19.2.4) - restriction: || (&& (== net40) (>= net452)) (&& (== net40) (>= netstandard2.0)) (== net461) (== netstandard2.0)
      DevExpress.ExpressApp.Notifications (19.2.4) - restriction: || (&& (== net40) (>= net452)) (&& (== net40) (>= netstandard2.0)) (== net461) (== netstandard2.0)
      DevExpress.ExpressApp.Objects (19.2.4) - restriction: || (&& (== net40) (>= net452)) (&& (== net40) (>= netstandard2.0)) (== net461) (== netstandard2.0)
      DevExpress.ExpressApp.Office (19.2.4) - restriction: || (&& (== net40) (>= net452)) (&& (== net40) (>= netstandard2.0)) (== net461) (== netstandard2.0)
      DevExpress.ExpressApp.PivotChart (19.2.4) - restriction: || (&& (== net40) (>= net452)) (&& (== net40) (>= netstandard2.0)) (== net461) (== netstandard2.0)
      DevExpress.ExpressApp.PivotGrid (19.2.4) - restriction: || (&& (== net40) (>= net452)) (&& (== net40) (>= netstandard2.0)) (== net461) (== netstandard2.0)
      DevExpress.ExpressApp.ReportsV2 (19.2.4) - restriction: || (&& (== net40) (>= net452)) (&& (== net40) (>= netstandard2.0)) (== net461) (== netstandard2.0)
      DevExpress.ExpressApp.Scheduler (19.2.4) - restriction: || (&& (== net40) (>= net452)) (&& (== net40) (>= netstandard2.0)) (== net461) (== netstandard2.0)
      DevExpress.ExpressApp.ScriptRecorder (19.2.4) - restriction: || (&& (== net40) (>= net452)) (&& (== net40) (>= netstandard2.0)) (== net461) (== netstandard2.0)
      DevExpress.ExpressApp.Security (19.2.4) - restriction: || (&& (== net40) (>= net452)) (&& (== net40) (>= netstandard2.0)) (== net461) (== netstandard2.0)
      DevExpress.ExpressApp.StateMachine (19.2.4) - restriction: || (&& (== net40) (>= net452)) (&& (== net40) (>= netstandard2.0)) (== net461) (== netstandard2.0)
      DevExpress.ExpressApp.TreeListEditors (19.2.4) - restriction: || (&& (== net40) (>= net452)) (&& (== net40) (>= netstandard2.0)) (== net461) (== netstandard2.0)
      DevExpress.ExpressApp.Validation (19.2.4) - restriction: || (&& (== net40) (>= net452)) (&& (== net40) (>= netstandard2.0)) (== net461) (== netstandard2.0)
      DevExpress.ExpressApp.ViewVariantsModule (19.2.4) - restriction: || (&& (== net40) (>= net452)) (&& (== net40) (>= netstandard2.0)) (== net461) (== netstandard2.0)
      DevExpress.ExpressApp.Workflow (19.2.4) - restriction: || (&& (== net40) (>= net452)) (&& (== net40) (>= netstandard2.0)) (== net461) (== netstandard2.0)
      DevExpress.Persistent.Base (19.2.4) - restriction: || (&& (== net40) (>= net452)) (&& (== net40) (>= netstandard2.0)) (== net461) (== netstandard2.0)
    DevExpress.ExpressApp.Dashboards (19.2.4) - restriction: || (&& (== net40) (>= net452)) (&& (== net40) (>= netstandard2.0)) (== net461) (== netstandard2.0)
      DevExpress.Dashboard.Core (19.2.4) - restriction: || (&& (== net40) (>= net452)) (== net461) (&& (== netstandard2.0) (>= net452))
      DevExpress.Data (19.2.4) - restriction: || (&& (== net40) (>= net452)) (== net461) (&& (== netstandard2.0) (>= net452))
      DevExpress.DataAccess (19.2.4) - restriction: || (&& (== net40) (>= net452)) (== net461) (&& (== netstandard2.0) (>= net452))
      DevExpress.ExpressApp (19.2.4) - restriction: || (&& (== net40) (>= net452)) (== net461) (&& (== netstandard2.0) (>= net452))
      DevExpress.Persistent.Base (19.2.4) - restriction: || (&& (== net40) (>= net452)) (== net461) (&& (== netstandard2.0) (>= net452))
      DevExpress.Utils (19.2.4) - restriction: || (&& (== net40) (>= net452)) (== net461) (&& (== netstandard2.0) (>= net452))
    DevExpress.ExpressApp.Dashboards.Web (19.2.4) - restriction: || (&& (== net40) (>= net452)) (== net461) (&& (== netstandard2.0) (>= net452))
      DevExpress.Dashboard.Core (19.2.4) - restriction: || (&& (== net40) (>= net452)) (== net461) (&& (== netstandard2.0) (>= net452))
      DevExpress.Data (19.2.4) - restriction: || (&& (== net40) (>= net452)) (== net461) (&& (== netstandard2.0) (>= net452))
      DevExpress.DataAccess (19.2.4) - restriction: || (&& (== net40) (>= net452)) (== net461) (&& (== netstandard2.0) (>= net452))
      DevExpress.ExpressApp (19.2.4) - restriction: || (&& (== net40) (>= net452)) (== net461) (&& (== netstandard2.0) (>= net452))
      DevExpress.ExpressApp.Dashboards (19.2.4) - restriction: || (&& (== net40) (>= net452)) (== net461) (&& (== netstandard2.0) (>= net452))
      DevExpress.ExpressApp.Web (19.2.4) - restriction: || (&& (== net40) (>= net452)) (== net461) (&& (== netstandard2.0) (>= net452))
      DevExpress.Persistent.Base (19.2.4) - restriction: || (&& (== net40) (>= net452)) (== net461) (&& (== netstandard2.0) (>= net452))
      DevExpress.Web (19.2.4) - restriction: || (&& (== net40) (>= net452)) (== net461) (&& (== netstandard2.0) (>= net452))
      DevExpress.Web.Dashboard (19.2.4) - restriction: || (&& (== net40) (>= net452)) (== net461) (&& (== netstandard2.0) (>= net452))
      DevExpress.Web.Dashboard.Common (19.2.4) - restriction: || (&& (== net40) (>= net452)) (== net461) (&& (== netstandard2.0) (>= net452))
    DevExpress.ExpressApp.Dashboards.Win (19.2.4) - restriction: || (&& (== net40) (>= net452)) (== net461) (&& (== netstandard2.0) (>= net452))
      DevExpress.Dashboard.Core (19.2.4) - restriction: || (&& (== net40) (>= net452)) (== net461) (&& (== netstandard2.0) (>= net452))
      DevExpress.Data (19.2.4) - restriction: || (&& (== net40) (>= net452)) (== net461) (&& (== netstandard2.0) (>= net452))
      DevExpress.DataAccess (19.2.4) - restriction: || (&& (== net40) (>= net452)) (== net461) (&& (== netstandard2.0) (>= net452))
      DevExpress.DataAccess.UI (19.2.4) - restriction: || (&& (== net40) (>= net452)) (== net461) (&& (== netstandard2.0) (>= net452))
      DevExpress.ExpressApp (19.2.4) - restriction: || (&& (== net40) (>= net452)) (== net461) (&& (== netstandard2.0) (>= net452))
      DevExpress.ExpressApp.Dashboards (19.2.4) - restriction: || (&& (== net40) (>= net452)) (== net461) (&& (== netstandard2.0) (>= net452))
      DevExpress.ExpressApp.Win (19.2.4) - restriction: || (&& (== net40) (>= net452)) (== net461) (&& (== netstandard2.0) (>= net452))
      DevExpress.Persistent.Base (19.2.4) - restriction: || (&& (== net40) (>= net452)) (== net461) (&& (== netstandard2.0) (>= net452))
      DevExpress.Utils (19.2.4) - restriction: || (&& (== net40) (>= net452)) (== net461) (&& (== netstandard2.0) (>= net452))
      DevExpress.Win.Dashboard (19.2.4) - restriction: || (&& (== net40) (>= net452)) (== net461) (&& (== netstandard2.0) (>= net452))
      DevExpress.Win.Navigation (19.2.4) - restriction: || (&& (== net40) (>= net452)) (== net461) (&& (== netstandard2.0) (>= net452))
    DevExpress.ExpressApp.EasyTest.WebAdapter (19.2.4) - restriction: || (&& (== net40) (>= net452)) (== net461) (&& (== netstandard2.0) (>= net452))
      DevExpress.Data (19.2.4) - restriction: || (&& (== net40) (>= net452)) (== net461) (&& (== netstandard2.0) (>= net452))
      DevExpress.EasyTest (19.2.4) - restriction: || (&& (== net40) (>= net452)) (== net461) (&& (== netstandard2.0) (>= net452))
    DevExpress.ExpressApp.EasyTest.WinAdapter (19.2.4) - restriction: || (&& (== net40) (>= net452)) (== net461) (&& (== netstandard2.0) (>= net452))
      DevExpress.Data (19.2.4) - restriction: || (&& (== net40) (>= net452)) (== net461) (&& (== netstandard2.0) (>= net452))
      DevExpress.EasyTest (19.2.4) - restriction: || (&& (== net40) (>= net452)) (== net461) (&& (== netstandard2.0) (>= net452))
      DevExpress.ExpressApp (19.2.4) - restriction: || (&& (== net40) (>= net452)) (== net461) (&& (== netstandard2.0) (>= net452))
      DevExpress.ExpressApp.HtmlPropertyEditor.Win (19.2.4) - restriction: || (&& (== net40) (>= net452)) (== net461) (&& (== netstandard2.0) (>= net452))
      DevExpress.ExpressApp.Office.Win (19.2.4) - restriction: || (&& (== net40) (>= net452)) (== net461) (&& (== netstandard2.0) (>= net452))
      DevExpress.ExpressApp.PivotChart.Win (19.2.4) - restriction: || (&& (== net40) (>= net452)) (== net461) (&& (== netstandard2.0) (>= net452))
      DevExpress.ExpressApp.Win (19.2.4) - restriction: || (&& (== net40) (>= net452)) (== net461) (&& (== netstandard2.0) (>= net452))
      DevExpress.PivotGrid.Core (19.2.4) - restriction: || (&& (== net40) (>= net452)) (== net461) (&& (== netstandard2.0) (>= net452))
      DevExpress.Scheduler.Core (19.2.4) - restriction: || (&& (== net40) (>= net452)) (== net461) (&& (== netstandard2.0) (>= net452))
      DevExpress.Spreadsheet.Core (19.2.4) - restriction: || (&& (== net40) (>= net452)) (== net461) (&& (== netstandard2.0) (>= net452))
      DevExpress.Utils (19.2.4) - restriction: || (&& (== net40) (>= net452)) (== net461) (&& (== netstandard2.0) (>= net452))
      DevExpress.Win (19.2.4) - restriction: || (&& (== net40) (>= net452)) (== net461) (&& (== netstandard2.0) (>= net452))
      DevExpress.Win.Grid (19.2.4) - restriction: || (&& (== net40) (>= net452)) (== net461) (&& (== netstandard2.0) (>= net452))
      DevExpress.Win.Navigation (19.2.4) - restriction: || (&& (== net40) (>= net452)) (== net461) (&& (== netstandard2.0) (>= net452))
      DevExpress.Win.PivotGrid (19.2.4) - restriction: || (&& (== net40) (>= net452)) (== net461) (&& (== netstandard2.0) (>= net452))
      DevExpress.Win.RichEdit (19.2.4) - restriction: || (&& (== net40) (>= net452)) (== net461) (&& (== netstandard2.0) (>= net452))
      DevExpress.Win.Scheduler (19.2.4) - restriction: || (&& (== net40) (>= net452)) (== net461) (&& (== netstandard2.0) (>= net452))
      DevExpress.Win.Spreadsheet (19.2.4) - restriction: || (&& (== net40) (>= net452)) (== net461) (&& (== netstandard2.0) (>= net452))
      DevExpress.Win.TreeList (19.2.4) - restriction: || (&& (== net40) (>= net452)) (== net461) (&& (== netstandard2.0) (>= net452))
      DevExpress.Win.VerticalGrid (19.2.4) - restriction: || (&& (== net40) (>= net452)) (== net461) (&& (== netstandard2.0) (>= net452))
    DevExpress.ExpressApp.FileAttachment.Web (19.2.4) - restriction: || (&& (== net40) (>= net452)) (== net461) (&& (== netstandard2.0) (>= net452))
      DevExpress.Data (19.2.4) - restriction: || (&& (== net40) (>= net452)) (== net461) (&& (== netstandard2.0) (>= net452))
      DevExpress.ExpressApp (19.2.4) - restriction: || (&& (== net40) (>= net452)) (== net461) (&& (== netstandard2.0) (>= net452))
      DevExpress.ExpressApp.Web (19.2.4) - restriction: || (&& (== net40) (>= net452)) (== net461) (&& (== netstandard2.0) (>= net452))
      DevExpress.Persistent.Base (19.2.4) - restriction: || (&& (== net40) (>= net452)) (== net461) (&& (== netstandard2.0) (>= net452))
      DevExpress.Web (19.2.4) - restriction: || (&& (== net40) (>= net452)) (== net461) (&& (== netstandard2.0) (>= net452))
    DevExpress.ExpressApp.FileAttachment.Win (19.2.4) - restriction: || (&& (== net40) (>= net452)) (== net461) (&& (== netstandard2.0) (>= net452))
      DevExpress.Data (19.2.4) - restriction: || (&& (== net40) (>= net452)) (== net461) (&& (== netstandard2.0) (>= net452))
      DevExpress.ExpressApp (19.2.4) - restriction: || (&& (== net40) (>= net452)) (== net461) (&& (== netstandard2.0) (>= net452))
      DevExpress.ExpressApp.Win (19.2.4) - restriction: || (&& (== net40) (>= net452)) (== net461) (&& (== netstandard2.0) (>= net452))
      DevExpress.Persistent.Base (19.2.4) - restriction: || (&& (== net40) (>= net452)) (== net461) (&& (== netstandard2.0) (>= net452))
      DevExpress.Utils (19.2.4) - restriction: || (&& (== net40) (>= net452)) (== net461) (&& (== netstandard2.0) (>= net452))
      DevExpress.Win.Navigation (19.2.4) - restriction: || (&& (== net40) (>= net452)) (== net461) (&& (== netstandard2.0) (>= net452))
    DevExpress.ExpressApp.HtmlPropertyEditor.Web (19.2.4) - restriction: || (&& (== net40) (>= net452)) (== net461) (&& (== netstandard2.0) (>= net452))
      DevExpress.Data (19.2.4) - restriction: || (&& (== net40) (>= net452)) (== net461) (&& (== netstandard2.0) (>= net452))
      DevExpress.ExpressApp (19.2.4) - restriction: || (&& (== net40) (>= net452)) (== net461) (&& (== netstandard2.0) (>= net452))
      DevExpress.ExpressApp.Web (19.2.4) - restriction: || (&& (== net40) (>= net452)) (== net461) (&& (== netstandard2.0) (>= net452))
      DevExpress.Web (19.2.4) - restriction: || (&& (== net40) (>= net452)) (== net461) (&& (== netstandard2.0) (>= net452))
    DevExpress.ExpressApp.HtmlPropertyEditor.Win (19.2.4) - restriction: || (&& (== net40) (>= net452)) (== net461) (&& (== netstandard2.0) (>= net452))
      DevExpress.Data (19.2.4) - restriction: || (&& (== net40) (>= net452)) (== net461) (&& (== netstandard2.0) (>= net452))
      DevExpress.ExpressApp (19.2.4) - restriction: || (&& (== net40) (>= net452)) (== net461) (&& (== netstandard2.0) (>= net452))
      DevExpress.ExpressApp.Win (19.2.4) - restriction: || (&& (== net40) (>= net452)) (== net461) (&& (== netstandard2.0) (>= net452))
      DevExpress.Utils (19.2.4) - restriction: || (&& (== net40) (>= net452)) (== net461) (&& (== netstandard2.0) (>= net452))
      DevExpress.Win.Navigation (19.2.4) - restriction: || (&& (== net40) (>= net452)) (== net461) (&& (== netstandard2.0) (>= net452))
    DevExpress.ExpressApp.Images (19.2.4) - restriction: || (&& (== net40) (>= net452)) (&& (== net40) (>= netstandard2.0)) (== net461) (== netstandard2.0)
      NETStandard.Library (>= 2.0.3) - restriction: || (&& (== net40) (>= netstandard2.0)) (&& (== net461) (< net452) (>= netstandard2.0)) (== netstandard2.0)
    DevExpress.ExpressApp.Kpi (19.2.4) - restriction: || (&& (== net40) (>= net452)) (&& (== net40) (>= netstandard2.0)) (== net461) (== netstandard2.0)
      DevExpress.Data (19.2.4) - restriction: || (&& (== net40) (>= net452)) (&& (== net40) (>= netstandard2.0)) (== net461) (== netstandard2.0)
      DevExpress.ExpressApp (19.2.4) - restriction: || (&& (== net40) (>= net452)) (&& (== net40) (>= netstandard2.0)) (== net461) (== netstandard2.0)
      DevExpress.ExpressApp.Validation (19.2.4) - restriction: || (&& (== net40) (>= net452)) (&& (== net40) (>= netstandard2.0)) (== net461) (== netstandard2.0)
      DevExpress.Persistent.Base (19.2.4) - restriction: || (&& (== net40) (>= net452)) (&& (== net40) (>= netstandard2.0)) (== net461) (== netstandard2.0)
      NETStandard.Library (>= 2.0.3) - restriction: || (&& (== net40) (>= netstandard2.0)) (&& (== net461) (< net452) (>= netstandard2.0)) (== netstandard2.0)
      System.Drawing.Common (>= 4.5) - restriction: || (&& (== net40) (>= netstandard2.0)) (&& (== net461) (< net452) (>= netstandard2.0)) (== netstandard2.0)
    DevExpress.ExpressApp.Maps.Web (19.2.4) - restriction: || (&& (== net40) (>= net452)) (== net461) (&& (== netstandard2.0) (>= net452))
      DevExpress.Data (19.2.4) - restriction: || (&& (== net40) (>= net452)) (== net461) (&& (== netstandard2.0) (>= net452))
      DevExpress.ExpressApp (19.2.4) - restriction: || (&& (== net40) (>= net452)) (== net461) (&& (== netstandard2.0) (>= net452))
      DevExpress.ExpressApp.Web (19.2.4) - restriction: || (&& (== net40) (>= net452)) (== net461) (&& (== netstandard2.0) (>= net452))
      DevExpress.Persistent.Base (19.2.4) - restriction: || (&& (== net40) (>= net452)) (== net461) (&& (== netstandard2.0) (>= net452))
      DevExpress.Web (19.2.4) - restriction: || (&& (== net40) (>= net452)) (== net461) (&& (== netstandard2.0) (>= net452))
    DevExpress.ExpressApp.Notifications (19.2.4) - restriction: || (&& (== net40) (>= net452)) (&& (== net40) (>= netstandard2.0)) (== net461) (== netstandard2.0)
      DevExpress.Data (19.2.4) - restriction: || (&& (== net40) (>= net452)) (== net461) (&& (== netstandard2.0) (>= net452))
      DevExpress.ExpressApp (19.2.4) - restriction: || (&& (== net40) (>= net452)) (== net461) (&& (== netstandard2.0) (>= net452))
      DevExpress.Persistent.Base (19.2.4) - restriction: || (&& (== net40) (>= net452)) (== net461) (&& (== netstandard2.0) (>= net452))
    DevExpress.ExpressApp.Notifications.Web (19.2.4) - restriction: || (&& (== net40) (>= net452)) (== net461) (&& (== netstandard2.0) (>= net452))
      DevExpress.Data (19.2.4) - restriction: || (&& (== net40) (>= net452)) (== net461) (&& (== netstandard2.0) (>= net452))
      DevExpress.ExpressApp (19.2.4) - restriction: || (&& (== net40) (>= net452)) (== net461) (&& (== netstandard2.0) (>= net452))
      DevExpress.ExpressApp.Notifications (19.2.4) - restriction: || (&& (== net40) (>= net452)) (== net461) (&& (== netstandard2.0) (>= net452))
      DevExpress.ExpressApp.Web (19.2.4) - restriction: || (&& (== net40) (>= net452)) (== net461) (&& (== netstandard2.0) (>= net452))
      DevExpress.Web (19.2.4) - restriction: || (&& (== net40) (>= net452)) (== net461) (&& (== netstandard2.0) (>= net452))
    DevExpress.ExpressApp.Notifications.Win (19.2.4) - restriction: || (&& (== net40) (>= net452)) (== net461) (&& (== netstandard2.0) (>= net452))
      DevExpress.Data (19.2.4) - restriction: || (&& (== net40) (>= net452)) (== net461) (&& (== netstandard2.0) (>= net452))
      DevExpress.ExpressApp (19.2.4) - restriction: || (&& (== net40) (>= net452)) (== net461) (&& (== netstandard2.0) (>= net452))
      DevExpress.ExpressApp.Notifications (19.2.4) - restriction: || (&& (== net40) (>= net452)) (== net461) (&& (== netstandard2.0) (>= net452))
      DevExpress.ExpressApp.Win (19.2.4) - restriction: || (&& (== net40) (>= net452)) (== net461) (&& (== netstandard2.0) (>= net452))
      DevExpress.Utils (19.2.4) - restriction: || (&& (== net40) (>= net452)) (== net461) (&& (== netstandard2.0) (>= net452))
      DevExpress.Win.Grid (19.2.4) - restriction: || (&& (== net40) (>= net452)) (== net461) (&& (== netstandard2.0) (>= net452))
      DevExpress.Win.Navigation (19.2.4) - restriction: || (&& (== net40) (>= net452)) (== net461) (&& (== netstandard2.0) (>= net452))
    DevExpress.ExpressApp.Objects (19.2.4) - restriction: || (&& (== net40) (>= net452)) (&& (== net40) (>= netstandard2.0)) (== net461) (== netstandard2.0)
      DevExpress.Data (19.2.4) - restriction: || (&& (== net40) (>= net452)) (&& (== net40) (>= netstandard2.0)) (== net461) (== netstandard2.0)
      DevExpress.ExpressApp (19.2.4) - restriction: || (&& (== net40) (>= net452)) (&& (== net40) (>= netstandard2.0)) (== net461) (== netstandard2.0)
      NETStandard.Library (>= 2.0.3) - restriction: || (&& (== net40) (>= netstandard2.0)) (&& (== net461) (< net452) (>= netstandard2.0)) (== netstandard2.0)
      System.Drawing.Common (>= 4.5) - restriction: || (&& (== net40) (>= netstandard2.0)) (&& (== net461) (< net452) (>= netstandard2.0)) (== netstandard2.0)
    DevExpress.ExpressApp.Office (19.2.4) - restriction: || (&& (== net40) (>= net452)) (&& (== net40) (>= netstandard2.0)) (== net461) (== netstandard2.0)
      DevExpress.Data (19.2.4) - restriction: || (&& (== net40) (>= net452)) (== net461) (&& (== netstandard2.0) (>= net452))
      DevExpress.ExpressApp (19.2.4) - restriction: || (&& (== net40) (>= net452)) (== net461) (&& (== netstandard2.0) (>= net452))
      DevExpress.Office.Core (19.2.4) - restriction: || (&& (== net40) (>= net452)) (== net461) (&& (== netstandard2.0) (>= net452))
      DevExpress.Persistent.Base (19.2.4) - restriction: || (&& (== net40) (>= net452)) (== net461) (&& (== netstandard2.0) (>= net452))
      DevExpress.RichEdit.Core (19.2.4) - restriction: || (&& (== net40) (>= net452)) (== net461) (&& (== netstandard2.0) (>= net452))
      DevExpress.Spreadsheet.Core (19.2.4) - restriction: || (&& (== net40) (>= net452)) (== net461) (&& (== netstandard2.0) (>= net452))
    DevExpress.ExpressApp.Office.Web (19.2.4) - restriction: || (&& (== net40) (>= net452)) (== net461) (&& (== netstandard2.0) (>= net452))
      DevExpress.Data (19.2.4) - restriction: || (&& (== net40) (>= net452)) (== net461) (&& (== netstandard2.0) (>= net452))
      DevExpress.ExpressApp (19.2.4) - restriction: || (&& (== net40) (>= net452)) (== net461) (&& (== netstandard2.0) (>= net452))
      DevExpress.ExpressApp.Office (19.2.4) - restriction: || (&& (== net40) (>= net452)) (== net461) (&& (== netstandard2.0) (>= net452))
      DevExpress.ExpressApp.Web (19.2.4) - restriction: || (&& (== net40) (>= net452)) (== net461) (&& (== netstandard2.0) (>= net452))
      DevExpress.Persistent.Base (19.2.4) - restriction: || (&& (== net40) (>= net452)) (== net461) (&& (== netstandard2.0) (>= net452))
      DevExpress.RichEdit.Core (19.2.4) - restriction: || (&& (== net40) (>= net452)) (== net461) (&& (== netstandard2.0) (>= net452))
      DevExpress.Spreadsheet.Core (19.2.4) - restriction: || (&& (== net40) (>= net452)) (== net461) (&& (== netstandard2.0) (>= net452))
      DevExpress.Web (19.2.4) - restriction: || (&& (== net40) (>= net452)) (== net461) (&& (== netstandard2.0) (>= net452))
      DevExpress.Web.Office (19.2.4) - restriction: || (&& (== net40) (>= net452)) (== net461) (&& (== netstandard2.0) (>= net452))
    DevExpress.ExpressApp.Office.Win (19.2.4) - restriction: || (&& (== net40) (>= net452)) (== net461) (&& (== netstandard2.0) (>= net452))
      DevExpress.Data (19.2.4) - restriction: || (&& (== net40) (>= net452)) (== net461) (&& (== netstandard2.0) (>= net452))
      DevExpress.ExpressApp (19.2.4) - restriction: || (&& (== net40) (>= net452)) (== net461) (&& (== netstandard2.0) (>= net452))
      DevExpress.ExpressApp.Office (19.2.4) - restriction: || (&& (== net40) (>= net452)) (== net461) (&& (== netstandard2.0) (>= net452))
      DevExpress.ExpressApp.Win (19.2.4) - restriction: || (&& (== net40) (>= net452)) (== net461) (&& (== netstandard2.0) (>= net452))
      DevExpress.Office.Core (19.2.4) - restriction: || (&& (== net40) (>= net452)) (== net461) (&& (== netstandard2.0) (>= net452))
      DevExpress.Persistent.Base (19.2.4) - restriction: || (&& (== net40) (>= net452)) (== net461) (&& (== netstandard2.0) (>= net452))
      DevExpress.RichEdit.Core (19.2.4) - restriction: || (&& (== net40) (>= net452)) (== net461) (&& (== netstandard2.0) (>= net452))
      DevExpress.Spreadsheet.Core (19.2.4) - restriction: || (&& (== net40) (>= net452)) (== net461) (&& (== netstandard2.0) (>= net452))
      DevExpress.Utils (19.2.4) - restriction: || (&& (== net40) (>= net452)) (== net461) (&& (== netstandard2.0) (>= net452))
      DevExpress.Win.Grid (19.2.4) - restriction: || (&& (== net40) (>= net452)) (== net461) (&& (== netstandard2.0) (>= net452))
      DevExpress.Win.Navigation (19.2.4) - restriction: || (&& (== net40) (>= net452)) (== net461) (&& (== netstandard2.0) (>= net452))
      DevExpress.Win.RichEdit (19.2.4) - restriction: || (&& (== net40) (>= net452)) (== net461) (&& (== netstandard2.0) (>= net452))
      DevExpress.Win.Spreadsheet (19.2.4) - restriction: || (&& (== net40) (>= net452)) (== net461) (&& (== netstandard2.0) (>= net452))
    DevExpress.ExpressApp.PivotChart (19.2.4) - restriction: || (&& (== net40) (>= net452)) (&& (== net40) (>= netstandard2.0)) (== net461) (== netstandard2.0)
      DevExpress.Charts (19.2.4) - restriction: || (&& (== net40) (>= net452)) (== net461) (&& (== netstandard2.0) (>= net452))
      DevExpress.Data (19.2.4) - restriction: || (&& (== net40) (>= net452)) (== net461) (&& (== netstandard2.0) (>= net452))
      DevExpress.ExpressApp (19.2.4) - restriction: || (&& (== net40) (>= net452)) (== net461) (&& (== netstandard2.0) (>= net452))
      DevExpress.Persistent.Base (19.2.4) - restriction: || (&& (== net40) (>= net452)) (== net461) (&& (== netstandard2.0) (>= net452))
      DevExpress.PivotGrid.Core (19.2.4) - restriction: || (&& (== net40) (>= net452)) (== net461) (&& (== netstandard2.0) (>= net452))
    DevExpress.ExpressApp.PivotChart.Web (19.2.4) - restriction: || (&& (== net40) (>= net452)) (== net461) (&& (== netstandard2.0) (>= net452))
      DevExpress.Charts (19.2.4) - restriction: || (&& (== net40) (>= net452)) (== net461) (&& (== netstandard2.0) (>= net452))
      DevExpress.Data (19.2.4) - restriction: || (&& (== net40) (>= net452)) (== net461) (&& (== netstandard2.0) (>= net452))
      DevExpress.ExpressApp (19.2.4) - restriction: || (&& (== net40) (>= net452)) (== net461) (&& (== netstandard2.0) (>= net452))
      DevExpress.ExpressApp.PivotChart (19.2.4) - restriction: || (&& (== net40) (>= net452)) (== net461) (&& (== netstandard2.0) (>= net452))
      DevExpress.ExpressApp.Web (19.2.4) - restriction: || (&& (== net40) (>= net452)) (== net461) (&& (== netstandard2.0) (>= net452))
      DevExpress.Persistent.Base (19.2.4) - restriction: || (&& (== net40) (>= net452)) (== net461) (&& (== netstandard2.0) (>= net452))
      DevExpress.PivotGrid.Core (19.2.4) - restriction: || (&& (== net40) (>= net452)) (== net461) (&& (== netstandard2.0) (>= net452))
      DevExpress.Printing.Core (19.2.4) - restriction: || (&& (== net40) (>= net452)) (== net461) (&& (== netstandard2.0) (>= net452))
      DevExpress.Web (19.2.4) - restriction: || (&& (== net40) (>= net452)) (== net461) (&& (== netstandard2.0) (>= net452))
      DevExpress.Web.Visualization (19.2.4) - restriction: || (&& (== net40) (>= net452)) (== net461) (&& (== netstandard2.0) (>= net452))
    DevExpress.ExpressApp.PivotChart.Win (19.2.4) - restriction: || (&& (== net40) (>= net452)) (== net461) (&& (== netstandard2.0) (>= net452))
      DevExpress.Charts (19.2.4) - restriction: || (&& (== net40) (>= net452)) (== net461) (&& (== netstandard2.0) (>= net452))
      DevExpress.Data (19.2.4) - restriction: || (&& (== net40) (>= net452)) (== net461) (&& (== netstandard2.0) (>= net452))
      DevExpress.ExpressApp (19.2.4) - restriction: || (&& (== net40) (>= net452)) (== net461) (&& (== netstandard2.0) (>= net452))
      DevExpress.ExpressApp.PivotChart (19.2.4) - restriction: || (&& (== net40) (>= net452)) (== net461) (&& (== netstandard2.0) (>= net452))
      DevExpress.ExpressApp.Win (19.2.4) - restriction: || (&& (== net40) (>= net452)) (== net461) (&& (== netstandard2.0) (>= net452))
      DevExpress.Persistent.Base (19.2.4) - restriction: || (&& (== net40) (>= net452)) (== net461) (&& (== netstandard2.0) (>= net452))
      DevExpress.PivotGrid.Core (19.2.4) - restriction: || (&& (== net40) (>= net452)) (== net461) (&& (== netstandard2.0) (>= net452))
      DevExpress.Printing.Core (19.2.4) - restriction: || (&& (== net40) (>= net452)) (== net461) (&& (== netstandard2.0) (>= net452))
      DevExpress.Win.Charts (19.2.4) - restriction: || (&& (== net40) (>= net452)) (== net461) (&& (== netstandard2.0) (>= net452))
      DevExpress.Win.Navigation (19.2.4) - restriction: || (&& (== net40) (>= net452)) (== net461) (&& (== netstandard2.0) (>= net452))
      DevExpress.Win.PivotGrid (19.2.4) - restriction: || (&& (== net40) (>= net452)) (== net461) (&& (== netstandard2.0) (>= net452))
    DevExpress.ExpressApp.PivotGrid (19.2.4) - restriction: || (&& (== net40) (>= net452)) (&& (== net40) (>= netstandard2.0)) (== net461) (== netstandard2.0)
      DevExpress.Data (19.2.4) - restriction: || (&& (== net40) (>= net452)) (== net461) (&& (== netstandard2.0) (>= net452))
      DevExpress.ExpressApp (19.2.4) - restriction: || (&& (== net40) (>= net452)) (== net461) (&& (== netstandard2.0) (>= net452))
      DevExpress.PivotGrid.Core (19.2.4) - restriction: || (&& (== net40) (>= net452)) (== net461) (&& (== netstandard2.0) (>= net452))
    DevExpress.ExpressApp.PivotGrid.Web (19.2.4) - restriction: || (&& (== net40) (>= net452)) (== net461) (&& (== netstandard2.0) (>= net452))
      DevExpress.Charts (19.2.4) - restriction: || (&& (== net40) (>= net452)) (== net461) (&& (== netstandard2.0) (>= net452))
      DevExpress.Data (19.2.4) - restriction: || (&& (== net40) (>= net452)) (== net461) (&& (== netstandard2.0) (>= net452))
      DevExpress.ExpressApp (19.2.4) - restriction: || (&& (== net40) (>= net452)) (== net461) (&& (== netstandard2.0) (>= net452))
      DevExpress.ExpressApp.PivotGrid (19.2.4) - restriction: || (&& (== net40) (>= net452)) (== net461) (&& (== netstandard2.0) (>= net452))
      DevExpress.ExpressApp.Web (19.2.4) - restriction: || (&& (== net40) (>= net452)) (== net461) (&& (== netstandard2.0) (>= net452))
      DevExpress.PivotGrid.Core (19.2.4) - restriction: || (&& (== net40) (>= net452)) (== net461) (&& (== netstandard2.0) (>= net452))
      DevExpress.Web (19.2.4) - restriction: || (&& (== net40) (>= net452)) (== net461) (&& (== netstandard2.0) (>= net452))
      DevExpress.Web.Visualization (19.2.4) - restriction: || (&& (== net40) (>= net452)) (== net461) (&& (== netstandard2.0) (>= net452))
    DevExpress.ExpressApp.PivotGrid.Win (19.2.4) - restriction: || (&& (== net40) (>= net452)) (== net461) (&& (== netstandard2.0) (>= net452))
      DevExpress.Charts (19.2.4) - restriction: || (&& (== net40) (>= net452)) (== net461) (&& (== netstandard2.0) (>= net452))
      DevExpress.Data (19.2.4) - restriction: || (&& (== net40) (>= net452)) (== net461) (&& (== netstandard2.0) (>= net452))
      DevExpress.ExpressApp (19.2.4) - restriction: || (&& (== net40) (>= net452)) (== net461) (&& (== netstandard2.0) (>= net452))
      DevExpress.ExpressApp.PivotGrid (19.2.4) - restriction: || (&& (== net40) (>= net452)) (== net461) (&& (== netstandard2.0) (>= net452))
      DevExpress.ExpressApp.Win (19.2.4) - restriction: || (&& (== net40) (>= net452)) (== net461) (&& (== netstandard2.0) (>= net452))
      DevExpress.PivotGrid.Core (19.2.4) - restriction: || (&& (== net40) (>= net452)) (== net461) (&& (== netstandard2.0) (>= net452))
      DevExpress.Utils (19.2.4) - restriction: || (&& (== net40) (>= net452)) (== net461) (&& (== netstandard2.0) (>= net452))
      DevExpress.Win.Charts (19.2.4) - restriction: || (&& (== net40) (>= net452)) (== net461) (&& (== netstandard2.0) (>= net452))
      DevExpress.Win.Navigation (19.2.4) - restriction: || (&& (== net40) (>= net452)) (== net461) (&& (== netstandard2.0) (>= net452))
      DevExpress.Win.PivotGrid (19.2.4) - restriction: || (&& (== net40) (>= net452)) (== net461) (&& (== netstandard2.0) (>= net452))
    DevExpress.ExpressApp.ReportsV2 (19.2.4) - restriction: || (&& (== net40) (>= net452)) (&& (== net40) (>= netstandard2.0)) (== net461) (== netstandard2.0)
      DevExpress.Data (19.2.4) - restriction: || (&& (== net40) (>= net452)) (&& (== net40) (>= netstandard2.0)) (== net461) (== netstandard2.0)
      DevExpress.ExpressApp (19.2.4) - restriction: || (&& (== net40) (>= net452)) (&& (== net40) (>= netstandard2.0)) (== net461) (== netstandard2.0)
      DevExpress.Persistent.Base (19.2.4) - restriction: || (&& (== net40) (>= net452)) (&& (== net40) (>= netstandard2.0)) (== net461) (== netstandard2.0)
      DevExpress.Printing.Core (19.2.4) - restriction: || (&& (== net40) (>= net452)) (&& (== net40) (>= netstandard2.0)) (== net461) (== netstandard2.0)
      DevExpress.Reporting.Core (19.2.4) - restriction: || (&& (== net40) (>= net452)) (&& (== net40) (>= netstandard2.0)) (== net461) (== netstandard2.0)
      DevExpress.Utils (19.2.4) - restriction: || (&& (== net40) (>= net452)) (== net461) (&& (== netstandard2.0) (>= net452))
      NETStandard.Library (>= 2.0.3) - restriction: || (&& (== net40) (>= netstandard2.0)) (&& (== net461) (< net452) (>= netstandard2.0)) (== netstandard2.0)
      System.Drawing.Common (>= 4.5) - restriction: || (&& (== net40) (>= netstandard2.0)) (&& (== net461) (< net452) (>= netstandard2.0)) (== netstandard2.0)
    DevExpress.ExpressApp.ReportsV2.Web (19.2.4) - restriction: || (&& (== net40) (>= net452)) (== net461) (&& (== netstandard2.0) (>= net452))
      DevExpress.Data (19.2.4) - restriction: || (&& (== net40) (>= net452)) (== net461) (&& (== netstandard2.0) (>= net452))
      DevExpress.ExpressApp (19.2.4) - restriction: || (&& (== net40) (>= net452)) (== net461) (&& (== netstandard2.0) (>= net452))
      DevExpress.ExpressApp.ReportsV2 (19.2.4) - restriction: || (&& (== net40) (>= net452)) (== net461) (&& (== netstandard2.0) (>= net452))
      DevExpress.ExpressApp.Web (19.2.4) - restriction: || (&& (== net40) (>= net452)) (== net461) (&& (== netstandard2.0) (>= net452))
      DevExpress.Persistent.Base (19.2.4) - restriction: || (&& (== net40) (>= net452)) (== net461) (&& (== netstandard2.0) (>= net452))
      DevExpress.Printing.Core (19.2.4) - restriction: || (&& (== net40) (>= net452)) (== net461) (&& (== netstandard2.0) (>= net452))
      DevExpress.Reporting.Core (19.2.4) - restriction: || (&& (== net40) (>= net452)) (== net461) (&& (== netstandard2.0) (>= net452))
      DevExpress.Web (19.2.4) - restriction: || (&& (== net40) (>= net452)) (== net461) (&& (== netstandard2.0) (>= net452))
      DevExpress.Web.Reporting (19.2.4) - restriction: || (&& (== net40) (>= net452)) (== net461) (&& (== netstandard2.0) (>= net452))
      DevExpress.Web.Reporting.Common (19.2.4) - restriction: || (&& (== net40) (>= net452)) (== net461) (&& (== netstandard2.0) (>= net452))
    DevExpress.ExpressApp.ReportsV2.Win (19.2.4) - restriction: || (&& (== net40) (>= net452)) (== net461) (&& (== netstandard2.0) (>= net452))
      DevExpress.Data (19.2.4) - restriction: || (&& (== net40) (>= net452)) (== net461) (&& (== netstandard2.0) (>= net452))
      DevExpress.DataAccess (19.2.4) - restriction: || (&& (== net40) (>= net452)) (== net461) (&& (== netstandard2.0) (>= net452))
      DevExpress.DataAccess.UI (19.2.4) - restriction: || (&& (== net40) (>= net452)) (== net461) (&& (== netstandard2.0) (>= net452))
      DevExpress.ExpressApp (19.2.4) - restriction: || (&& (== net40) (>= net452)) (== net461) (&& (== netstandard2.0) (>= net452))
      DevExpress.ExpressApp.ReportsV2 (19.2.4) - restriction: || (&& (== net40) (>= net452)) (== net461) (&& (== netstandard2.0) (>= net452))
      DevExpress.ExpressApp.Win (19.2.4) - restriction: || (&& (== net40) (>= net452)) (== net461) (&& (== netstandard2.0) (>= net452))
      DevExpress.Persistent.Base (19.2.4) - restriction: || (&& (== net40) (>= net452)) (== net461) (&& (== netstandard2.0) (>= net452))
      DevExpress.Printing.Core (19.2.4) - restriction: || (&& (== net40) (>= net452)) (== net461) (&& (== netstandard2.0) (>= net452))
      DevExpress.Reporting.Core (19.2.4) - restriction: || (&& (== net40) (>= net452)) (== net461) (&& (== netstandard2.0) (>= net452))
      DevExpress.Utils (19.2.4) - restriction: || (&& (== net40) (>= net452)) (== net461) (&& (== netstandard2.0) (>= net452))
      DevExpress.Utils.UI (19.2.4) - restriction: || (&& (== net40) (>= net452)) (== net461) (&& (== netstandard2.0) (>= net452))
      DevExpress.Win.Grid (19.2.4) - restriction: || (&& (== net40) (>= net452)) (== net461) (&& (== netstandard2.0) (>= net452))
      DevExpress.Win.Navigation (19.2.4) - restriction: || (&& (== net40) (>= net452)) (== net461) (&& (== netstandard2.0) (>= net452))
      DevExpress.Win.Printing (19.2.4) - restriction: || (&& (== net40) (>= net452)) (== net461) (&& (== netstandard2.0) (>= net452))
      DevExpress.Win.Reporting (19.2.4) - restriction: || (&& (== net40) (>= net452)) (== net461) (&& (== netstandard2.0) (>= net452))
      DevExpress.Win.TreeList (19.2.4) - restriction: || (&& (== net40) (>= net452)) (== net461) (&& (== netstandard2.0) (>= net452))
    DevExpress.ExpressApp.Scheduler (19.2.4) - restriction: || (&& (== net40) (>= net452)) (&& (== net40) (>= netstandard2.0)) (== net461) (== netstandard2.0)
      DevExpress.Data (19.2.4) - restriction: || (&& (== net40) (>= net452)) (== net461) (&& (== netstandard2.0) (>= net452))
      DevExpress.ExpressApp (19.2.4) - restriction: || (&& (== net40) (>= net452)) (== net461) (&& (== netstandard2.0) (>= net452))
      DevExpress.Persistent.Base (19.2.4) - restriction: || (&& (== net40) (>= net452)) (== net461) (&& (== netstandard2.0) (>= net452))
      DevExpress.Scheduler.Core (19.2.4) - restriction: || (&& (== net40) (>= net452)) (== net461) (&& (== netstandard2.0) (>= net452))
    DevExpress.ExpressApp.Scheduler.Web (19.2.4) - restriction: || (&& (== net40) (>= net452)) (== net461) (&& (== netstandard2.0) (>= net452))
      DevExpress.Data (19.2.4) - restriction: || (&& (== net40) (>= net452)) (== net461) (&& (== netstandard2.0) (>= net452))
      DevExpress.ExpressApp (19.2.4) - restriction: || (&& (== net40) (>= net452)) (== net461) (&& (== netstandard2.0) (>= net452))
      DevExpress.ExpressApp.Scheduler (19.2.4) - restriction: || (&& (== net40) (>= net452)) (== net461) (&& (== netstandard2.0) (>= net452))
      DevExpress.ExpressApp.Web (19.2.4) - restriction: || (&& (== net40) (>= net452)) (== net461) (&& (== netstandard2.0) (>= net452))
      DevExpress.Persistent.Base (19.2.4) - restriction: || (&& (== net40) (>= net452)) (== net461) (&& (== netstandard2.0) (>= net452))
      DevExpress.Scheduler.Core (19.2.4) - restriction: || (&& (== net40) (>= net452)) (== net461) (&& (== netstandard2.0) (>= net452))
      DevExpress.Web (19.2.4) - restriction: || (&& (== net40) (>= net452)) (== net461) (&& (== netstandard2.0) (>= net452))
      DevExpress.Web.Scheduler (19.2.4) - restriction: || (&& (== net40) (>= net452)) (== net461) (&& (== netstandard2.0) (>= net452))
    DevExpress.ExpressApp.Scheduler.Win (19.2.4) - restriction: || (&& (== net40) (>= net452)) (== net461) (&& (== netstandard2.0) (>= net452))
      DevExpress.Data (19.2.4) - restriction: || (&& (== net40) (>= net452)) (== net461) (&& (== netstandard2.0) (>= net452))
      DevExpress.ExpressApp (19.2.4) - restriction: || (&& (== net40) (>= net452)) (== net461) (&& (== netstandard2.0) (>= net452))
      DevExpress.ExpressApp.Scheduler (19.2.4) - restriction: || (&& (== net40) (>= net452)) (== net461) (&& (== netstandard2.0) (>= net452))
      DevExpress.ExpressApp.Win (19.2.4) - restriction: || (&& (== net40) (>= net452)) (== net461) (&& (== netstandard2.0) (>= net452))
      DevExpress.Persistent.Base (19.2.4) - restriction: || (&& (== net40) (>= net452)) (== net461) (&& (== netstandard2.0) (>= net452))
      DevExpress.Scheduler.Core (19.2.4) - restriction: || (&& (== net40) (>= net452)) (== net461) (&& (== netstandard2.0) (>= net452))
      DevExpress.Utils (19.2.4) - restriction: || (&& (== net40) (>= net452)) (== net461) (&& (== netstandard2.0) (>= net452))
      DevExpress.Win.Navigation (19.2.4) - restriction: || (&& (== net40) (>= net452)) (== net461) (&& (== netstandard2.0) (>= net452))
      DevExpress.Win.Scheduler (19.2.4) - restriction: || (&& (== net40) (>= net452)) (== net461) (&& (== netstandard2.0) (>= net452))
    DevExpress.ExpressApp.ScriptRecorder (19.2.4) - restriction: || (&& (== net40) (>= net452)) (&& (== net40) (>= netstandard2.0)) (== net461) (== netstandard2.0)
      DevExpress.ExpressApp (19.2.4) - restriction: || (&& (== net40) (>= net452)) (&& (== net40) (>= netstandard2.0)) (== net461) (== netstandard2.0)
      NETStandard.Library (>= 2.0.3) - restriction: || (&& (== net40) (>= netstandard2.0)) (&& (== net461) (< net452) (>= netstandard2.0)) (== netstandard2.0)
      System.Drawing.Common (>= 4.5) - restriction: || (&& (== net40) (>= netstandard2.0)) (&& (== net461) (< net452) (>= netstandard2.0)) (== netstandard2.0)
    DevExpress.ExpressApp.ScriptRecorder.Web (19.2.4) - restriction: || (&& (== net40) (>= net452)) (== net461) (&& (== netstandard2.0) (>= net452))
      DevExpress.Data (19.2.4) - restriction: || (&& (== net40) (>= net452)) (== net461) (&& (== netstandard2.0) (>= net452))
      DevExpress.ExpressApp (19.2.4) - restriction: || (&& (== net40) (>= net452)) (== net461) (&& (== netstandard2.0) (>= net452))
      DevExpress.ExpressApp.ScriptRecorder (19.2.4) - restriction: || (&& (== net40) (>= net452)) (== net461) (&& (== netstandard2.0) (>= net452))
      DevExpress.ExpressApp.Web (19.2.4) - restriction: || (&& (== net40) (>= net452)) (== net461) (&& (== netstandard2.0) (>= net452))
    DevExpress.ExpressApp.ScriptRecorder.Win (19.2.4) - restriction: || (&& (== net40) (>= net452)) (== net461) (&& (== netstandard2.0) (>= net452))
      DevExpress.Data (19.2.4) - restriction: || (&& (== net40) (>= net452)) (== net461) (&& (== netstandard2.0) (>= net452))
      DevExpress.ExpressApp (19.2.4) - restriction: || (&& (== net40) (>= net452)) (== net461) (&& (== netstandard2.0) (>= net452))
      DevExpress.ExpressApp.ScriptRecorder (19.2.4) - restriction: || (&& (== net40) (>= net452)) (== net461) (&& (== netstandard2.0) (>= net452))
      DevExpress.ExpressApp.Win (19.2.4) - restriction: || (&& (== net40) (>= net452)) (== net461) (&& (== netstandard2.0) (>= net452))
      DevExpress.Utils (19.2.4) - restriction: || (&& (== net40) (>= net452)) (== net461) (&& (== netstandard2.0) (>= net452))
      DevExpress.Win.Navigation (19.2.4) - restriction: || (&& (== net40) (>= net452)) (== net461) (&& (== netstandard2.0) (>= net452))
    DevExpress.ExpressApp.Security (19.2.4) - restriction: || (&& (== net40) (>= net452)) (&& (== net40) (>= netstandard2.0)) (== net461) (== netstandard2.0)
      DevExpress.Data (19.2.4) - restriction: || (&& (== net40) (>= net452)) (&& (== net40) (>= netstandard2.0)) (== net461) (== netstandard2.0)
      DevExpress.ExpressApp (19.2.4) - restriction: || (&& (== net40) (>= net452)) (&& (== net40) (>= netstandard2.0)) (== net461) (== netstandard2.0)
      DevExpress.Persistent.Base (19.2.4) - restriction: || (&& (== net40) (>= net452)) (&& (== net40) (>= netstandard2.0)) (== net461) (== netstandard2.0)
      NETStandard.Library (>= 2.0.3) - restriction: || (&& (== net40) (>= netstandard2.0)) (&& (== net461) (< net452) (>= netstandard2.0)) (== netstandard2.0)
      System.Drawing.Common (>= 4.5) - restriction: || (&& (== net40) (>= netstandard2.0)) (&& (== net461) (< net452) (>= netstandard2.0)) (== netstandard2.0)
      System.Security.Permissions (>= 4.5) - restriction: || (&& (== net40) (>= netstandard2.0)) (&& (== net461) (< net452) (>= netstandard2.0)) (== netstandard2.0)
    DevExpress.ExpressApp.Security.Xpo (19.2.4)
      DevExpress.Data (19.2.4) - restriction: || (&& (== net40) (>= net452)) (&& (== net40) (>= netstandard2.0)) (== net461) (== netstandard2.0)
      DevExpress.ExpressApp (19.2.4) - restriction: || (&& (== net40) (>= net452)) (&& (== net40) (>= netstandard2.0)) (== net461) (== netstandard2.0)
      DevExpress.ExpressApp.Security (19.2.4) - restriction: || (&& (== net40) (>= net452)) (&& (== net40) (>= netstandard2.0)) (== net461) (== netstandard2.0)
      DevExpress.ExpressApp.Xpo (19.2.4) - restriction: || (&& (== net40) (>= net452)) (&& (== net40) (>= netstandard2.0)) (== net461) (== netstandard2.0)
      DevExpress.Persistent.Base (19.2.4) - restriction: || (&& (== net40) (>= net452)) (&& (== net40) (>= netstandard2.0)) (== net461) (== netstandard2.0)
      DevExpress.Xpo (19.2.4) - restriction: || (&& (== net40) (>= net452)) (&& (== net40) (>= netstandard2.0)) (== net461) (== netstandard2.0)
      NETStandard.Library (>= 2.0.3) - restriction: || (&& (== net40) (>= netstandard2.0)) (&& (== net461) (< net452) (>= netstandard2.0)) (== netstandard2.0)
      System.ServiceModel.Primitives (>= 4.5.3) - restriction: || (&& (== net40) (>= netstandard2.0)) (&& (== net461) (< net452) (>= netstandard2.0)) (== netstandard2.0)
    DevExpress.ExpressApp.StateMachine (19.2.4) - restriction: || (&& (== net40) (>= net452)) (&& (== net40) (>= netstandard2.0)) (== net461) (== netstandard2.0)
      DevExpress.Data (19.2.4) - restriction: || (&& (== net40) (>= net452)) (&& (== net40) (>= netstandard2.0)) (== net461) (== netstandard2.0)
      DevExpress.ExpressApp (19.2.4) - restriction: || (&& (== net40) (>= net452)) (&& (== net40) (>= netstandard2.0)) (== net461) (== netstandard2.0)
      DevExpress.ExpressApp.ConditionalAppearance (19.2.4) - restriction: || (&& (== net40) (>= net452)) (&& (== net40) (>= netstandard2.0)) (== net461) (== netstandard2.0)
      DevExpress.ExpressApp.Validation (19.2.4) - restriction: || (&& (== net40) (>= net452)) (&& (== net40) (>= netstandard2.0)) (== net461) (== netstandard2.0)
      DevExpress.Persistent.Base (19.2.4) - restriction: || (&& (== net40) (>= net452)) (&& (== net40) (>= netstandard2.0)) (== net461) (== netstandard2.0)
      NETStandard.Library (>= 2.0.3) - restriction: || (&& (== net40) (>= netstandard2.0)) (&& (== net461) (< net452) (>= netstandard2.0)) (== netstandard2.0)
      System.Drawing.Common (>= 4.5) - restriction: || (&& (== net40) (>= netstandard2.0)) (&& (== net461) (< net452) (>= netstandard2.0)) (== netstandard2.0)
    DevExpress.ExpressApp.TreeListEditors (19.2.4) - restriction: || (&& (== net40) (>= net452)) (&& (== net40) (>= netstandard2.0)) (== net461) (== netstandard2.0)
      DevExpress.Data (19.2.4) - restriction: || (&& (== net40) (>= net452)) (== net461) (&& (== netstandard2.0) (>= net452))
      DevExpress.ExpressApp (19.2.4) - restriction: || (&& (== net40) (>= net452)) (== net461) (&& (== netstandard2.0) (>= net452))
      DevExpress.Persistent.Base (19.2.4) - restriction: || (&& (== net40) (>= net452)) (== net461) (&& (== netstandard2.0) (>= net452))
    DevExpress.ExpressApp.TreeListEditors.Web (19.2.4) - restriction: || (&& (== net40) (>= net452)) (== net461) (&& (== netstandard2.0) (>= net452))
      DevExpress.Data (19.2.4) - restriction: || (&& (== net40) (>= net452)) (== net461) (&& (== netstandard2.0) (>= net452))
      DevExpress.ExpressApp (19.2.4) - restriction: || (&& (== net40) (>= net452)) (== net461) (&& (== netstandard2.0) (>= net452))
      DevExpress.ExpressApp.TreeListEditors (19.2.4) - restriction: || (&& (== net40) (>= net452)) (== net461) (&& (== netstandard2.0) (>= net452))
      DevExpress.ExpressApp.Web (19.2.4) - restriction: || (&& (== net40) (>= net452)) (== net461) (&& (== netstandard2.0) (>= net452))
      DevExpress.Persistent.Base (19.2.4) - restriction: || (&& (== net40) (>= net452)) (== net461) (&& (== netstandard2.0) (>= net452))
      DevExpress.Web (19.2.4) - restriction: || (&& (== net40) (>= net452)) (== net461) (&& (== netstandard2.0) (>= net452))
    DevExpress.ExpressApp.TreeListEditors.Win (19.2.4) - restriction: || (&& (== net40) (>= net452)) (== net461) (&& (== netstandard2.0) (>= net452))
      DevExpress.Data (19.2.4) - restriction: || (&& (== net40) (>= net452)) (== net461) (&& (== netstandard2.0) (>= net452))
      DevExpress.ExpressApp (19.2.4) - restriction: || (&& (== net40) (>= net452)) (== net461) (&& (== netstandard2.0) (>= net452))
      DevExpress.ExpressApp.TreeListEditors (19.2.4) - restriction: || (&& (== net40) (>= net452)) (== net461) (&& (== netstandard2.0) (>= net452))
      DevExpress.ExpressApp.Win (19.2.4) - restriction: || (&& (== net40) (>= net452)) (== net461) (&& (== netstandard2.0) (>= net452))
      DevExpress.Persistent.Base (19.2.4) - restriction: || (&& (== net40) (>= net452)) (== net461) (&& (== netstandard2.0) (>= net452))
      DevExpress.Utils (19.2.4) - restriction: || (&& (== net40) (>= net452)) (== net461) (&& (== netstandard2.0) (>= net452))
      DevExpress.Win.Navigation (19.2.4) - restriction: || (&& (== net40) (>= net452)) (== net461) (&& (== netstandard2.0) (>= net452))
      DevExpress.Win.TreeList (19.2.4) - restriction: || (&& (== net40) (>= net452)) (== net461) (&& (== netstandard2.0) (>= net452))
    DevExpress.ExpressApp.Validation (19.2.4) - restriction: || (&& (== net40) (>= net452)) (&& (== net40) (>= netstandard2.0)) (== net461) (== netstandard2.0)
      DevExpress.Data (19.2.4) - restriction: || (&& (== net40) (>= net452)) (&& (== net40) (>= netstandard2.0)) (== net461) (== netstandard2.0)
      DevExpress.ExpressApp (19.2.4) - restriction: || (&& (== net40) (>= net452)) (&& (== net40) (>= netstandard2.0)) (== net461) (== netstandard2.0)
      DevExpress.Persistent.Base (19.2.4) - restriction: || (&& (== net40) (>= net452)) (&& (== net40) (>= netstandard2.0)) (== net461) (== netstandard2.0)
      NETStandard.Library (>= 2.0.3) - restriction: || (&& (== net40) (>= netstandard2.0)) (&& (== net461) (< net452) (>= netstandard2.0)) (== netstandard2.0)
      System.Drawing.Common (>= 4.5) - restriction: || (&& (== net40) (>= netstandard2.0)) (&& (== net461) (< net452) (>= netstandard2.0)) (== netstandard2.0)
    DevExpress.ExpressApp.Validation.Web (19.2.4) - restriction: || (&& (== net40) (>= net452)) (== net461) (&& (== netstandard2.0) (>= net452))
      DevExpress.Data (19.2.4) - restriction: || (&& (== net40) (>= net452)) (== net461) (&& (== netstandard2.0) (>= net452))
      DevExpress.ExpressApp (19.2.4) - restriction: || (&& (== net40) (>= net452)) (== net461) (&& (== netstandard2.0) (>= net452))
      DevExpress.ExpressApp.Validation (19.2.4) - restriction: || (&& (== net40) (>= net452)) (== net461) (&& (== netstandard2.0) (>= net452))
      DevExpress.ExpressApp.Web (19.2.4) - restriction: || (&& (== net40) (>= net452)) (== net461) (&& (== netstandard2.0) (>= net452))
      DevExpress.Persistent.Base (19.2.4) - restriction: || (&& (== net40) (>= net452)) (== net461) (&& (== netstandard2.0) (>= net452))
      DevExpress.Web (19.2.4) - restriction: || (&& (== net40) (>= net452)) (== net461) (&& (== netstandard2.0) (>= net452))
    DevExpress.ExpressApp.Validation.Win (19.2.4) - restriction: || (&& (== net40) (>= net452)) (== net461) (&& (== netstandard2.0) (>= net452))
      DevExpress.Data (19.2.4) - restriction: || (&& (== net40) (>= net452)) (== net461) (&& (== netstandard2.0) (>= net452))
      DevExpress.ExpressApp (19.2.4) - restriction: || (&& (== net40) (>= net452)) (== net461) (&& (== netstandard2.0) (>= net452))
      DevExpress.ExpressApp.Validation (19.2.4) - restriction: || (&& (== net40) (>= net452)) (== net461) (&& (== netstandard2.0) (>= net452))
      DevExpress.ExpressApp.Win (19.2.4) - restriction: || (&& (== net40) (>= net452)) (== net461) (&& (== netstandard2.0) (>= net452))
      DevExpress.Persistent.Base (19.2.4) - restriction: || (&& (== net40) (>= net452)) (== net461) (&& (== netstandard2.0) (>= net452))
      DevExpress.Win.Grid (19.2.4) - restriction: || (&& (== net40) (>= net452)) (== net461) (&& (== netstandard2.0) (>= net452))
      DevExpress.Win.Navigation (19.2.4) - restriction: || (&& (== net40) (>= net452)) (== net461) (&& (== netstandard2.0) (>= net452))
    DevExpress.ExpressApp.ViewVariantsModule (19.2.4) - restriction: || (&& (== net40) (>= net452)) (&& (== net40) (>= netstandard2.0)) (== net461) (== netstandard2.0)
      DevExpress.Data (19.2.4) - restriction: || (&& (== net40) (>= net452)) (&& (== net40) (>= netstandard2.0)) (== net461) (== netstandard2.0)
      DevExpress.ExpressApp (19.2.4) - restriction: || (&& (== net40) (>= net452)) (&& (== net40) (>= netstandard2.0)) (== net461) (== netstandard2.0)
      NETStandard.Library (>= 2.0.3) - restriction: || (&& (== net40) (>= netstandard2.0)) (&& (== net461) (< net452) (>= netstandard2.0)) (== netstandard2.0)
      System.Drawing.Common (>= 4.5) - restriction: || (&& (== net40) (>= netstandard2.0)) (&& (== net461) (< net452) (>= netstandard2.0)) (== netstandard2.0)
    DevExpress.ExpressApp.Web (19.2.4) - restriction: || (&& (== net40) (>= net452)) (== net461) (&& (== netstandard2.0) (>= net452))
      DevExpress.Data (19.2.4) - restriction: || (&& (== net40) (>= net452)) (== net461) (&& (== netstandard2.0) (>= net452))
      DevExpress.ExpressApp (19.2.4) - restriction: || (&& (== net40) (>= net452)) (== net461) (&& (== netstandard2.0) (>= net452))
      DevExpress.Persistent.Base (19.2.4) - restriction: || (&& (== net40) (>= net452)) (== net461) (&& (== netstandard2.0) (>= net452))
      DevExpress.Printing.Core (19.2.4) - restriction: || (&& (== net40) (>= net452)) (== net461) (&& (== netstandard2.0) (>= net452))
      DevExpress.Utils (19.2.4) - restriction: || (&& (== net40) (>= net452)) (== net461) (&& (== netstandard2.0) (>= net452))
      DevExpress.Web (19.2.4) - restriction: || (&& (== net40) (>= net452)) (== net461) (&& (== netstandard2.0) (>= net452))
      DevExpress.Web.Themes (19.2.4) - restriction: || (&& (== net40) (>= net452)) (== net461) (&& (== netstandard2.0) (>= net452))
    DevExpress.ExpressApp.Web.All (19.2.4)
      DevExpress.ExpressApp.Chart.Web (19.2.4) - restriction: || (&& (== net40) (>= net452)) (== net461) (&& (== netstandard2.0) (>= net452))
      DevExpress.ExpressApp.Core.All (19.2.4) - restriction: || (&& (== net40) (>= net452)) (== net461) (&& (== netstandard2.0) (>= net452))
      DevExpress.ExpressApp.Dashboards.Web (19.2.4) - restriction: || (&& (== net40) (>= net452)) (== net461) (&& (== netstandard2.0) (>= net452))
      DevExpress.ExpressApp.EasyTest.WebAdapter (19.2.4) - restriction: || (&& (== net40) (>= net452)) (== net461) (&& (== netstandard2.0) (>= net452))
      DevExpress.ExpressApp.FileAttachment.Web (19.2.4) - restriction: || (&& (== net40) (>= net452)) (== net461) (&& (== netstandard2.0) (>= net452))
      DevExpress.ExpressApp.HtmlPropertyEditor.Web (19.2.4) - restriction: || (&& (== net40) (>= net452)) (== net461) (&& (== netstandard2.0) (>= net452))
      DevExpress.ExpressApp.Maps.Web (19.2.4) - restriction: || (&& (== net40) (>= net452)) (== net461) (&& (== netstandard2.0) (>= net452))
      DevExpress.ExpressApp.Notifications.Web (19.2.4) - restriction: || (&& (== net40) (>= net452)) (== net461) (&& (== netstandard2.0) (>= net452))
      DevExpress.ExpressApp.Office.Web (19.2.4) - restriction: || (&& (== net40) (>= net452)) (== net461) (&& (== netstandard2.0) (>= net452))
      DevExpress.ExpressApp.PivotChart.Web (19.2.4) - restriction: || (&& (== net40) (>= net452)) (== net461) (&& (== netstandard2.0) (>= net452))
      DevExpress.ExpressApp.PivotGrid.Web (19.2.4) - restriction: || (&& (== net40) (>= net452)) (== net461) (&& (== netstandard2.0) (>= net452))
      DevExpress.ExpressApp.ReportsV2.Web (19.2.4) - restriction: || (&& (== net40) (>= net452)) (== net461) (&& (== netstandard2.0) (>= net452))
      DevExpress.ExpressApp.Scheduler.Web (19.2.4) - restriction: || (&& (== net40) (>= net452)) (== net461) (&& (== netstandard2.0) (>= net452))
      DevExpress.ExpressApp.ScriptRecorder.Web (19.2.4) - restriction: || (&& (== net40) (>= net452)) (== net461) (&& (== netstandard2.0) (>= net452))
      DevExpress.ExpressApp.TreeListEditors.Web (19.2.4) - restriction: || (&& (== net40) (>= net452)) (== net461) (&& (== netstandard2.0) (>= net452))
      DevExpress.ExpressApp.Validation.Web (19.2.4) - restriction: || (&& (== net40) (>= net452)) (== net461) (&& (== netstandard2.0) (>= net452))
      DevExpress.ExpressApp.Web (19.2.4) - restriction: || (&& (== net40) (>= net452)) (== net461) (&& (== netstandard2.0) (>= net452))
    DevExpress.ExpressApp.Win (19.2.4) - restriction: || (&& (== net40) (>= net452)) (== net461) (&& (== netstandard2.0) (>= net452))
      DevExpress.Data (19.2.4) - restriction: || (&& (== net40) (>= net452)) (== net461) (&& (== netstandard2.0) (>= net452))
      DevExpress.ExpressApp (19.2.4) - restriction: || (&& (== net40) (>= net452)) (== net461) (&& (== netstandard2.0) (>= net452))
      DevExpress.Office.Core (19.2.4) - restriction: || (&& (== net40) (>= net452)) (== net461) (&& (== netstandard2.0) (>= net452))
      DevExpress.Persistent.Base (19.2.4) - restriction: || (&& (== net40) (>= net452)) (== net461) (&& (== netstandard2.0) (>= net452))
      DevExpress.Printing.Core (19.2.4) - restriction: || (&& (== net40) (>= net452)) (== net461) (&& (== netstandard2.0) (>= net452))
      DevExpress.RichEdit.Core (19.2.4) - restriction: || (&& (== net40) (>= net452)) (== net461) (&& (== netstandard2.0) (>= net452))
      DevExpress.Utils (19.2.4) - restriction: || (&& (== net40) (>= net452)) (== net461) (&& (== netstandard2.0) (>= net452))
      DevExpress.Win (19.2.4) - restriction: || (&& (== net40) (>= net452)) (== net461) (&& (== netstandard2.0) (>= net452))
      DevExpress.Win.BonusSkins (19.2.4) - restriction: || (&& (== net40) (>= net452)) (== net461) (&& (== netstandard2.0) (>= net452))
      DevExpress.Win.Grid (19.2.4) - restriction: || (&& (== net40) (>= net452)) (== net461) (&& (== netstandard2.0) (>= net452))
      DevExpress.Win.Navigation (19.2.4) - restriction: || (&& (== net40) (>= net452)) (== net461) (&& (== netstandard2.0) (>= net452))
      DevExpress.Win.Printing (19.2.4) - restriction: || (&& (== net40) (>= net452)) (== net461) (&& (== netstandard2.0) (>= net452))
      DevExpress.Win.RichEdit (19.2.4) - restriction: || (&& (== net40) (>= net452)) (== net461) (&& (== netstandard2.0) (>= net452))
      DevExpress.Win.TreeList (19.2.4) - restriction: || (&& (== net40) (>= net452)) (== net461) (&& (== netstandard2.0) (>= net452))
      DevExpress.Win.VerticalGrid (19.2.4) - restriction: || (&& (== net40) (>= net452)) (== net461) (&& (== netstandard2.0) (>= net452))
    DevExpress.ExpressApp.Win.All (19.2.4)
      DevExpress.ExpressApp.Chart.Win (19.2.4) - restriction: || (&& (== net40) (>= net452)) (== net461) (&& (== netstandard2.0) (>= net452))
      DevExpress.ExpressApp.Core.All (19.2.4) - restriction: || (&& (== net40) (>= net452)) (== net461) (&& (== netstandard2.0) (>= net452))
      DevExpress.ExpressApp.Dashboards.Win (19.2.4) - restriction: || (&& (== net40) (>= net452)) (== net461) (&& (== netstandard2.0) (>= net452))
      DevExpress.ExpressApp.EasyTest.WinAdapter (19.2.4) - restriction: || (&& (== net40) (>= net452)) (== net461) (&& (== netstandard2.0) (>= net452))
      DevExpress.ExpressApp.FileAttachment.Win (19.2.4) - restriction: || (&& (== net40) (>= net452)) (== net461) (&& (== netstandard2.0) (>= net452))
      DevExpress.ExpressApp.HtmlPropertyEditor.Win (19.2.4) - restriction: || (&& (== net40) (>= net452)) (== net461) (&& (== netstandard2.0) (>= net452))
      DevExpress.ExpressApp.Notifications.Win (19.2.4) - restriction: || (&& (== net40) (>= net452)) (== net461) (&& (== netstandard2.0) (>= net452))
      DevExpress.ExpressApp.Office.Win (19.2.4) - restriction: || (&& (== net40) (>= net452)) (== net461) (&& (== netstandard2.0) (>= net452))
      DevExpress.ExpressApp.PivotChart.Win (19.2.4) - restriction: || (&& (== net40) (>= net452)) (== net461) (&& (== netstandard2.0) (>= net452))
      DevExpress.ExpressApp.PivotGrid.Win (19.2.4) - restriction: || (&& (== net40) (>= net452)) (== net461) (&& (== netstandard2.0) (>= net452))
      DevExpress.ExpressApp.ReportsV2.Win (19.2.4) - restriction: || (&& (== net40) (>= net452)) (== net461) (&& (== netstandard2.0) (>= net452))
      DevExpress.ExpressApp.Scheduler.Win (19.2.4) - restriction: || (&& (== net40) (>= net452)) (== net461) (&& (== netstandard2.0) (>= net452))
      DevExpress.ExpressApp.ScriptRecorder.Win (19.2.4) - restriction: || (&& (== net40) (>= net452)) (== net461) (&& (== netstandard2.0) (>= net452))
      DevExpress.ExpressApp.TreeListEditors.Win (19.2.4) - restriction: || (&& (== net40) (>= net452)) (== net461) (&& (== netstandard2.0) (>= net452))
      DevExpress.ExpressApp.Validation.Win (19.2.4) - restriction: || (&& (== net40) (>= net452)) (== net461) (&& (== netstandard2.0) (>= net452))
      DevExpress.ExpressApp.Win (19.2.4) - restriction: || (&& (== net40) (>= net452)) (== net461) (&& (== netstandard2.0) (>= net452))
      DevExpress.ExpressApp.Workflow.Win (19.2.4) - restriction: || (&& (== net40) (>= net452)) (== net461) (&& (== netstandard2.0) (>= net452))
    DevExpress.ExpressApp.Workflow (19.2.4) - restriction: || (&& (== net40) (>= net452)) (&& (== net40) (>= netstandard2.0)) (== net461) (== netstandard2.0)
      DevExpress.Data (19.2.4) - restriction: || (&& (== net40) (>= net452)) (== net461) (&& (== netstandard2.0) (>= net452))
      DevExpress.ExpressApp (19.2.4) - restriction: || (&& (== net40) (>= net452)) (== net461) (&& (== netstandard2.0) (>= net452))
      DevExpress.ExpressApp.ConditionalAppearance (19.2.4) - restriction: || (&& (== net40) (>= net452)) (== net461) (&& (== netstandard2.0) (>= net452))
      DevExpress.ExpressApp.Security (19.2.4) - restriction: || (&& (== net40) (>= net452)) (== net461) (&& (== netstandard2.0) (>= net452))
      DevExpress.Persistent.Base (19.2.4) - restriction: || (&& (== net40) (>= net452)) (== net461) (&& (== netstandard2.0) (>= net452))
      DevExpress.Utils (19.2.4) - restriction: || (&& (== net40) (>= net452)) (== net461) (&& (== netstandard2.0) (>= net452))
    DevExpress.ExpressApp.Workflow.Win (19.2.4) - restriction: || (&& (== net40) (>= net452)) (== net461) (&& (== netstandard2.0) (>= net452))
      DevExpress.Data (19.2.4) - restriction: || (&& (== net40) (>= net452)) (== net461) (&& (== netstandard2.0) (>= net452))
      DevExpress.ExpressApp (19.2.4) - restriction: || (&& (== net40) (>= net452)) (== net461) (&& (== netstandard2.0) (>= net452))
      DevExpress.ExpressApp.Win (19.2.4) - restriction: || (&& (== net40) (>= net452)) (== net461) (&& (== netstandard2.0) (>= net452))
      DevExpress.ExpressApp.Workflow (19.2.4) - restriction: || (&& (== net40) (>= net452)) (== net461) (&& (== netstandard2.0) (>= net452))
      DevExpress.Persistent.Base (19.2.4) - restriction: || (&& (== net40) (>= net452)) (== net461) (&& (== netstandard2.0) (>= net452))
      DevExpress.Utils (19.2.4) - restriction: || (&& (== net40) (>= net452)) (== net461) (&& (== netstandard2.0) (>= net452))
    DevExpress.ExpressApp.Xpo (19.2.4) - restriction: || (&& (== net40) (>= net452)) (&& (== net40) (>= netstandard2.0)) (== net461) (== netstandard2.0)
      DevExpress.Data (19.2.4) - restriction: || (&& (== net40) (>= net452)) (&& (== net40) (>= netstandard2.0)) (== net461) (== netstandard2.0)
      DevExpress.ExpressApp (19.2.4) - restriction: || (&& (== net40) (>= net452)) (&& (== net40) (>= netstandard2.0)) (== net461) (== netstandard2.0)
      DevExpress.Xpo (19.2.4) - restriction: || (&& (== net40) (>= net452)) (&& (== net40) (>= netstandard2.0)) (== net461) (== netstandard2.0)
      NETStandard.Library (>= 2.0.3) - restriction: || (&& (== net40) (>= netstandard2.0)) (&& (== net461) (< net452) (>= netstandard2.0)) (== netstandard2.0)
      System.Drawing.Common (>= 4.5) - restriction: || (&& (== net40) (>= netstandard2.0)) (&& (== net461) (< net452) (>= netstandard2.0)) (== netstandard2.0)
      System.Security.Permissions (>= 4.5) - restriction: || (&& (== net40) (>= netstandard2.0)) (&& (== net461) (< net452) (>= netstandard2.0)) (== netstandard2.0)
    DevExpress.Gauges.Core (19.2.4) - restriction: || (&& (== net40) (>= net452)) (&& (== net40) (>= netstandard2.0)) (== net461) (== netstandard2.0)
      DevExpress.Data (19.2.4) - restriction: || (&& (== net40) (>= net452)) (&& (== net40) (>= netstandard2.0)) (== net461) (== netstandard2.0)
      DevExpress.Printing.Core (19.2.4) - restriction: || (&& (== net40) (>= net452)) (== net461) (&& (== netstandard2.0) (>= net452))
      NETStandard.Library (>= 2.0.3) - restriction: || (&& (== net40) (>= netstandard2.0)) (&& (== net461) (< net452) (>= netstandard2.0)) (== netstandard2.0)
      System.Drawing.Common (>= 4.5) - restriction: || (&& (== net40) (>= netstandard2.0)) (&& (== net461) (< net452) (>= netstandard2.0)) (== netstandard2.0)
    DevExpress.Images (19.2.4) - restriction: || (&& (== net40) (>= net452)) (&& (== net40) (>= netstandard2.0)) (== net461) (== netstandard2.0)
      DevExpress.Data (19.2.4) - restriction: || (&& (== net40) (>= net452)) (&& (== net40) (>= netstandard2.0)) (== net461) (== netstandard2.0)
      NETStandard.Library (>= 2.0.3) - restriction: || (&& (== net40) (>= netstandard2.0)) (&& (== net461) (< net452) (>= netstandard2.0)) (== netstandard2.0)
      System.Drawing.Common (>= 4.5) - restriction: || (&& (== net40) (>= netstandard2.0)) (&& (== net461) (< net452) (>= netstandard2.0)) (== netstandard2.0)
    DevExpress.Map.Core (19.2.4) - restriction: || (&& (== net40) (>= net452)) (== net461) (&& (== netstandard2.0) (>= net452))
      DevExpress.Data (19.2.4) - restriction: || (&& (== net40) (>= net452)) (&& (== net40) (>= netstandard2.0)) (== net461) (== netstandard2.0)
    DevExpress.Office.Core (19.2.4) - restriction: || (&& (== net40) (>= net452)) (&& (== net40) (>= netstandard2.0)) (== net461) (== netstandard2.0)
      DevExpress.Data (19.2.4) - restriction: || (&& (== net40) (>= net452)) (&& (== net40) (>= netstandard2.0)) (== net461) (== netstandard2.0)
      DevExpress.Pdf.Core (19.2.4) - restriction: || (&& (== net40) (>= netstandard2.0)) (&& (== net461) (< net452) (>= netstandard2.0)) (== netstandard2.0)
      DevExpress.Printing.Core (19.2.4) - restriction: || (&& (== net40) (>= net452)) (&& (== net40) (>= netstandard2.0)) (== net461) (== netstandard2.0)
      NETStandard.Library (>= 2.0.3) - restriction: || (&& (== net40) (>= netstandard2.0)) (&& (== net461) (< net452) (>= netstandard2.0)) (== netstandard2.0)
      System.Drawing.Common (>= 4.5) - restriction: || (&& (== net40) (>= netstandard2.0)) (&& (== net461) (< net452) (>= netstandard2.0)) (== netstandard2.0)
    DevExpress.Pdf.Core (19.2.4) - restriction: || (&& (== net40) (>= net452)) (&& (== net40) (>= netstandard2.0)) (== net461) (== netstandard2.0)
      DevExpress.Data (19.2.4) - restriction: || (&& (== net40) (>= net452)) (&& (== net40) (>= netstandard2.0)) (== net461) (== netstandard2.0)
      NETStandard.Library (>= 2.0.3) - restriction: || (&& (== net40) (>= netstandard2.0)) (&& (== net461) (< net452) (>= netstandard2.0)) (== netstandard2.0)
      System.Drawing.Common (>= 4.5) - restriction: || (&& (== net40) (>= netstandard2.0)) (&& (== net461) (< net452) (>= netstandard2.0)) (== netstandard2.0)
      System.Reflection.Emit (>= 4.3) - restriction: || (&& (== net40) (>= netstandard2.0)) (&& (== net461) (< net452) (>= netstandard2.0)) (== netstandard2.0)
      System.Security.Cryptography.Pkcs (>= 4.5.2) - restriction: || (&& (== net40) (>= netstandard2.0)) (&& (== net461) (< net452) (>= netstandard2.0)) (== netstandard2.0)
    DevExpress.Pdf.Drawing (19.2.4) - restriction: || (&& (== net40) (>= net452)) (&& (== net40) (>= netstandard2.0)) (== net461) (== netstandard2.0)
      DevExpress.Data (19.2.4) - restriction: || (&& (== net40) (>= net452)) (&& (== net40) (>= netstandard2.0)) (== net461) (== netstandard2.0)
      DevExpress.Pdf.Core (19.2.4) - restriction: || (&& (== net40) (>= net452)) (&& (== net40) (>= netstandard2.0)) (== net461) (== netstandard2.0)
      NETStandard.Library (>= 2.0.3) - restriction: || (&& (== net40) (>= netstandard2.0)) (&& (== net461) (< net452) (>= netstandard2.0)) (== netstandard2.0)
      System.Drawing.Common (>= 4.5) - restriction: || (&& (== net40) (>= netstandard2.0)) (&& (== net461) (< net452) (>= netstandard2.0)) (== netstandard2.0)
    DevExpress.Persistent.Base (19.2.4) - restriction: || (&& (== net40) (>= net452)) (&& (== net40) (>= netstandard2.0)) (== net461) (== netstandard2.0)
      DevExpress.Data (19.2.4) - restriction: || (&& (== net40) (>= net452)) (&& (== net40) (>= netstandard2.0)) (== net461) (== netstandard2.0)
      DevExpress.ExpressApp (19.2.4) - restriction: || (&& (== net40) (>= net452)) (&& (== net40) (>= netstandard2.0)) (== net461) (== netstandard2.0)
      DevExpress.Printing.Core (19.2.4) - restriction: || (&& (== net40) (>= net452)) (&& (== net40) (>= netstandard2.0)) (== net461) (== netstandard2.0)
      DevExpress.Reporting.Core (19.2.4) - restriction: || (&& (== net40) (>= net452)) (&& (== net40) (>= netstandard2.0)) (== net461) (== netstandard2.0)
      NETStandard.Library (>= 2.0.3) - restriction: || (&& (== net40) (>= netstandard2.0)) (&& (== net461) (< net452) (>= netstandard2.0)) (== netstandard2.0)
      System.Drawing.Common (>= 4.5) - restriction: || (&& (== net40) (>= netstandard2.0)) (&& (== net461) (< net452) (>= netstandard2.0)) (== netstandard2.0)
    DevExpress.Persistent.BaseImpl (19.2.4) - restriction: || (&& (== net40) (>= net452)) (&& (== net40) (>= netstandard2.0)) (== net461) (== netstandard2.0)
      DevExpress.Data (19.2.4) - restriction: || (&& (== net40) (>= net452)) (&& (== net40) (>= netstandard2.0)) (== net461) (== netstandard2.0)
      DevExpress.ExpressApp (19.2.4) - restriction: || (&& (== net40) (>= net452)) (&& (== net40) (>= netstandard2.0)) (== net461) (== netstandard2.0)
      DevExpress.ExpressApp.Objects (19.2.4) - restriction: || (&& (== net40) (>= net452)) (&& (== net40) (>= netstandard2.0)) (== net461) (== netstandard2.0)
      DevExpress.ExpressApp.Xpo (19.2.4) - restriction: || (&& (== net40) (>= net452)) (&& (== net40) (>= netstandard2.0)) (== net461) (== netstandard2.0)
      DevExpress.Persistent.Base (19.2.4) - restriction: || (&& (== net40) (>= net452)) (&& (== net40) (>= netstandard2.0)) (== net461) (== netstandard2.0)
      DevExpress.Reporting.Core (19.2.4) - restriction: || (&& (== net40) (>= net452)) (&& (== net40) (>= netstandard2.0)) (== net461) (== netstandard2.0)
      DevExpress.Scheduler.Core (19.2.4) - restriction: || (&& (== net40) (>= net452)) (&& (== net40) (>= netstandard2.0)) (== net461) (== netstandard2.0)
      DevExpress.Xpo (19.2.4) - restriction: || (&& (== net40) (>= net452)) (&& (== net40) (>= netstandard2.0)) (== net461) (== netstandard2.0)
      NETStandard.Library (>= 2.0.3) - restriction: || (&& (== net40) (>= netstandard2.0)) (&& (== net461) (< net452) (>= netstandard2.0)) (== netstandard2.0)
      System.Drawing.Common (>= 4.5) - restriction: || (&& (== net40) (>= netstandard2.0)) (&& (== net461) (< net452) (>= netstandard2.0)) (== netstandard2.0)
    DevExpress.PivotGrid.Core (19.2.4) - restriction: || (&& (== net40) (>= net452)) (&& (== net40) (>= netstandard2.0)) (== net461) (== netstandard2.0)
      DevExpress.Data (19.2.4) - restriction: || (&& (== net40) (>= net452)) (&& (== net40) (>= netstandard2.0)) (== net461) (== netstandard2.0)
      DevExpress.Printing.Core (19.2.4) - restriction: || (&& (== net40) (>= net452)) (&& (== net40) (>= netstandard2.0)) (== net461) (== netstandard2.0)
    DevExpress.Printing.Core (19.2.4) - restriction: || (&& (== net40) (>= net452)) (&& (== net40) (>= netstandard2.0)) (== net461) (== netstandard2.0)
      DevExpress.Data (19.2.4) - restriction: || (&& (== net40) (>= net452)) (&& (== net40) (>= netstandard2.0)) (== net461) (== netstandard2.0)
      DevExpress.Pdf.Core (19.2.4) - restriction: || (&& (== net40) (>= net452)) (&& (== net40) (>= netstandard2.0)) (== net461) (== netstandard2.0)
      NETStandard.Library (>= 2.0.3) - restriction: || (&& (== net40) (>= netstandard2.0)) (&& (== net461) (< net452) (>= netstandard2.0)) (== netstandard2.0)
      System.ComponentModel.Annotations (>= 4.4) - restriction: || (&& (== net40) (>= netstandard2.0)) (&& (== net461) (< net452) (>= netstandard2.0)) (== netstandard2.0)
      System.Drawing.Common (>= 4.5) - restriction: || (&& (== net40) (>= netstandard2.0)) (&& (== net461) (< net452) (>= netstandard2.0)) (== netstandard2.0)
      System.Security.Cryptography.Pkcs (>= 4.5.2) - restriction: || (&& (== net40) (>= netstandard2.0)) (&& (== net461) (< net452) (>= netstandard2.0)) (== netstandard2.0)
      System.ServiceModel.Http (>= 4.4) - restriction: || (&& (== net40) (>= netstandard2.0)) (&& (== net461) (< net452) (>= netstandard2.0)) (== netstandard2.0)
      System.ServiceModel.Primitives (>= 4.4) - restriction: || (&& (== net40) (>= netstandard2.0)) (&& (== net461) (< net452) (>= netstandard2.0)) (== netstandard2.0)
    DevExpress.Reporting.Core (19.2.4) - restriction: || (&& (== net40) (>= net452)) (&& (== net40) (>= netstandard2.0)) (== net461) (== netstandard2.0)
      DevExpress.Charts (19.2.4) - restriction: || (&& (== net40) (>= net452)) (&& (== net40) (>= netstandard2.0)) (== net461) (== netstandard2.0)
      DevExpress.Charts.Core (19.2.4) - restriction: || (&& (== net40) (>= net452)) (&& (== net40) (>= netstandard2.0)) (== net461) (== netstandard2.0)
      DevExpress.CodeParser (19.2.4) - restriction: || (&& (== net40) (>= net452)) (&& (== net40) (>= netstandard2.0)) (== net461) (== netstandard2.0)
      DevExpress.Data (19.2.4) - restriction: || (&& (== net40) (>= net452)) (&& (== net40) (>= netstandard2.0)) (== net461) (== netstandard2.0)
      DevExpress.DataAccess (19.2.4) - restriction: || (&& (== net40) (>= net452)) (&& (== net40) (>= netstandard2.0)) (== net461) (== netstandard2.0)
      DevExpress.Gauges.Core (19.2.4) - restriction: || (&& (== net40) (>= net452)) (&& (== net40) (>= netstandard2.0)) (== net461) (== netstandard2.0)
      DevExpress.Office.Core (19.2.4) - restriction: || (&& (== net40) (>= net452)) (&& (== net40) (>= netstandard2.0)) (== net461) (== netstandard2.0)
      DevExpress.PivotGrid.Core (19.2.4) - restriction: || (&& (== net40) (>= net452)) (&& (== net40) (>= netstandard2.0)) (== net461) (== netstandard2.0)
      DevExpress.Printing.Core (19.2.4) - restriction: || (&& (== net40) (>= net452)) (&& (== net40) (>= netstandard2.0)) (== net461) (== netstandard2.0)
      DevExpress.RichEdit.Core (19.2.4) - restriction: || (&& (== net40) (>= net452)) (&& (== net40) (>= netstandard2.0)) (== net461) (== netstandard2.0)
      DevExpress.RichEdit.Export (19.2.4) - restriction: || (&& (== net40) (>= net452)) (&& (== net40) (>= netstandard2.0)) (== net461) (== netstandard2.0)
      DevExpress.Sparkline.Core (19.2.4) - restriction: || (&& (== net40) (>= net452)) (&& (== net40) (>= netstandard2.0)) (== net461) (== netstandard2.0)
      DevExpress.Xpo (19.2.4) - restriction: || (&& (== net40) (>= net452)) (&& (== net40) (>= netstandard2.0)) (== net461) (== netstandard2.0)
      NETStandard.Library (>= 2.0.3) - restriction: || (&& (== net40) (>= netstandard2.0)) (&& (== net461) (< net452) (>= netstandard2.0)) (== netstandard2.0)
      System.CodeDom (>= 4.4) - restriction: || (&& (== net40) (>= netstandard2.0)) (&& (== net461) (< net452) (>= netstandard2.0)) (== netstandard2.0)
      System.Collections.Immutable (>= 1.5) - restriction: || (&& (== net40) (>= netstandard2.0)) (&& (== net461) (< net452) (>= netstandard2.0)) (== netstandard2.0)
      System.Data.Common (>= 4.3) - restriction: || (&& (== net40) (>= netstandard2.0)) (&& (== net461) (< net452) (>= netstandard2.0)) (== netstandard2.0)
      System.Drawing.Common (>= 4.5) - restriction: || (&& (== net40) (>= netstandard2.0)) (&& (== net461) (< net452) (>= netstandard2.0)) (== netstandard2.0)
      System.ServiceModel.Http (>= 4.4) - restriction: || (&& (== net40) (>= netstandard2.0)) (&& (== net461) (< net452) (>= netstandard2.0)) (== netstandard2.0)
    DevExpress.RichEdit.Core (19.2.4) - restriction: || (&& (== net40) (>= net452)) (&& (== net40) (>= netstandard2.0)) (== net461) (== netstandard2.0)
      DevExpress.Data (19.2.4) - restriction: || (&& (== net40) (>= net452)) (&& (== net40) (>= netstandard2.0)) (== net461) (== netstandard2.0)
      DevExpress.Images (19.2.4) - restriction: || (&& (== net40) (>= net452)) (== net461) (&& (== netstandard2.0) (>= net452))
      DevExpress.Office.Core (19.2.4) - restriction: || (&& (== net40) (>= net452)) (&& (== net40) (>= netstandard2.0)) (== net461) (== netstandard2.0)
      DevExpress.Pdf.Core (19.2.4) - restriction: || (&& (== net40) (>= net452)) (&& (== net40) (>= netstandard2.0)) (== net461) (== netstandard2.0)
      DevExpress.Printing.Core (19.2.4) - restriction: || (&& (== net40) (>= net452)) (&& (== net40) (>= netstandard2.0)) (== net461) (== netstandard2.0)
      NETStandard.Library (>= 2.0.3) - restriction: || (&& (== net40) (>= netstandard2.0)) (&& (== net461) (< net452) (>= netstandard2.0)) (== netstandard2.0)
      System.Drawing.Common (>= 4.5) - restriction: || (&& (== net40) (>= netstandard2.0)) (&& (== net461) (< net452) (>= netstandard2.0)) (== netstandard2.0)
    DevExpress.RichEdit.Export (19.2.4) - restriction: || (&& (== net40) (>= net452)) (&& (== net40) (>= netstandard2.0)) (== net461) (== netstandard2.0)
      DevExpress.Data (19.2.4) - restriction: || (&& (== net40) (>= net452)) (&& (== net40) (>= netstandard2.0)) (== net461) (== netstandard2.0)
      DevExpress.Office.Core (19.2.4) - restriction: || (&& (== net40) (>= net452)) (&& (== net40) (>= netstandard2.0)) (== net461) (== netstandard2.0)
      DevExpress.Printing.Core (19.2.4) - restriction: || (&& (== net40) (>= net452)) (&& (== net40) (>= netstandard2.0)) (== net461) (== netstandard2.0)
      DevExpress.RichEdit.Core (19.2.4) - restriction: || (&& (== net40) (>= net452)) (&& (== net40) (>= netstandard2.0)) (== net461) (== netstandard2.0)
      NETStandard.Library (>= 2.0.3) - restriction: || (&& (== net40) (>= netstandard2.0)) (&& (== net461) (< net452) (>= netstandard2.0)) (== netstandard2.0)
      System.Drawing.Common (>= 4.5) - restriction: || (&& (== net40) (>= netstandard2.0)) (&& (== net461) (< net452) (>= netstandard2.0)) (== netstandard2.0)
    DevExpress.Scheduler.Core (19.2.4) - restriction: || (&& (== net40) (>= net452)) (&& (== net40) (>= netstandard2.0)) (== net461) (== netstandard2.0)
      DevExpress.Data (19.2.4) - restriction: || (&& (== net40) (>= net452)) (&& (== net40) (>= netstandard2.0)) (== net461) (== netstandard2.0)
      DevExpress.Images (19.2.4) - restriction: || (&& (== net40) (>= net452)) (== net461) (&& (== netstandard2.0) (>= net452))
      DevExpress.Printing.Core (19.2.4) - restriction: || (&& (== net40) (>= net452)) (== net461) (&& (== netstandard2.0) (>= net452))
    DevExpress.Snap.Core (19.2.4) - restriction: || (&& (== net40) (>= net452)) (== net461) (&& (== netstandard2.0) (>= net452))
      DevExpress.Charts (19.2.4) - restriction: || (&& (== net40) (>= net452)) (== net461) (&& (== netstandard2.0) (>= net452))
      DevExpress.Charts.Core (19.2.4) - restriction: || (&& (== net40) (>= net452)) (== net461) (&& (== netstandard2.0) (>= net452))
      DevExpress.Data (19.2.4) - restriction: || (&& (== net40) (>= net452)) (== net461) (&& (== netstandard2.0) (>= net452))
      DevExpress.DataAccess (19.2.4) - restriction: || (&& (== net40) (>= net452)) (== net461) (&& (== netstandard2.0) (>= net452))
      DevExpress.Office.Core (19.2.4) - restriction: || (&& (== net40) (>= net452)) (== net461) (&& (== netstandard2.0) (>= net452))
      DevExpress.Printing.Core (19.2.4) - restriction: || (&& (== net40) (>= net452)) (== net461) (&& (== netstandard2.0) (>= net452))
      DevExpress.RichEdit.Core (19.2.4) - restriction: || (&& (== net40) (>= net452)) (== net461) (&& (== netstandard2.0) (>= net452))
      DevExpress.Sparkline.Core (19.2.4) - restriction: || (&& (== net40) (>= net452)) (== net461) (&& (== netstandard2.0) (>= net452))
    DevExpress.Sparkline.Core (19.2.4) - restriction: || (&& (== net40) (>= net452)) (&& (== net40) (>= netstandard2.0)) (== net461) (== netstandard2.0)
      DevExpress.Data (19.2.4) - restriction: || (&& (== net40) (>= net452)) (&& (== net40) (>= netstandard2.0)) (== net461) (== netstandard2.0)
    DevExpress.SpellChecker.Core (19.2.4) - restriction: || (&& (== net40) (>= net452)) (== net461) (&& (== netstandard2.0) (>= net452))
      DevExpress.Data (19.2.4) - restriction: || (&& (== net40) (>= net452)) (== net461) (&& (== netstandard2.0) (>= net452))
    DevExpress.Spreadsheet.Core (19.2.4) - restriction: || (&& (== net40) (>= net452)) (&& (== net40) (>= netstandard2.0)) (== net461) (== netstandard2.0)
      DevExpress.Charts.Core (19.2.4) - restriction: || (&& (== net40) (>= net452)) (&& (== net40) (>= netstandard2.0)) (== net461) (== netstandard2.0)
      DevExpress.Data (19.2.4) - restriction: || (&& (== net40) (>= net452)) (&& (== net40) (>= netstandard2.0)) (== net461) (== netstandard2.0)
      DevExpress.DataAccess (19.2.4) - restriction: || (&& (== net40) (>= net452)) (&& (== net40) (>= netstandard2.0)) (== net461) (== netstandard2.0)
      DevExpress.Office.Core (19.2.4) - restriction: || (&& (== net40) (>= net452)) (&& (== net40) (>= netstandard2.0)) (== net461) (== netstandard2.0)
      DevExpress.Printing.Core (19.2.4) - restriction: || (&& (== net40) (>= net452)) (&& (== net40) (>= netstandard2.0)) (== net461) (== netstandard2.0)
      DevExpress.Sparkline.Core (19.2.4) - restriction: || (&& (== net40) (>= net452)) (&& (== net40) (>= netstandard2.0)) (== net461) (== netstandard2.0)
      NETStandard.Library (>= 2.0.3) - restriction: || (&& (== net40) (>= netstandard2.0)) (&& (== net461) (< net452) (>= netstandard2.0)) (== netstandard2.0)
      System.Drawing.Common (>= 4.5) - restriction: || (&& (== net40) (>= netstandard2.0)) (&& (== net461) (< net452) (>= netstandard2.0)) (== netstandard2.0)
      System.Security.AccessControl (>= 4.5) - restriction: || (&& (== net40) (>= netstandard2.0)) (&& (== net461) (< net452) (>= netstandard2.0)) (== netstandard2.0)
    DevExpress.TreeMap.Core (19.2.4) - restriction: || (&& (== net40) (>= net452)) (== net461) (&& (== netstandard2.0) (>= net452))
      DevExpress.Data (19.2.4) - restriction: || (&& (== net40) (>= net452)) (&& (== net40) (>= netstandard2.0)) (== net461) (== netstandard2.0)
    DevExpress.Utils (19.2.4) - restriction: || (&& (== net40) (>= net452)) (== net461) (&& (== netstandard2.0) (>= net452))
      DevExpress.Data (19.2.4) - restriction: || (&& (== net40) (>= net452)) (== net461) (&& (== netstandard2.0) (>= net452))
      DevExpress.Printing.Core (19.2.4) - restriction: || (&& (== net40) (>= net452)) (== net461) (&& (== netstandard2.0) (>= net452))
    DevExpress.Utils.UI (19.2.4) - restriction: || (&& (== net40) (>= net452)) (== net461) (&& (== netstandard2.0) (>= net452))
      DevExpress.Data (19.2.4) - restriction: || (&& (== net40) (>= net452)) (== net461) (&& (== netstandard2.0) (>= net452))
      DevExpress.Printing.Core (19.2.4) - restriction: || (&& (== net40) (>= net452)) (== net461) (&& (== netstandard2.0) (>= net452))
      DevExpress.Utils (19.2.4) - restriction: || (&& (== net40) (>= net452)) (== net461) (&& (== netstandard2.0) (>= net452))
      DevExpress.Win.Navigation (19.2.4) - restriction: || (&& (== net40) (>= net452)) (== net461) (&& (== netstandard2.0) (>= net452))
      DevExpress.Win.Printing (19.2.4) - restriction: || (&& (== net40) (>= net452)) (== net461) (&& (== netstandard2.0) (>= net452))
      DevExpress.Win.RichEdit (19.2.4) - restriction: || (&& (== net40) (>= net452)) (== net461) (&& (== netstandard2.0) (>= net452))
      DevExpress.Win.TreeList (19.2.4) - restriction: || (&& (== net40) (>= net452)) (== net461) (&& (== netstandard2.0) (>= net452))
      DevExpress.Win.VerticalGrid (19.2.4) - restriction: || (&& (== net40) (>= net452)) (== net461) (&& (== netstandard2.0) (>= net452))
    DevExpress.Web (19.2.4) - restriction: || (&& (== net40) (>= net452)) (== net461) (&& (== netstandard2.0) (>= net452))
      DevExpress.Data (19.2.4) - restriction: || (&& (== net40) (>= net452)) (== net461) (&& (== netstandard2.0) (>= net452))
      DevExpress.Office.Core (19.2.4) - restriction: || (&& (== net40) (>= net452)) (== net461) (&& (== netstandard2.0) (>= net452))
      DevExpress.PivotGrid.Core (19.2.4) - restriction: || (&& (== net40) (>= net452)) (== net461) (&& (== netstandard2.0) (>= net452))
      DevExpress.Printing.Core (19.2.4) - restriction: || (&& (== net40) (>= net452)) (== net461) (&& (== netstandard2.0) (>= net452))
      DevExpress.RichEdit.Core (19.2.4) - restriction: || (&& (== net40) (>= net452)) (== net461) (&& (== netstandard2.0) (>= net452))
      DevExpress.RichEdit.Export (19.2.4) - restriction: || (&& (== net40) (>= net452)) (== net461) (&& (== netstandard2.0) (>= net452))
      DevExpress.SpellChecker.Core (19.2.4) - restriction: || (&& (== net40) (>= net452)) (== net461) (&& (== netstandard2.0) (>= net452))
    DevExpress.Web.Dashboard (19.2.4) - restriction: || (&& (== net40) (>= net452)) (== net461) (&& (== netstandard2.0) (>= net452))
      DevExpress.Dashboard.Core (19.2.4) - restriction: || (&& (== net40) (>= net452)) (== net461) (&& (== netstandard2.0) (>= net452))
      DevExpress.Data (19.2.4) - restriction: || (&& (== net40) (>= net452)) (== net461) (&& (== netstandard2.0) (>= net452))
      DevExpress.DataAccess (19.2.4) - restriction: || (&& (== net40) (>= net452)) (== net461) (&& (== netstandard2.0) (>= net452))
      DevExpress.Web (19.2.4) - restriction: || (&& (== net40) (>= net452)) (== net461) (&& (== netstandard2.0) (>= net452))
      DevExpress.Web.Dashboard.Common (19.2.4) - restriction: || (&& (== net40) (>= net452)) (== net461) (&& (== netstandard2.0) (>= net452))
    DevExpress.Web.Dashboard.Common (19.2.4) - restriction: || (&& (== net40) (>= net452)) (== net461) (&& (== netstandard2.0) (>= net452))
      DevExpress.Charts.Core (19.2.4) - restriction: || (&& (== net40) (>= net452)) (== net461) (&& (== netstandard2.0) (>= net452))
      DevExpress.Dashboard.Core (19.2.4) - restriction: || (&& (== net40) (>= net452)) (&& (== net40) (>= netstandard2.0)) (== net461) (== netstandard2.0)
      DevExpress.Data (19.2.4) - restriction: || (&& (== net40) (>= net452)) (&& (== net40) (>= netstandard2.0)) (== net461) (== netstandard2.0)
      DevExpress.DataAccess (19.2.4) - restriction: || (&& (== net40) (>= net452)) (&& (== net40) (>= netstandard2.0)) (== net461) (== netstandard2.0)
      DevExpress.Pdf.Core (19.2.4) - restriction: || (&& (== net40) (>= net452)) (== net461) (&& (== netstandard2.0) (>= net452))
      DevExpress.PivotGrid.Core (19.2.4) - restriction: || (&& (== net40) (>= net452)) (&& (== net40) (>= netstandard2.0)) (== net461) (== netstandard2.0)
      DevExpress.Printing.Core (19.2.4) - restriction: || (&& (== net40) (>= net452)) (&& (== net40) (>= netstandard2.0)) (== net461) (== netstandard2.0)
      DevExpress.Reporting.Core (19.2.4) - restriction: || (&& (== net40) (>= net452)) (&& (== net40) (>= netstandard2.0)) (== net461) (== netstandard2.0)
      DevExpress.RichEdit.Core (19.2.4) - restriction: || (&& (== net40) (>= net452)) (== net461) (&& (== netstandard2.0) (>= net452))
      DevExpress.Xpo (19.2.4) - restriction: || (&& (== net40) (>= net452)) (== net461) (&& (== netstandard2.0) (>= net452))
    DevExpress.Web.Office (19.2.4) - restriction: || (&& (== net40) (>= net452)) (== net461) (&& (== netstandard2.0) (>= net452))
      DevExpress.Charts (19.2.4) - restriction: || (&& (== net40) (>= net452)) (== net461) (&& (== netstandard2.0) (>= net452))
      DevExpress.Charts.Core (19.2.4) - restriction: || (&& (== net40) (>= net452)) (== net461) (&& (== netstandard2.0) (>= net452))
      DevExpress.Data (19.2.4) - restriction: || (&& (== net40) (>= net452)) (== net461) (&& (== netstandard2.0) (>= net452))
      DevExpress.Office.Core (19.2.4) - restriction: || (&& (== net40) (>= net452)) (== net461) (&& (== netstandard2.0) (>= net452))
      DevExpress.Printing.Core (19.2.4) - restriction: || (&& (== net40) (>= net452)) (== net461) (&& (== netstandard2.0) (>= net452))
      DevExpress.RichEdit.Core (19.2.4) - restriction: || (&& (== net40) (>= net452)) (== net461) (&& (== netstandard2.0) (>= net452))
      DevExpress.SpellChecker.Core (19.2.4) - restriction: || (&& (== net40) (>= net452)) (== net461) (&& (== netstandard2.0) (>= net452))
      DevExpress.Spreadsheet.Core (19.2.4) - restriction: || (&& (== net40) (>= net452)) (== net461) (&& (== netstandard2.0) (>= net452))
      DevExpress.Web (19.2.4) - restriction: || (&& (== net40) (>= net452)) (== net461) (&& (== netstandard2.0) (>= net452))
    DevExpress.Web.Reporting (19.2.4) - restriction: || (&& (== net40) (>= net452)) (== net461) (&& (== netstandard2.0) (>= net452))
      DevExpress.Data (19.2.4) - restriction: || (&& (== net40) (>= net452)) (== net461) (&& (== netstandard2.0) (>= net452))
      DevExpress.DataAccess (19.2.4) - restriction: || (&& (== net40) (>= net452)) (== net461) (&& (== netstandard2.0) (>= net452))
      DevExpress.Printing.Core (19.2.4) - restriction: || (&& (== net40) (>= net452)) (== net461) (&& (== netstandard2.0) (>= net452))
      DevExpress.Reporting.Core (19.2.4) - restriction: || (&& (== net40) (>= net452)) (== net461) (&& (== netstandard2.0) (>= net452))
      DevExpress.Utils (19.2.4) - restriction: || (&& (== net40) (>= net452)) (== net461) (&& (== netstandard2.0) (>= net452))
      DevExpress.Web (19.2.4) - restriction: || (&& (== net40) (>= net452)) (== net461) (&& (== netstandard2.0) (>= net452))
      DevExpress.Web.Reporting.Common (19.2.4) - restriction: || (&& (== net40) (>= net452)) (== net461) (&& (== netstandard2.0) (>= net452))
    DevExpress.Web.Reporting.Common (19.2.4) - restriction: || (&& (== net40) (>= net452)) (== net461) (&& (== netstandard2.0) (>= net452))
      DevExpress.Charts (19.2.4) - restriction: || (&& (== net40) (>= net452)) (&& (== net40) (>= netstandard2.0)) (== net461) (== netstandard2.0)
      DevExpress.Charts.Core (19.2.4) - restriction: || (&& (== net40) (>= net452)) (&& (== net40) (>= netstandard2.0)) (== net461) (== netstandard2.0)
      DevExpress.Data (19.2.4) - restriction: || (&& (== net40) (>= net452)) (&& (== net40) (>= netstandard2.0)) (== net461) (== netstandard2.0)
      DevExpress.DataAccess (19.2.4) - restriction: || (&& (== net40) (>= net452)) (&& (== net40) (>= netstandard2.0)) (== net461) (== netstandard2.0)
      DevExpress.Gauges.Core (19.2.4) - restriction: || (&& (== net40) (>= net452)) (&& (== net40) (>= netstandard2.0)) (== net461) (== netstandard2.0)
      DevExpress.PivotGrid.Core (19.2.4) - restriction: || (&& (== net40) (>= net452)) (&& (== net40) (>= netstandard2.0)) (== net461) (== netstandard2.0)
      DevExpress.Printing.Core (19.2.4) - restriction: || (&& (== net40) (>= net452)) (&& (== net40) (>= netstandard2.0)) (== net461) (== netstandard2.0)
      DevExpress.Reporting.Core (19.2.4) - restriction: || (&& (== net40) (>= net452)) (&& (== net40) (>= netstandard2.0)) (== net461) (== netstandard2.0)
      DevExpress.Sparkline.Core (19.2.4) - restriction: || (&& (== net40) (>= net452)) (&& (== net40) (>= netstandard2.0)) (== net461) (== netstandard2.0)
    DevExpress.Web.Scheduler (19.2.4) - restriction: || (&& (== net40) (>= net452)) (== net461) (&& (== netstandard2.0) (>= net452))
      DevExpress.Data (19.2.4) - restriction: || (&& (== net40) (>= net452)) (== net461) (&& (== netstandard2.0) (>= net452))
      DevExpress.Scheduler.Core (19.2.4) - restriction: || (&& (== net40) (>= net452)) (== net461) (&& (== netstandard2.0) (>= net452))
      DevExpress.Web (19.2.4) - restriction: || (&& (== net40) (>= net452)) (== net461) (&& (== netstandard2.0) (>= net452))
    DevExpress.Web.Themes (19.2.4) - restriction: || (&& (== net40) (>= net452)) (== net461) (&& (== netstandard2.0) (>= net452))
      DevExpress.Web (19.2.4) - restriction: || (&& (== net40) (>= net452)) (== net461) (&& (== netstandard2.0) (>= net452))
    DevExpress.Web.Visualization (19.2.4) - restriction: || (&& (== net40) (>= net452)) (== net461) (&& (== netstandard2.0) (>= net452))
      DevExpress.Charts (19.2.4) - restriction: || (&& (== net40) (>= net452)) (== net461) (&& (== netstandard2.0) (>= net452))
      DevExpress.Charts.Core (19.2.4) - restriction: || (&& (== net40) (>= net452)) (== net461) (&& (== netstandard2.0) (>= net452))
      DevExpress.Data (19.2.4) - restriction: || (&& (== net40) (>= net452)) (== net461) (&& (== netstandard2.0) (>= net452))
      DevExpress.Gauges.Core (19.2.4) - restriction: || (&& (== net40) (>= net452)) (== net461) (&& (== netstandard2.0) (>= net452))
      DevExpress.Printing.Core (19.2.4) - restriction: || (&& (== net40) (>= net452)) (== net461) (&& (== netstandard2.0) (>= net452))
      DevExpress.Web (19.2.4) - restriction: || (&& (== net40) (>= net452)) (== net461) (&& (== netstandard2.0) (>= net452))
    DevExpress.Win (19.2.4) - restriction: || (&& (== net40) (>= net452)) (== net461) (&& (== netstandard2.0) (>= net452))
      DevExpress.Data (19.2.4) - restriction: || (&& (== net40) (>= net452)) (== net461) (&& (== netstandard2.0) (>= net452))
      DevExpress.RichEdit.Export (19.2.4) - restriction: || (&& (== net40) (>= net452)) (== net461) (&& (== netstandard2.0) (>= net452))
      DevExpress.Utils (19.2.4) - restriction: || (&& (== net40) (>= net452)) (== net461) (&& (== netstandard2.0) (>= net452))
      DevExpress.Win.Grid (19.2.4) - restriction: || (&& (== net40) (>= net452)) (== net461) (&& (== netstandard2.0) (>= net452))
      DevExpress.Win.Navigation (19.2.4) - restriction: || (&& (== net40) (>= net452)) (== net461) (&& (== netstandard2.0) (>= net452))
      DevExpress.Win.PivotGrid (19.2.4) - restriction: || (&& (== net40) (>= net452)) (== net461) (&& (== netstandard2.0) (>= net452))
      DevExpress.Win.Printing (19.2.4) - restriction: || (&& (== net40) (>= net452)) (== net461) (&& (== netstandard2.0) (>= net452))
      DevExpress.Win.TreeList (19.2.4) - restriction: || (&& (== net40) (>= net452)) (== net461) (&& (== netstandard2.0) (>= net452))
      DevExpress.Win.VerticalGrid (19.2.4) - restriction: || (&& (== net40) (>= net452)) (== net461) (&& (== netstandard2.0) (>= net452))
    DevExpress.Win.BonusSkins (19.2.4) - restriction: || (&& (== net40) (>= net452)) (== net461) (&& (== netstandard2.0) (>= net452))
      DevExpress.Utils (19.2.4) - restriction: || (&& (== net40) (>= net452)) (== net461) (&& (== netstandard2.0) (>= net452))
    DevExpress.Win.Charts (19.2.4) - restriction: || (&& (== net40) (>= net452)) (== net461) (&& (== netstandard2.0) (>= net452))
      DevExpress.Charts (19.2.4) - restriction: || (&& (== net40) (>= net452)) (== net461) (&& (== netstandard2.0) (>= net452))
      DevExpress.Charts.Core (19.2.4) - restriction: || (&& (== net40) (>= net452)) (== net461) (&& (== netstandard2.0) (>= net452))
      DevExpress.Data (19.2.4) - restriction: || (&& (== net40) (>= net452)) (== net461) (&& (== netstandard2.0) (>= net452))
      DevExpress.Printing.Core (19.2.4) - restriction: || (&& (== net40) (>= net452)) (== net461) (&& (== netstandard2.0) (>= net452))
      DevExpress.Utils (19.2.4) - restriction: || (&& (== net40) (>= net452)) (== net461) (&& (== netstandard2.0) (>= net452))
      DevExpress.Utils.UI (19.2.4) - restriction: || (&& (== net40) (>= net452)) (== net461) (&& (== netstandard2.0) (>= net452))
      DevExpress.Win (19.2.4) - restriction: || (&& (== net40) (>= net452)) (== net461) (&& (== netstandard2.0) (>= net452))
      DevExpress.Win.Grid (19.2.4) - restriction: || (&& (== net40) (>= net452)) (== net461) (&& (== netstandard2.0) (>= net452))
      DevExpress.Win.Navigation (19.2.4) - restriction: || (&& (== net40) (>= net452)) (== net461) (&& (== netstandard2.0) (>= net452))
      DevExpress.Win.Printing (19.2.4) - restriction: || (&& (== net40) (>= net452)) (== net461) (&& (== netstandard2.0) (>= net452))
      DevExpress.Win.TreeList (19.2.4) - restriction: || (&& (== net40) (>= net452)) (== net461) (&& (== netstandard2.0) (>= net452))
      DevExpress.Win.VerticalGrid (19.2.4) - restriction: || (&& (== net40) (>= net452)) (== net461) (&& (== netstandard2.0) (>= net452))
    DevExpress.Win.Dashboard (19.2.4) - restriction: || (&& (== net40) (>= net452)) (== net461) (&& (== netstandard2.0) (>= net452))
      DevExpress.Charts (19.2.4) - restriction: || (&& (== net40) (>= net452)) (== net461) (&& (== netstandard2.0) (>= net452))
      DevExpress.Charts.Core (19.2.4) - restriction: || (&& (== net40) (>= net452)) (== net461) (&& (== netstandard2.0) (>= net452))
      DevExpress.Dashboard.Core (19.2.4) - restriction: || (&& (== net40) (>= net452)) (== net461) (&& (== netstandard2.0) (>= net452))
      DevExpress.Data (19.2.4) - restriction: || (&& (== net40) (>= net452)) (== net461) (&& (== netstandard2.0) (>= net452))
      DevExpress.DataAccess (19.2.4) - restriction: || (&& (== net40) (>= net452)) (== net461) (&& (== netstandard2.0) (>= net452))
      DevExpress.DataAccess.UI (19.2.4) - restriction: || (&& (== net40) (>= net452)) (== net461) (&& (== netstandard2.0) (>= net452))
      DevExpress.Gauges.Core (19.2.4) - restriction: || (&& (== net40) (>= net452)) (== net461) (&& (== netstandard2.0) (>= net452))
      DevExpress.Map.Core (19.2.4) - restriction: || (&& (== net40) (>= net452)) (== net461) (&& (== netstandard2.0) (>= net452))
      DevExpress.Office.Core (19.2.4) - restriction: || (&& (== net40) (>= net452)) (== net461) (&& (== netstandard2.0) (>= net452))
      DevExpress.PivotGrid.Core (19.2.4) - restriction: || (&& (== net40) (>= net452)) (== net461) (&& (== netstandard2.0) (>= net452))
      DevExpress.Printing.Core (19.2.4) - restriction: || (&& (== net40) (>= net452)) (== net461) (&& (== netstandard2.0) (>= net452))
      DevExpress.Reporting.Core (19.2.4) - restriction: || (&& (== net40) (>= net452)) (== net461) (&& (== netstandard2.0) (>= net452))
      DevExpress.RichEdit.Core (19.2.4) - restriction: || (&& (== net40) (>= net452)) (== net461) (&& (== netstandard2.0) (>= net452))
      DevExpress.Sparkline.Core (19.2.4) - restriction: || (&& (== net40) (>= net452)) (== net461) (&& (== netstandard2.0) (>= net452))
      DevExpress.TreeMap.Core (19.2.4) - restriction: || (&& (== net40) (>= net452)) (== net461) (&& (== netstandard2.0) (>= net452))
      DevExpress.Utils (19.2.4) - restriction: || (&& (== net40) (>= net452)) (== net461) (&& (== netstandard2.0) (>= net452))
      DevExpress.Utils.UI (19.2.4) - restriction: || (&& (== net40) (>= net452)) (== net461) (&& (== netstandard2.0) (>= net452))
      DevExpress.Win.Charts (19.2.4) - restriction: || (&& (== net40) (>= net452)) (== net461) (&& (== netstandard2.0) (>= net452))
      DevExpress.Win.Gauges (19.2.4) - restriction: || (&& (== net40) (>= net452)) (== net461) (&& (== netstandard2.0) (>= net452))
      DevExpress.Win.Grid (19.2.4) - restriction: || (&& (== net40) (>= net452)) (== net461) (&& (== netstandard2.0) (>= net452))
      DevExpress.Win.Map (19.2.4) - restriction: || (&& (== net40) (>= net452)) (== net461) (&& (== netstandard2.0) (>= net452))
      DevExpress.Win.Navigation (19.2.4) - restriction: || (&& (== net40) (>= net452)) (== net461) (&& (== netstandard2.0) (>= net452))
      DevExpress.Win.PivotGrid (19.2.4) - restriction: || (&& (== net40) (>= net452)) (== net461) (&& (== netstandard2.0) (>= net452))
      DevExpress.Win.Printing (19.2.4) - restriction: || (&& (== net40) (>= net452)) (== net461) (&& (== netstandard2.0) (>= net452))
      DevExpress.Win.RichEdit (19.2.4) - restriction: || (&& (== net40) (>= net452)) (== net461) (&& (== netstandard2.0) (>= net452))
      DevExpress.Win.TreeList (19.2.4) - restriction: || (&& (== net40) (>= net452)) (== net461) (&& (== netstandard2.0) (>= net452))
      DevExpress.Win.TreeMap (19.2.4) - restriction: || (&& (== net40) (>= net452)) (== net461) (&& (== netstandard2.0) (>= net452))
      DevExpress.Xpo (19.2.4) - restriction: || (&& (== net40) (>= net452)) (== net461) (&& (== netstandard2.0) (>= net452))
    DevExpress.Win.Diagram (19.2.4) - restriction: || (&& (== net40) (>= net452)) (== net461) (&& (== netstandard2.0) (>= net452))
      DevExpress.Data (19.2.4) - restriction: || (&& (== net40) (>= net452)) (== net461) (&& (== netstandard2.0) (>= net452))
      DevExpress.Diagram.Core (19.2.4) - restriction: || (&& (== net40) (>= net452)) (== net461) (&& (== netstandard2.0) (>= net452))
      DevExpress.Pdf.Core (19.2.4) - restriction: || (&& (== net40) (>= net452)) (== net461) (&& (== netstandard2.0) (>= net452))
      DevExpress.Printing.Core (19.2.4) - restriction: || (&& (== net40) (>= net452)) (== net461) (&& (== netstandard2.0) (>= net452))
      DevExpress.Utils (19.2.4) - restriction: || (&& (== net40) (>= net452)) (== net461) (&& (== netstandard2.0) (>= net452))
      DevExpress.Win.Navigation (19.2.4) - restriction: || (&& (== net40) (>= net452)) (== net461) (&& (== netstandard2.0) (>= net452))
      DevExpress.Win.Printing (19.2.4) - restriction: || (&& (== net40) (>= net452)) (== net461) (&& (== netstandard2.0) (>= net452))
      DevExpress.Win.VerticalGrid (19.2.4) - restriction: || (&& (== net40) (>= net452)) (== net461) (&& (== netstandard2.0) (>= net452))
    DevExpress.Win.Gauges (19.2.4) - restriction: || (&& (== net40) (>= net452)) (== net461) (&& (== netstandard2.0) (>= net452))
      DevExpress.Data (19.2.4) - restriction: || (&& (== net40) (>= net452)) (== net461) (&& (== netstandard2.0) (>= net452))
      DevExpress.Gauges.Core (19.2.4) - restriction: || (&& (== net40) (>= net452)) (== net461) (&& (== netstandard2.0) (>= net452))
      DevExpress.Printing.Core (19.2.4) - restriction: || (&& (== net40) (>= net452)) (== net461) (&& (== netstandard2.0) (>= net452))
      DevExpress.Utils (19.2.4) - restriction: || (&& (== net40) (>= net452)) (== net461) (&& (== netstandard2.0) (>= net452))
      DevExpress.Win.Navigation (19.2.4) - restriction: || (&& (== net40) (>= net452)) (== net461) (&& (== netstandard2.0) (>= net452))
      DevExpress.Win.Printing (19.2.4) - restriction: || (&& (== net40) (>= net452)) (== net461) (&& (== netstandard2.0) (>= net452))
    DevExpress.Win.Grid (19.2.4) - restriction: || (&& (== net40) (>= net452)) (== net461) (&& (== netstandard2.0) (>= net452))
      DevExpress.Data (19.2.4) - restriction: || (&& (== net40) (>= net452)) (== net461) (&& (== netstandard2.0) (>= net452))
      DevExpress.Printing.Core (19.2.4) - restriction: || (&& (== net40) (>= net452)) (== net461) (&& (== netstandard2.0) (>= net452))
      DevExpress.Utils (19.2.4) - restriction: || (&& (== net40) (>= net452)) (== net461) (&& (== netstandard2.0) (>= net452))
      DevExpress.Win.Navigation (19.2.4) - restriction: || (&& (== net40) (>= net452)) (== net461) (&& (== netstandard2.0) (>= net452))
      DevExpress.Win.Printing (19.2.4) - restriction: || (&& (== net40) (>= net452)) (== net461) (&& (== netstandard2.0) (>= net452))
    DevExpress.Win.Map (19.2.4) - restriction: || (&& (== net40) (>= net452)) (== net461) (&& (== netstandard2.0) (>= net452))
      DevExpress.Data (19.2.4) - restriction: || (&& (== net40) (>= net452)) (== net461) (&& (== netstandard2.0) (>= net452))
      DevExpress.Map.Core (19.2.4) - restriction: || (&& (== net40) (>= net452)) (== net461) (&& (== netstandard2.0) (>= net452))
      DevExpress.Printing.Core (19.2.4) - restriction: || (&& (== net40) (>= net452)) (== net461) (&& (== netstandard2.0) (>= net452))
      DevExpress.Utils (19.2.4) - restriction: || (&& (== net40) (>= net452)) (== net461) (&& (== netstandard2.0) (>= net452))
      DevExpress.Win.Navigation (19.2.4) - restriction: || (&& (== net40) (>= net452)) (== net461) (&& (== netstandard2.0) (>= net452))
      DevExpress.Win.Printing (19.2.4) - restriction: || (&& (== net40) (>= net452)) (== net461) (&& (== netstandard2.0) (>= net452))
    DevExpress.Win.Navigation (19.2.4) - restriction: || (&& (== net40) (>= net452)) (== net461) (&& (== netstandard2.0) (>= net452))
      DevExpress.Data (19.2.4) - restriction: || (&& (== net40) (>= net452)) (== net461) (&& (== netstandard2.0) (>= net452))
      DevExpress.Printing.Core (19.2.4) - restriction: || (&& (== net40) (>= net452)) (== net461) (&& (== netstandard2.0) (>= net452))
      DevExpress.Sparkline.Core (19.2.4) - restriction: || (&& (== net40) (>= net452)) (== net461) (&& (== netstandard2.0) (>= net452))
      DevExpress.Utils (19.2.4) - restriction: || (&& (== net40) (>= net452)) (== net461) (&& (== netstandard2.0) (>= net452))
    DevExpress.Win.PivotGrid (19.2.4) - restriction: || (&& (== net40) (>= net452)) (== net461) (&& (== netstandard2.0) (>= net452))
      DevExpress.Data (19.2.4) - restriction: || (&& (== net40) (>= net452)) (== net461) (&& (== netstandard2.0) (>= net452))
      DevExpress.PivotGrid.Core (19.2.4) - restriction: || (&& (== net40) (>= net452)) (== net461) (&& (== netstandard2.0) (>= net452))
      DevExpress.Printing.Core (19.2.4) - restriction: || (&& (== net40) (>= net452)) (== net461) (&& (== netstandard2.0) (>= net452))
      DevExpress.Utils (19.2.4) - restriction: || (&& (== net40) (>= net452)) (== net461) (&& (== netstandard2.0) (>= net452))
      DevExpress.Win.Navigation (19.2.4) - restriction: || (&& (== net40) (>= net452)) (== net461) (&& (== netstandard2.0) (>= net452))
    DevExpress.Win.Printing (19.2.4) - restriction: || (&& (== net40) (>= net452)) (== net461) (&& (== netstandard2.0) (>= net452))
      DevExpress.Data (19.2.4) - restriction: || (&& (== net40) (>= net452)) (== net461) (&& (== netstandard2.0) (>= net452))
      DevExpress.Printing.Core (19.2.4) - restriction: || (&& (== net40) (>= net452)) (== net461) (&& (== netstandard2.0) (>= net452))
      DevExpress.RichEdit.Core (19.2.4) - restriction: || (&& (== net40) (>= net452)) (== net461) (&& (== netstandard2.0) (>= net452))
      DevExpress.Utils (19.2.4) - restriction: || (&& (== net40) (>= net452)) (== net461) (&& (== netstandard2.0) (>= net452))
      DevExpress.Win.Navigation (19.2.4) - restriction: || (&& (== net40) (>= net452)) (== net461) (&& (== netstandard2.0) (>= net452))
      DevExpress.Win.TreeList (19.2.4) - restriction: || (&& (== net40) (>= net452)) (== net461) (&& (== netstandard2.0) (>= net452))
    DevExpress.Win.Reporting (19.2.4) - restriction: || (&& (== net40) (>= net452)) (== net461) (&& (== netstandard2.0) (>= net452))
      DevExpress.Charts (19.2.4) - restriction: || (&& (== net40) (>= net452)) (== net461) (&& (== netstandard2.0) (>= net452))
      DevExpress.Charts.Core (19.2.4) - restriction: || (&& (== net40) (>= net452)) (== net461) (&& (== netstandard2.0) (>= net452))
      DevExpress.CodeParser (19.2.4) - restriction: || (&& (== net40) (>= net452)) (== net461) (&& (== netstandard2.0) (>= net452))
      DevExpress.Data (19.2.4) - restriction: || (&& (== net40) (>= net452)) (== net461) (&& (== netstandard2.0) (>= net452))
      DevExpress.DataAccess (19.2.4) - restriction: || (&& (== net40) (>= net452)) (== net461) (&& (== netstandard2.0) (>= net452))
      DevExpress.DataAccess.UI (19.2.4) - restriction: || (&& (== net40) (>= net452)) (== net461) (&& (== netstandard2.0) (>= net452))
      DevExpress.Gauges.Core (19.2.4) - restriction: || (&& (== net40) (>= net452)) (== net461) (&& (== netstandard2.0) (>= net452))
      DevExpress.Office.Core (19.2.4) - restriction: || (&& (== net40) (>= net452)) (== net461) (&& (== netstandard2.0) (>= net452))
      DevExpress.PivotGrid.Core (19.2.4) - restriction: || (&& (== net40) (>= net452)) (== net461) (&& (== netstandard2.0) (>= net452))
      DevExpress.Printing.Core (19.2.4) - restriction: || (&& (== net40) (>= net452)) (== net461) (&& (== netstandard2.0) (>= net452))
      DevExpress.Reporting.Core (19.2.4) - restriction: || (&& (== net40) (>= net452)) (== net461) (&& (== netstandard2.0) (>= net452))
      DevExpress.RichEdit.Core (19.2.4) - restriction: || (&& (== net40) (>= net452)) (== net461) (&& (== netstandard2.0) (>= net452))
      DevExpress.Sparkline.Core (19.2.4) - restriction: || (&& (== net40) (>= net452)) (== net461) (&& (== netstandard2.0) (>= net452))
      DevExpress.Utils (19.2.4) - restriction: || (&& (== net40) (>= net452)) (== net461) (&& (== netstandard2.0) (>= net452))
      DevExpress.Utils.UI (19.2.4) - restriction: || (&& (== net40) (>= net452)) (== net461) (&& (== netstandard2.0) (>= net452))
      DevExpress.Win (19.2.4) - restriction: || (&& (== net40) (>= net452)) (== net461) (&& (== netstandard2.0) (>= net452))
      DevExpress.Win.Charts (19.2.4) - restriction: || (&& (== net40) (>= net452)) (== net461) (&& (== netstandard2.0) (>= net452))
      DevExpress.Win.Grid (19.2.4) - restriction: || (&& (== net40) (>= net452)) (== net461) (&& (== netstandard2.0) (>= net452))
      DevExpress.Win.Navigation (19.2.4) - restriction: || (&& (== net40) (>= net452)) (== net461) (&& (== netstandard2.0) (>= net452))
      DevExpress.Win.PivotGrid (19.2.4) - restriction: || (&& (== net40) (>= net452)) (== net461) (&& (== netstandard2.0) (>= net452))
      DevExpress.Win.Printing (19.2.4) - restriction: || (&& (== net40) (>= net452)) (== net461) (&& (== netstandard2.0) (>= net452))
      DevExpress.Win.RichEdit (19.2.4) - restriction: || (&& (== net40) (>= net452)) (== net461) (&& (== netstandard2.0) (>= net452))
      DevExpress.Win.TreeList (19.2.4) - restriction: || (&& (== net40) (>= net452)) (== net461) (&& (== netstandard2.0) (>= net452))
      DevExpress.Win.VerticalGrid (19.2.4) - restriction: || (&& (== net40) (>= net452)) (== net461) (&& (== netstandard2.0) (>= net452))
    DevExpress.Win.RichEdit (19.2.4) - restriction: || (&& (== net40) (>= net452)) (== net461) (&& (== netstandard2.0) (>= net452))
      DevExpress.Data (19.2.4) - restriction: || (&& (== net40) (>= net452)) (== net461) (&& (== netstandard2.0) (>= net452))
      DevExpress.Images (19.2.4) - restriction: || (&& (== net40) (>= net452)) (== net461) (&& (== netstandard2.0) (>= net452))
      DevExpress.Office.Core (19.2.4) - restriction: || (&& (== net40) (>= net452)) (== net461) (&& (== netstandard2.0) (>= net452))
      DevExpress.Pdf.Core (19.2.4) - restriction: || (&& (== net40) (>= net452)) (== net461) (&& (== netstandard2.0) (>= net452))
      DevExpress.Printing.Core (19.2.4) - restriction: || (&& (== net40) (>= net452)) (== net461) (&& (== netstandard2.0) (>= net452))
      DevExpress.RichEdit.Core (19.2.4) - restriction: || (&& (== net40) (>= net452)) (== net461) (&& (== netstandard2.0) (>= net452))
      DevExpress.Utils (19.2.4) - restriction: || (&& (== net40) (>= net452)) (== net461) (&& (== netstandard2.0) (>= net452))
      DevExpress.Win.Grid (19.2.4) - restriction: || (&& (== net40) (>= net452)) (== net461) (&& (== netstandard2.0) (>= net452))
      DevExpress.Win.Navigation (19.2.4) - restriction: || (&& (== net40) (>= net452)) (== net461) (&& (== netstandard2.0) (>= net452))
      DevExpress.Win.Printing (19.2.4) - restriction: || (&& (== net40) (>= net452)) (== net461) (&& (== netstandard2.0) (>= net452))
    DevExpress.Win.Scheduler (19.2.4) - restriction: || (&& (== net40) (>= net452)) (== net461) (&& (== netstandard2.0) (>= net452))
      DevExpress.Data (19.2.4) - restriction: || (&& (== net40) (>= net452)) (== net461) (&& (== netstandard2.0) (>= net452))
      DevExpress.Printing.Core (19.2.4) - restriction: || (&& (== net40) (>= net452)) (== net461) (&& (== netstandard2.0) (>= net452))
      DevExpress.Scheduler.Core (19.2.4) - restriction: || (&& (== net40) (>= net452)) (== net461) (&& (== netstandard2.0) (>= net452))
      DevExpress.Utils (19.2.4) - restriction: || (&& (== net40) (>= net452)) (== net461) (&& (== netstandard2.0) (>= net452))
      DevExpress.Win.Grid (19.2.4) - restriction: || (&& (== net40) (>= net452)) (== net461) (&& (== netstandard2.0) (>= net452))
      DevExpress.Win.Navigation (19.2.4) - restriction: || (&& (== net40) (>= net452)) (== net461) (&& (== netstandard2.0) (>= net452))
      DevExpress.Win.Printing (19.2.4) - restriction: || (&& (== net40) (>= net452)) (== net461) (&& (== netstandard2.0) (>= net452))
    DevExpress.Win.Spreadsheet (19.2.4) - restriction: || (&& (== net40) (>= net452)) (== net461) (&& (== netstandard2.0) (>= net452))
      DevExpress.Charts (19.2.4) - restriction: || (&& (== net40) (>= net452)) (== net461) (&& (== netstandard2.0) (>= net452))
      DevExpress.Charts.Core (19.2.4) - restriction: || (&& (== net40) (>= net452)) (== net461) (&& (== netstandard2.0) (>= net452))
      DevExpress.Data (19.2.4) - restriction: || (&& (== net40) (>= net452)) (== net461) (&& (== netstandard2.0) (>= net452))
      DevExpress.DataAccess (19.2.4) - restriction: || (&& (== net40) (>= net452)) (== net461) (&& (== netstandard2.0) (>= net452))
      DevExpress.DataAccess.UI (19.2.4) - restriction: || (&& (== net40) (>= net452)) (== net461) (&& (== netstandard2.0) (>= net452))
      DevExpress.Office.Core (19.2.4) - restriction: || (&& (== net40) (>= net452)) (== net461) (&& (== netstandard2.0) (>= net452))
      DevExpress.Printing.Core (19.2.4) - restriction: || (&& (== net40) (>= net452)) (== net461) (&& (== netstandard2.0) (>= net452))
      DevExpress.RichEdit.Core (19.2.4) - restriction: || (&& (== net40) (>= net452)) (== net461) (&& (== netstandard2.0) (>= net452))
      DevExpress.Spreadsheet.Core (19.2.4) - restriction: || (&& (== net40) (>= net452)) (== net461) (&& (== netstandard2.0) (>= net452))
      DevExpress.Utils (19.2.4) - restriction: || (&& (== net40) (>= net452)) (== net461) (&& (== netstandard2.0) (>= net452))
      DevExpress.Utils.UI (19.2.4) - restriction: || (&& (== net40) (>= net452)) (== net461) (&& (== netstandard2.0) (>= net452))
      DevExpress.Win (19.2.4) - restriction: || (&& (== net40) (>= net452)) (== net461) (&& (== netstandard2.0) (>= net452))
      DevExpress.Win.Grid (19.2.4) - restriction: || (&& (== net40) (>= net452)) (== net461) (&& (== netstandard2.0) (>= net452))
      DevExpress.Win.Navigation (19.2.4) - restriction: || (&& (== net40) (>= net452)) (== net461) (&& (== netstandard2.0) (>= net452))
      DevExpress.Win.Printing (19.2.4) - restriction: || (&& (== net40) (>= net452)) (== net461) (&& (== netstandard2.0) (>= net452))
      DevExpress.Win.RichEdit (19.2.4) - restriction: || (&& (== net40) (>= net452)) (== net461) (&& (== netstandard2.0) (>= net452))
      DevExpress.Win.TreeList (19.2.4) - restriction: || (&& (== net40) (>= net452)) (== net461) (&& (== netstandard2.0) (>= net452))
    DevExpress.Win.TreeList (19.2.4) - restriction: || (&& (== net40) (>= net452)) (== net461) (&& (== netstandard2.0) (>= net452))
      DevExpress.Data (19.2.4) - restriction: || (&& (== net40) (>= net452)) (== net461) (&& (== netstandard2.0) (>= net452))
      DevExpress.Printing.Core (19.2.4) - restriction: || (&& (== net40) (>= net452)) (== net461) (&& (== netstandard2.0) (>= net452))
      DevExpress.Utils (19.2.4) - restriction: || (&& (== net40) (>= net452)) (== net461) (&& (== netstandard2.0) (>= net452))
      DevExpress.Win.Navigation (19.2.4) - restriction: || (&& (== net40) (>= net452)) (== net461) (&& (== netstandard2.0) (>= net452))
    DevExpress.Win.TreeMap (19.2.4) - restriction: || (&& (== net40) (>= net452)) (== net461) (&& (== netstandard2.0) (>= net452))
      DevExpress.Data (19.2.4) - restriction: || (&& (== net40) (>= net452)) (== net461) (&& (== netstandard2.0) (>= net452))
      DevExpress.Printing.Core (19.2.4) - restriction: || (&& (== net40) (>= net452)) (== net461) (&& (== netstandard2.0) (>= net452))
      DevExpress.TreeMap.Core (19.2.4) - restriction: || (&& (== net40) (>= net452)) (== net461) (&& (== netstandard2.0) (>= net452))
      DevExpress.Utils (19.2.4) - restriction: || (&& (== net40) (>= net452)) (== net461) (&& (== netstandard2.0) (>= net452))
      DevExpress.Win.Navigation (19.2.4) - restriction: || (&& (== net40) (>= net452)) (== net461) (&& (== netstandard2.0) (>= net452))
      DevExpress.Win.Printing (19.2.4) - restriction: || (&& (== net40) (>= net452)) (== net461) (&& (== netstandard2.0) (>= net452))
    DevExpress.Win.VerticalGrid (19.2.4) - restriction: || (&& (== net40) (>= net452)) (== net461) (&& (== netstandard2.0) (>= net452))
      DevExpress.Data (19.2.4) - restriction: || (&& (== net40) (>= net452)) (== net461) (&& (== netstandard2.0) (>= net452))
      DevExpress.Printing.Core (19.2.4) - restriction: || (&& (== net40) (>= net452)) (== net461) (&& (== netstandard2.0) (>= net452))
      DevExpress.Utils (19.2.4) - restriction: || (&& (== net40) (>= net452)) (== net461) (&& (== netstandard2.0) (>= net452))
      DevExpress.Win.Navigation (19.2.4) - restriction: || (&& (== net40) (>= net452)) (== net461) (&& (== netstandard2.0) (>= net452))
      DevExpress.Win.Printing (19.2.4) - restriction: || (&& (== net40) (>= net452)) (== net461) (&& (== netstandard2.0) (>= net452))
  remote: https://xpandnugetserver.azurewebsites.net/nuget
    DevExpress.ExpressApp.Reports (19.2.4)
    DevExpress.ExpressApp.Reports.Win (19.2.4)
    Xpand.Extensions (2.192.1.1)
      Fasterflect.Xpand (>= 2.0.7)
      JetBrains.Annotations (>= 2019.1.3)
      System.CodeDom (>= 4.6)
      System.Reflection.Emit (>= 4.7)
    Xpand.Extensions.Reactive (2.192.1.1)
      Fasterflect.Xpand (>= 2.0.7)
      JetBrains.Annotations (>= 2019.1.3)
      System.CodeDom (>= 4.6)
      System.Reactive (>= 4.2)
      System.Reflection.Emit (>= 4.7)
      Xpand.Extensions (>= 2.192.1.1)
    Xpand.Extensions.XAF (2.192.1.1)
      Fasterflect.Xpand (>= 2.0.7)
      JetBrains.Annotations (>= 2019.1.3)
      System.Reflection.Emit (>= 4.7)
      Xpand.Extensions (>= 2.192.1.1)
      Xpand.Patcher (>= 1.0.1)
      Xpand.VersionConverter (>= 2.192)
    Xpand.VersionConverter (2.192.0)
    Xpand.XAF.Core.All (2.192.9)
      Xpand.XAF.Modules.AutoCommit (>= 2.192.1.1)
      Xpand.XAF.Modules.CloneMemberValue (>= 2.192.1.1)
      Xpand.XAF.Modules.CloneModelView (>= 2.192.1.1)
      Xpand.XAF.Modules.HideToolBar (>= 2.192.1.1)
      Xpand.XAF.Modules.MasterDetail (>= 2.192.1.1)
      Xpand.XAF.Modules.ModelMapper (>= 2.192.1.1)
      Xpand.XAF.Modules.ModelViewInheritance (>= 2.192.1.1)
      Xpand.XAF.Modules.ProgressBarViewItem (>= 2.192.1.1)
      Xpand.XAF.Modules.Reactive (>= 2.192.1.1)
      Xpand.XAF.Modules.Reactive.Logger (>= 2.192.1.1)
      Xpand.XAF.Modules.Reactive.Logger.Hub (>= 2.192.1.1)
      Xpand.XAF.Modules.RefreshView (>= 2.192.1.1)
      Xpand.XAF.Modules.SuppressConfirmation (>= 2.192.1.1)
      Xpand.XAF.Modules.ViewEditMode (>= 2.192.1.1)
    Xpand.XAF.Modules.AutoCommit (2.192.1.2)
      Fasterflect.Xpand (>= 2.0.7)
      JetBrains.Annotations (>= 2019.1.3)
      System.Reactive (>= 4.2)
      Xpand.Extensions (>= 2.192.1.1)
      Xpand.Extensions.Reactive (>= 2.192.1.1)
      Xpand.Extensions.XAF (>= 2.192.1.1)
      Xpand.VersionConverter (>= 2.192)
      Xpand.XAF.Modules.Reactive (>= 2.192.1.2)
    Xpand.XAF.Modules.CloneMemberValue (2.192.1.2)
      Fasterflect.Xpand (>= 2.0.7)
      JetBrains.Annotations (>= 2019.1.3)
      System.Reactive (>= 4.2)
      Xpand.Extensions.Reactive (>= 2.192.1.1)
      Xpand.VersionConverter (>= 2.192)
      Xpand.XAF.Modules.Reactive (>= 2.192.1.2)
    Xpand.XAF.Modules.CloneModelView (2.192.1.2)
      Fasterflect.Xpand (>= 2.0.7)
      JetBrains.Annotations (>= 2019.1.3)
      System.ValueTuple (>= 4.5)
      Xpand.Extensions.XAF (>= 2.192.1.1)
      Xpand.Patcher (>= 1.0.1)
      Xpand.VersionConverter (>= 2.192)
    Xpand.XAF.Modules.GridListEditor (2.192.1.2)
      Fasterflect.Xpand (>= 2.0.7)
      JetBrains.Annotations (>= 2019.1.3)
      System.Reactive (>= 4.2)
      Xpand.Extensions.Reactive (>= 2.192.1.1)
      Xpand.VersionConverter (>= 2.192)
      Xpand.XAF.Modules.Reactive (>= 2.192.1.2)
    Xpand.XAF.Modules.HideToolBar (2.192.1.2)
      Fasterflect.Xpand (>= 2.0.7)
      JetBrains.Annotations (>= 2019.1.3)
      System.Reactive (>= 4.2)
      Xpand.Extensions.Reactive (>= 2.192.1.1)
      Xpand.Extensions.XAF (>= 2.192.1.1)
      Xpand.VersionConverter (>= 2.192)
      Xpand.XAF.Modules.Reactive (>= 2.192.1.2)
    Xpand.XAF.Modules.MasterDetail (2.192.1.2)
      Fasterflect.Xpand (>= 2.0.7)
      JetBrains.Annotations (>= 2019.1.3)
      System.Reactive (>= 4.2)
      Xpand.Extensions.Reactive (>= 2.192.1.1)
      Xpand.Extensions.XAF (>= 2.192.1.1)
      Xpand.Patcher (>= 1.0.1)
      Xpand.VersionConverter (>= 2.192)
      Xpand.XAF.Modules.Reactive (>= 2.192.1.2)
    Xpand.XAF.Modules.ModelMapper (2.192.1.2)
      Enums.NET (>= 3.0)
      Fasterflect.Xpand (>= 2.0.7)
      JetBrains.Annotations (>= 2019.1.3)
      Mono.Cecil (>= 0.11.1)
      System.CodeDom (>= 4.6)
      System.Interactive (>= 4.0)
      System.Reactive (>= 4.2)
      Xpand.Collections (>= 1.0.1)
      Xpand.Extensions (>= 2.192.1.1)
      Xpand.Extensions.Reactive (>= 2.192.1.1)
      Xpand.Extensions.XAF (>= 2.192.1.1)
      Xpand.VersionConverter (>= 2.192)
      Xpand.XAF.Modules.Reactive (>= 2.192.1.2)
    Xpand.XAF.Modules.ModelViewInheritance (2.192.1.2)
      Fasterflect.Xpand (>= 2.0.7)
      JetBrains.Annotations (>= 2019.1.3)
      System.ValueTuple (>= 4.5)
      Xpand.Extensions (>= 2.192.1.1)
      Xpand.Extensions.XAF (>= 2.192.1.1)
      Xpand.VersionConverter (>= 2.192)
    Xpand.XAF.Modules.OneView (2.192.1.2)
      Fasterflect.Xpand (>= 2.0.7)
      JetBrains.Annotations (>= 2019.1.3)
      System.Reactive (>= 4.2)
      Xpand.Extensions.Reactive (>= 2.192.1.1)
      Xpand.Extensions.XAF (>= 2.192.1.1)
      Xpand.VersionConverter (>= 2.192)
      Xpand.XAF.Modules.Reactive (>= 2.192.1.2)
      Xpand.XAF.Modules.Reactive.Win (>= 2.192.1.2)
    Xpand.XAF.Modules.ProgressBarViewItem (2.192.1.2)
      Fasterflect.Xpand (>= 2.0.7)
      JetBrains.Annotations (>= 2019.1.3)
      System.Reactive (>= 4.2)
      Xpand.Extensions (>= 2.192.1.1)
      Xpand.Extensions.Reactive (>= 2.192.1.1)
      Xpand.Extensions.XAF (>= 2.192.1.1)
      Xpand.VersionConverter (>= 2.192)
      Xpand.XAF.Modules.Reactive (>= 2.192.1.2)
    Xpand.XAF.Modules.Reactive (2.192.1.2)
      Fasterflect.Xpand (>= 2.0.7)
      JetBrains.Annotations (>= 2019.1.3)
      System.Interactive (>= 4.0)
      System.Reactive (>= 4.2)
      Xpand.Extensions (>= 2.192.1.1)
      Xpand.Extensions.Reactive (>= 2.192.1.1)
      Xpand.Extensions.XAF (>= 2.192.1.1)
      Xpand.Patcher (>= 1.0.1)
      Xpand.VersionConverter (>= 2.192)
    Xpand.XAF.Modules.Reactive.Logger (2.192.1.2)
      Fasterflect.Xpand (>= 2.0.7)
      JetBrains.Annotations (>= 2019.1.3)
      System.Reactive (>= 4.2)
      Xpand.Extensions (>= 2.192.1.1)
      Xpand.Extensions.Reactive (>= 2.192.1.1)
      Xpand.Extensions.XAF (>= 2.192.1.1)
      Xpand.Patcher (>= 1.0.1)
      Xpand.VersionConverter (>= 2.192)
      Xpand.XAF.Modules.Reactive (>= 2.192.1.2)
    Xpand.XAF.Modules.Reactive.Logger.Hub (2.192.1.2)
      Fasterflect.Xpand (>= 2.0.7)
      JetBrains.Annotations (>= 2019.1.3)
      MagicOnion (>= 2.6.3)
      System.Interactive.Async (>= 4.0)
      System.Reactive (>= 4.2)
      Xpand.Extensions.Reactive (>= 2.192.1.1)
      Xpand.VersionConverter (>= 2.192)
      Xpand.XAF.Modules.Reactive (>= 2.192.1.2)
      Xpand.XAF.Modules.Reactive.Logger (>= 2.192.1.2)
    Xpand.XAF.Modules.Reactive.Win (2.192.1.2)
      Fasterflect.Xpand (>= 2.0.7)
      JetBrains.Annotations (>= 2019.1.3)
      System.Interactive (>= 4.0)
      System.Reactive (>= 4.2)
      Xpand.Patcher (>= 1.0.1)
      Xpand.VersionConverter (>= 2.192)
      Xpand.XAF.Modules.Reactive (>= 2.192.1.2)
    Xpand.XAF.Modules.RefreshView (2.192.1.2)
      Fasterflect.Xpand (>= 2.0.7)
      JetBrains.Annotations (>= 2019.1.3)
      System.Reactive (>= 4.2)
      Xpand.Extensions.Reactive (>= 2.192.1.1)
      Xpand.VersionConverter (>= 2.192)
      Xpand.XAF.Modules.Reactive (>= 2.192.1.2)
    Xpand.XAF.Modules.SuppressConfirmation (2.192.1.2)
      Fasterflect.Xpand (>= 2.0.7)
      JetBrains.Annotations (>= 2019.1.3)
      System.Reactive (>= 4.2)
      Xpand.Extensions.Reactive (>= 2.192.1.1)
      Xpand.VersionConverter (>= 2.192)
      Xpand.XAF.Modules.Reactive (>= 2.192.1.2)
    Xpand.XAF.Modules.ViewEditMode (2.192.1.2)
      Fasterflect.Xpand (>= 2.0.7)
      JetBrains.Annotations (>= 2019.1.3)
      System.Reactive (>= 4.2)
      Xpand.Extensions.Reactive (>= 2.192.1.1)
      Xpand.VersionConverter (>= 2.192)
      Xpand.XAF.Modules.Reactive (>= 2.192.1.2)
    Xpand.XAF.Web.All (2.192.9)
      Xpand.XAF.Core.All (>= 2.192.9)
    Xpand.XAF.Win.All (2.192.9)
      Xpand.XAF.Core.All (>= 2.192.9)
      Xpand.XAF.Modules.GridListEditor (>= 2.192.1.1)
      Xpand.XAF.Modules.OneView (>= 2.192.1.1)
      Xpand.XAF.Modules.Reactive.Win (>= 2.192.1.1)
